{
  "aor": 0.0004530232558139535,
  "aqi": 0.006013641209302326,
  "bids_meta": {
    "AcquisitionMatrixPE": 64,
    "AcquisitionNumber": 1,
    "AcquisitionTime": "13:13:19.500000",
    "BandwidthPerPixelPhaseEncode": 58.962,
    "BaseResolution": 64,
    "CoilString": "T:HEA;HEP",
    "ConversionSoftware": "dcm2niix",
    "ConversionSoftwareVersion": "v1.0.20190902",
    "DerivedVendorReportedEchoSpacing": 0.000530002,
    "DeviceSerialNumber": "35370",
    "DwellTime": 3.5e-06,
    "EchoTime": 0.03,
    "EffectiveEchoSpacing": 0.000265001,
    "FlipAngle": 70,
    "ImageOrientationPatientDICOM": [
      0.999234,
      0.00154813,
      0.0390912,
      0.00348804,
      0.991712,
      -0.128435
    ],
    "ImageType": [
      "ORIGINAL",
      "PRIMARY",
      "M",
      "ND",
      "MOSAIC"
    ],
    "ImagingFrequency": 123.243,
    "InPlanePhaseEncodingDirectionDICOM": "COL",
    "InstitutionAddress": "Habelschwerdter_Allee_45_Berlin_District_DE_14195",
    "InstitutionName": "D.I.N.E",
    "InstitutionalDepartmentName": "Department",
    "MRAcquisitionType": "2D",
    "MagneticFieldStrength": 3,
    "Manufacturer": "Siemens",
    "ManufacturersModelName": "TrioTim",
    "Modality": "MR",
    "ParallelReductionFactorInPlane": 2,
    "PartialFourier": 1,
    "PatientPosition": "HFS",
    "PercentPhaseFOV": 100,
    "PhaseEncodingDirection": "j-",
    "PhaseEncodingSteps": 63,
    "PhaseResolution": 1,
    "PixelBandwidth": 2232,
    "ProcedureStepDescription": "Projekte_fMRI_12ch_localizer",
    "ProtocolName": "NIN_EPI_3x3x3_TR2000_sentence_215",
    "PulseSequenceDetails": "%CustomerSeq%_nin_ep2d_bold_v5a",
    "ReceiveCoilName": "HeadMatrix",
    "ReconMatrixPE": 64,
    "RefLinesPE": 24,
    "RepetitionTime": 2,
    "SAR": 0.108812,
    "ScanOptions": "FS",
    "ScanningSequence": "EP",
    "SequenceName": "ninepbo2d1_64",
    "SequenceVariant": "SK",
    "SeriesDescription": "NIN_EPI_3x3x3_TR2000_sentence_215",
    "SeriesNumber": 5,
    "ShimSetting": [
      -6785,
      -5571,
      -10628,
      647,
      656,
      1740,
      184,
      109
    ],
    "SliceThickness": 3,
    "SliceTiming": [
      0,
      1.03,
      0.055,
      1.085,
      0.1075,
      1.14,
      0.1625,
      1.195,
      0.2175,
      1.2475,
      0.2725,
      1.3025,
      0.325,
      1.3575,
      0.38,
      1.41,
      0.435,
      1.465,
      0.4875,
      1.52,
      0.5425,
      1.575,
      0.5975,
      1.6275,
      0.6525,
      1.6825,
      0.705,
      1.7375,
      0.76,
      1.79,
      0.815,
      1.845,
      0.8675,
      1.9,
      0.9225,
      1.9525,
      0.9775
    ],
    "SoftwareVersions": "syngo_MR_B17",
    "SpacingBetweenSlices": 3.3,
    "StationName": "MRC35370",
    "TotalReadoutTime": 0.0166951,
    "TxRefAmp": 292.401,
    "dataset": "ds002842",
    "modality": "bold",
    "run_id": 2,
    "subject_id": "19",
    "task_id": "silentreading"
  },
  "dummy_trs": 0,
  "dvars_nstd": 29.263248095794395,
  "dvars_std": 1.0831445382710274,
  "dvars_vstd": 1.0061439047196266,
  "efc": 0.5450796273041676,
  "fber": 868.1920166015625,
  "fd_mean": 0.056180393759698063,
  "fd_num": 2,
  "fd_perc": 0.9302325581395349,
  "fwhm_avg": 1.9352560698511698,
  "fwhm_x": 1.8451833333333332,
  "fwhm_y": 2.0411333333333332,
  "fwhm_z": 1.919451542886843,
  "gcor": 0.00721923,
  "gsr_x": 0.00046617077896371484,
  "gsr_y": 0.0246382225304842,
  "provenance": {
    "md5sum": "064e22a3aa7bb0de2b8e312556b08be3",
    "settings": {
      "fd_thres": 0.2,
      "testing": false
    },
    "software": "mriqc",
    "version": "23.0.1",
    "webapi_port": null,
    "webapi_url": "https://mriqc.nimh.nih.gov/api/v1"
  },
  "size_t": 215,
  "size_x": 64,
  "size_y": 64,
  "size_z": 37,
  "snr": 4.834751167582804,
  "spacing_tr": 2.0,
  "spacing_x": 3.0,
  "spacing_y": 3.0,
  "spacing_z": 3.299999952316284,
  "summary_bg_k": 74.50278596867386,
  "summary_bg_mad": 7.730221139789529,
  "summary_bg_mean": 49.24315643310547,
  "summary_bg_median": 30.455814361572266,
  "summary_bg_n": 86674.0,
  "summary_bg_p05": 23.595348358154297,
  "summary_bg_p95": 130.33511123657132,
  "summary_bg_stdv": 68.18628692626953,
  "summary_fg_k": 2.165187288822904,
  "summary_fg_mad": 162.84490491716195,
  "summary_fg_mean": 926.6965942382812,
  "summary_fg_median": 905.91162109375,
  "summary_fg_n": 31545.0,
  "summary_fg_p05": 667.420458984375,
  "summary_fg_p95": 1262.7087890624998,
  "summary_fg_stdv": 187.37205505371094,
  "tsnr": 51.648177915485576
}