{
  "aor": 0.0017672558139534885,
  "aqi": 0.008756319720930232,
  "bids_meta": {
    "AcquisitionMatrixPE": 64,
    "AcquisitionNumber": 1,
    "AcquisitionTime": "10:07:32.630000",
    "BandwidthPerPixelPhaseEncode": 58.962,
    "BaseResolution": 64,
    "CoilString": "T:HEA;HEP",
    "ConversionSoftware": "dcm2niix",
    "ConversionSoftwareVersion": "v1.0.20190902",
    "DerivedVendorReportedEchoSpacing": 0.000530002,
    "DeviceSerialNumber": "35370",
    "DwellTime": 3.5e-06,
    "EchoTime": 0.03,
    "EffectiveEchoSpacing": 0.000265001,
    "FlipAngle": 70,
    "ImageOrientationPatientDICOM": [
      0.999995,
      0.00319863,
      0.000665548,
      -0.00314159,
      0.997333,
      -0.0729162
    ],
    "ImageType": [
      "ORIGINAL",
      "PRIMARY",
      "M",
      "ND",
      "MOSAIC"
    ],
    "ImagingFrequency": 123.243,
    "InPlanePhaseEncodingDirectionDICOM": "COL",
    "InstitutionAddress": "Habelschwerdter_Allee_45_Berlin_District_DE_14195",
    "InstitutionName": "Freie_Universitaet",
    "InstitutionalDepartmentName": "Department",
    "MRAcquisitionType": "2D",
    "MagneticFieldStrength": 3,
    "Manufacturer": "Siemens",
    "ManufacturersModelName": "TrioTim",
    "Modality": "MR",
    "ParallelReductionFactorInPlane": 2,
    "PartialFourier": 1,
    "PatientPosition": "HFS",
    "PercentPhaseFOV": 100,
    "PhaseEncodingDirection": "j-",
    "PhaseEncodingSteps": 63,
    "PhaseResolution": 1,
    "PixelBandwidth": 2232,
    "ProcedureStepDescription": "Projekte_fMRI_12ch_localizer",
    "ProtocolName": "NIN_EPI_3x3x3_TR2000_sentence_215",
    "PulseSequenceDetails": "%CustomerSeq%_nin_ep2d_bold_v5a",
    "ReceiveCoilName": "HeadMatrix",
    "ReconMatrixPE": 64,
    "RefLinesPE": 24,
    "RepetitionTime": 2,
    "SAR": 0.145706,
    "ScanOptions": "FS",
    "ScanningSequence": "EP",
    "SequenceName": "ninepbo2d1_64",
    "SequenceVariant": "SK",
    "SeriesDescription": "NIN_EPI_3x3x3_TR2000_sentence_215",
    "SeriesNumber": 4,
    "ShimSetting": [
      -6791,
      -5452,
      -10956,
      167,
      600,
      1680,
      582,
      110
    ],
    "SliceThickness": 3,
    "SliceTiming": [
      0,
      1.03,
      0.055,
      1.085,
      0.1075,
      1.14,
      0.1625,
      1.1925,
      0.2175,
      1.2475,
      0.27,
      1.3025,
      0.325,
      1.3575,
      0.38,
      1.41,
      0.435,
      1.465,
      0.4875,
      1.52,
      0.5425,
      1.5725,
      0.5975,
      1.6275,
      0.65,
      1.6825,
      0.705,
      1.7375,
      0.76,
      1.79,
      0.815,
      1.845,
      0.8675,
      1.9,
      0.9225,
      1.9525,
      0.9775
    ],
    "SoftwareVersions": "syngo_MR_B17",
    "SpacingBetweenSlices": 3.3,
    "StationName": "MRC35370",
    "TotalReadoutTime": 0.0166951,
    "TxRefAmp": 291.356,
    "dataset": "ds002842",
    "modality": "bold",
    "run_id": 1,
    "subject_id": "04",
    "task_id": "silentreading"
  },
  "dummy_trs": 0,
  "dvars_nstd": 30.20485068705609,
  "dvars_std": 1.0781961684579442,
  "dvars_vstd": 1.0111311908878502,
  "efc": 0.5469243253747184,
  "fber": 862.6751708984375,
  "fd_mean": 0.089493462387848,
  "fd_num": 1,
  "fd_perc": 0.46511627906976744,
  "fwhm_avg": 1.8526141500815436,
  "fwhm_x": 1.77255,
  "fwhm_y": 1.9857833333333332,
  "fwhm_z": 1.7995091169112976,
  "gcor": 0.00356583,
  "gsr_x": -0.00671911658719182,
  "gsr_y": 0.04163992404937744,
  "provenance": {
    "md5sum": "cd4e43e52688bfe5db3d23cd63081b45",
    "settings": {
      "fd_thres": 0.2,
      "testing": false
    },
    "software": "mriqc",
    "version": "23.0.1",
    "webapi_port": null,
    "webapi_url": "https://mriqc.nimh.nih.gov/api/v1"
  },
  "size_t": 215,
  "size_x": 64,
  "size_y": 64,
  "size_z": 37,
  "snr": 5.086458337080205,
  "spacing_tr": 2.0,
  "spacing_x": 3.0,
  "spacing_y": 3.0,
  "spacing_z": 3.299999952316284,
  "summary_bg_k": 65.17220831615938,
  "summary_bg_mad": 8.509446402088706,
  "summary_bg_mean": 49.76052474975586,
  "summary_bg_median": 29.162790298461914,
  "summary_bg_n": 87375.0,
  "summary_bg_p05": 21.562789916992188,
  "summary_bg_p95": 149.14326019287117,
  "summary_bg_stdv": 68.25982666015625,
  "summary_fg_k": 1.4762991513239019,
  "summary_fg_mad": 152.8907747939354,
  "summary_fg_mean": 886.7166137695312,
  "summary_fg_median": 868.1255493164062,
  "summary_fg_n": 30394.0,
  "summary_fg_p05": 653.041616821289,
  "summary_fg_p95": 1195.4797424316405,
  "summary_fg_stdv": 170.6710662841797,
  "tsnr": 46.26680077170022
}