{
  "aor": 0.0005714018691588785,
  "aqi": 0.007980089112149532,
  "bids_meta": {
    "AcquisitionMatrixPE": 64,
    "AcquisitionNumber": 1,
    "AcquisitionTime": "10:15:55.655000",
    "BandwidthPerPixelPhaseEncode": 58.962,
    "BaseResolution": 64,
    "CoilString": "T:HEA;HEP",
    "ConversionSoftware": "dcm2niix",
    "ConversionSoftwareVersion": "v1.0.20190902",
    "DerivedVendorReportedEchoSpacing": 0.000530002,
    "DeviceSerialNumber": "35370",
    "DwellTime": 3.5e-06,
    "EchoTime": 0.03,
    "EffectiveEchoSpacing": 0.000265001,
    "FlipAngle": 70,
    "ImageOrientationPatientDICOM": [
      0.999995,
      0.00319863,
      0.000665548,
      -0.00314159,
      0.997333,
      -0.0729162
    ],
    "ImageType": [
      "ORIGINAL",
      "PRIMARY",
      "M",
      "ND",
      "MOSAIC"
    ],
    "ImagingFrequency": 123.243,
    "InPlanePhaseEncodingDirectionDICOM": "COL",
    "InstitutionAddress": "Habelschwerdter_Allee_45_Berlin_District_DE_14195",
    "InstitutionName": "Freie_Universitaet",
    "InstitutionalDepartmentName": "Department",
    "MRAcquisitionType": "2D",
    "MagneticFieldStrength": 3,
    "Manufacturer": "Siemens",
    "ManufacturersModelName": "TrioTim",
    "Modality": "MR",
    "ParallelReductionFactorInPlane": 2,
    "PartialFourier": 1,
    "PatientPosition": "HFS",
    "PercentPhaseFOV": 100,
    "PhaseEncodingDirection": "j-",
    "PhaseEncodingSteps": 63,
    "PhaseResolution": 1,
    "PixelBandwidth": 2232,
    "ProcedureStepDescription": "Projekte_fMRI_12ch_localizer",
    "ProtocolName": "NIN_EPI_3x3x3_TR2000_sentence_215",
    "PulseSequenceDetails": "%CustomerSeq%_nin_ep2d_bold_v5a",
    "ReceiveCoilName": "HeadMatrix",
    "ReconMatrixPE": 64,
    "RefLinesPE": 24,
    "RepetitionTime": 2,
    "SAR": 0.145706,
    "ScanOptions": "FS",
    "ScanningSequence": "EP",
    "SequenceName": "ninepbo2d1_64",
    "SequenceVariant": "SK",
    "SeriesDescription": "NIN_EPI_3x3x3_TR2000_sentence_215",
    "SeriesNumber": 5,
    "ShimSetting": [
      -6791,
      -5452,
      -10956,
      167,
      600,
      1680,
      582,
      110
    ],
    "SliceThickness": 3,
    "SliceTiming": [
      0,
      1.03,
      0.055,
      1.085,
      0.1075,
      1.14,
      0.1625,
      1.1925,
      0.2175,
      1.2475,
      0.27,
      1.3025,
      0.325,
      1.3575,
      0.38,
      1.41,
      0.435,
      1.465,
      0.4875,
      1.52,
      0.5425,
      1.5725,
      0.5975,
      1.6275,
      0.65,
      1.6825,
      0.705,
      1.7375,
      0.76,
      1.79,
      0.815,
      1.845,
      0.8675,
      1.9,
      0.9225,
      1.9525,
      0.9775
    ],
    "SoftwareVersions": "syngo_MR_B17",
    "SpacingBetweenSlices": 3.3,
    "StationName": "MRC35370",
    "TotalReadoutTime": 0.0166951,
    "TxRefAmp": 291.356,
    "dataset": "ds002842",
    "modality": "bold",
    "run_id": 2,
    "subject_id": "04",
    "task_id": "silentreading"
  },
  "dummy_trs": 1,
  "dvars_nstd": 29.40291133413146,
  "dvars_std": 1.0602699583098598,
  "dvars_vstd": 1.00285124140845,
  "efc": 0.5464852842898127,
  "fber": 883.9747314453125,
  "fd_mean": 0.10057991161670496,
  "fd_num": 11,
  "fd_perc": 5.140186915887851,
  "fwhm_avg": 1.8546964733854583,
  "fwhm_x": 1.7634666666666667,
  "fwhm_y": 1.98625,
  "fwhm_z": 1.8143727534897074,
  "gcor": 0.0113559,
  "gsr_x": -0.007301940117031336,
  "gsr_y": 0.04138355702161789,
  "provenance": {
    "md5sum": "c3b70b0bbffb24519d7fc58d1206b3d0",
    "settings": {
      "fd_thres": 0.2,
      "testing": false
    },
    "software": "mriqc",
    "version": "23.0.1",
    "webapi_port": null,
    "webapi_url": "https://mriqc.nimh.nih.gov/api/v1"
  },
  "size_t": 214,
  "size_x": 64,
  "size_y": 64,
  "size_z": 37,
  "snr": 5.080526584844804,
  "spacing_tr": 2.0,
  "spacing_x": 3.0,
  "spacing_y": 3.0,
  "spacing_z": 3.299999952316284,
  "summary_bg_k": 63.395373631429294,
  "summary_bg_mad": 7.752484718712362,
  "summary_bg_mean": 49.53942108154297,
  "summary_bg_median": 28.864484786987305,
  "summary_bg_n": 87437.0,
  "summary_bg_p05": 21.943923950195312,
  "summary_bg_p95": 148.3784942626953,
  "summary_bg_stdv": 68.29557037353516,
  "summary_fg_k": 1.4787166316989682,
  "summary_fg_mad": 154.82456443074355,
  "summary_fg_mean": 889.225830078125,
  "summary_fg_median": 871.7476196289062,
  "summary_fg_n": 30382.0,
  "summary_fg_p05": 653.599285888672,
  "summary_fg_p95": 1200.9691711425774,
  "summary_fg_stdv": 171.583251953125,
  "tsnr": 47.7802813379094
}