{
  "bids_meta": {
    "AcquisitionMatrixPE": 256,
    "AcquisitionNumber": 1,
    "AcquisitionTime": "14:23:37.275000",
    "BaseResolution": 256,
    "CoilString": "T:HEA;HEP",
    "ConversionSoftware": "dcm2niix",
    "ConversionSoftwareVersion": "v1.0.20190902",
    "DeviceSerialNumber": "35370",
    "DwellTime": 1.15e-05,
    "EchoTime": 0.00252,
    "FlipAngle": 9,
    "ImageOrientationPatientDICOM": [
      0,
      1,
      0,
      0,
      0,
      -1
    ],
    "ImageType": [
      "ORIGINAL",
      "PRIMARY",
      "M",
      "ND",
      "NORM"
    ],
    "ImagingFrequency": 123.243,
    "InPlanePhaseEncodingDirectionDICOM": "ROW",
    "InstitutionAddress": "Habelschwerdter_Allee_45_Berlin_District_DE_14195",
    "InstitutionName": "D.I.N.E",
    "InstitutionalDepartmentName": "Department",
    "InversionTime": 0.9,
    "MRAcquisitionType": "3D",
    "MagneticFieldStrength": 3,
    "Manufacturer": "Siemens",
    "ManufacturersModelName": "TrioTim",
    "Modality": "MR",
    "ParallelReductionFactorInPlane": 2,
    "PartialFourier": 1,
    "PatientPosition": "HFS",
    "PercentPhaseFOV": 100,
    "PhaseEncodingSteps": 255,
    "PhaseResolution": 1,
    "PixelBandwidth": 170,
    "ProcedureStepDescription": "Projekte_fMRI_12ch_localizer",
    "ProtocolName": "t1_mpr_1x1x1_176",
    "PulseSequenceDetails": "%SiemensSeq%_tfl",
    "ReceiveCoilName": "HeadMatrix",
    "ReconMatrixPE": 256,
    "RefLinesPE": 24,
    "RepetitionTime": 1.9,
    "SAR": 0.110397,
    "ScanOptions": "IR",
    "ScanningSequence": "GR_IR",
    "SequenceName": "_tfl3d1_ns",
    "SequenceVariant": "SP_MP",
    "SeriesDescription": "t1_mpr_1x1x1_176",
    "SeriesNumber": 6,
    "ShimSetting": [
      -6816,
      -5703,
      -10851,
      -255,
      469,
      274,
      337,
      55
    ],
    "SliceThickness": 1,
    "SoftwareVersions": "syngo_MR_B17",
    "StationName": "MRC35370",
    "TxRefAmp": 329.26,
    "dataset": "ds002842",
    "modality": "T1w",
    "subject_id": "11"
  },
  "cjv": 0.400155076387706,
  "cnr": 3.420969020568509,
  "efc": 0.5834632187950805,
  "fber": 12953.691632653059,
  "fwhm_avg": 4.246016666666666,
  "fwhm_x": 4.20761,
  "fwhm_y": 4.22007,
  "fwhm_z": 4.31037,
  "icvs_csf": 0.21108294301960945,
  "icvs_gm": 0.4287479321870951,
  "icvs_wm": 0.36016912479329544,
  "inu_med": 0.5306205153465271,
  "inu_range": 0.2410785794258118,
  "provenance": {
    "md5sum": "b5886b02a0e4da595dff9a0eddf05241",
    "settings": {
      "testing": false
    },
    "software": "mriqc",
    "version": "23.0.1",
    "warnings": {
      "large_rot_frame": true,
      "small_air_mask": false
    },
    "webapi_port": null,
    "webapi_url": "https://mriqc.nimh.nih.gov/api/v1"
  },
  "qi_1": 0.0,
  "qi_2": 0.008987457204657955,
  "rpve_csf": 24.960243955565236,
  "rpve_gm": 12.646616859004292,
  "rpve_wm": 17.0333862470859,
  "size_x": 176,
  "size_y": 256,
  "size_z": 256,
  "snr_csf": 3.000583212312384,
  "snr_gm": 12.35493524537198,
  "snr_total": 12.393076148969692,
  "snr_wm": 21.823709989224714,
  "snrd_csf": 22.306862675693413,
  "snrd_gm": 51.633570302645346,
  "snrd_total": 47.90447911412096,
  "snrd_wm": 69.77300436402412,
  "spacing_x": 1.0,
  "spacing_y": 1.0,
  "spacing_z": 1.0,
  "summary_bg_k": 7.366593942837072,
  "summary_bg_mad": 0.0,
  "summary_bg_mean": 5.857533782828076,
  "summary_bg_median": 0.0,
  "summary_bg_n": 2737920.0,
  "summary_bg_p05": 0.0,
  "summary_bg_p95": 25.31528688967228,
  "summary_bg_stdv": 9.389973798609361,
  "summary_csf_k": 6.929904882560061,
  "summary_csf_mad": 80.81815802114234,
  "summary_csf_mean": 324.7052452421543,
  "summary_csf_median": 319.7209864296019,
  "summary_csf_n": 41947.0,
  "summary_csf_p05": 152.0580261424184,
  "summary_csf_p95": 507.7378069423139,
  "summary_csf_stdv": 106.55167771506235,
  "summary_gm_k": -0.003694683892314643,
  "summary_gm_mad": 59.7917389427604,
  "summary_gm_mean": 736.9905535640062,
  "summary_gm_median": 740.0563795119524,
  "summary_gm_n": 29101.0,
  "summary_gm_p05": 633.621304705739,
  "summary_gm_p95": 829.9533654376864,
  "summary_gm_stdv": 59.89862750365511,
  "summary_wm_k": 0.310590381637315,
  "summary_wm_mad": 44.244517018354195,
  "summary_wm_mean": 1001.1855754016599,
  "summary_wm_median": 1000.0462237000465,
  "summary_wm_n": 199611.0,
  "summary_wm_p05": 927.7960253506899,
  "summary_wm_p95": 1078.6252437718213,
  "summary_wm_stdv": 45.82372654342055,
  "tpm_overlap_csf": 0.1532865866923146,
  "tpm_overlap_gm": 0.46206844034284694,
  "tpm_overlap_wm": 0.5084327817756857,
  "wm2max": 0.4550305037857854
}