{
  "aor": 0.0004187441860465116,
  "aqi": 0.006633402139534884,
  "bids_meta": {
    "AcquisitionMatrixPE": 64,
    "AcquisitionNumber": 1,
    "AcquisitionTime": "13:25:17.322500",
    "BandwidthPerPixelPhaseEncode": 58.962,
    "BaseResolution": 64,
    "CoilString": "T:HEA;HEP",
    "ConversionSoftware": "dcm2niix",
    "ConversionSoftwareVersion": "v1.0.20190902",
    "DerivedVendorReportedEchoSpacing": 0.000530002,
    "DeviceSerialNumber": "35370",
    "DwellTime": 3.5e-06,
    "EchoTime": 0.03,
    "EffectiveEchoSpacing": 0.000265001,
    "FlipAngle": 70,
    "ImageOrientationPatientDICOM": [
      0.999093,
      0.00828326,
      0.041758,
      -0.00313876,
      0.992551,
      -0.121789
    ],
    "ImageType": [
      "ORIGINAL",
      "PRIMARY",
      "M",
      "ND",
      "MOSAIC"
    ],
    "ImagingFrequency": 123.243,
    "InPlanePhaseEncodingDirectionDICOM": "COL",
    "InstitutionAddress": "Habelschwerdter_Allee_45_Berlin_District_DE_14195",
    "InstitutionName": "D.I.N.E",
    "InstitutionalDepartmentName": "Department",
    "MRAcquisitionType": "2D",
    "MagneticFieldStrength": 3,
    "Manufacturer": "Siemens",
    "ManufacturersModelName": "TrioTim",
    "Modality": "MR",
    "ParallelReductionFactorInPlane": 2,
    "PartialFourier": 1,
    "PatientPosition": "HFS",
    "PercentPhaseFOV": 100,
    "PhaseEncodingDirection": "j-",
    "PhaseEncodingSteps": 63,
    "PhaseResolution": 1,
    "PixelBandwidth": 2232,
    "ProcedureStepDescription": "Projekte_fMRI_12ch_localizer",
    "ProtocolName": "NIN_EPI_3x3x3_TR2000_sentence_215",
    "PulseSequenceDetails": "%CustomerSeq%_nin_ep2d_bold_v5a",
    "ReceiveCoilName": "HeadMatrix",
    "ReconMatrixPE": 64,
    "RefLinesPE": 24,
    "RepetitionTime": 2,
    "SAR": 0.130401,
    "ScanOptions": "FS",
    "ScanningSequence": "EP",
    "SequenceName": "ninepbo2d1_64",
    "SequenceVariant": "SK",
    "SeriesDescription": "NIN_EPI_3x3x3_TR2000_sentence_215",
    "SeriesNumber": 5,
    "ShimSetting": [
      -6767,
      -5568,
      -10680,
      662,
      711,
      1500,
      317,
      18
    ],
    "SliceThickness": 3,
    "SliceTiming": [
      0,
      1.0325,
      0.055,
      1.0875,
      0.11,
      1.14,
      0.165,
      1.195,
      0.2175,
      1.25,
      0.2725,
      1.3025,
      0.3275,
      1.3575,
      0.38,
      1.4125,
      0.435,
      1.4675,
      0.49,
      1.52,
      0.5425,
      1.575,
      0.5975,
      1.63,
      0.6525,
      1.6825,
      0.7075,
      1.7375,
      0.76,
      1.7925,
      0.815,
      1.845,
      0.87,
      1.9,
      0.9225,
      1.955,
      0.9775
    ],
    "SoftwareVersions": "syngo_MR_B17",
    "SpacingBetweenSlices": 3.3,
    "StationName": "MRC35370",
    "TotalReadoutTime": 0.0166951,
    "TxRefAmp": 292.999,
    "dataset": "ds002842",
    "modality": "bold",
    "run_id": 2,
    "subject_id": "16",
    "task_id": "silentreading"
  },
  "dummy_trs": 0,
  "dvars_nstd": 29.83228778822431,
  "dvars_std": 1.0633649320093452,
  "dvars_vstd": 1.007071486728972,
  "efc": 0.5615068402692955,
  "fber": 876.0092163085938,
  "fd_mean": 0.1534145405925106,
  "fd_num": 48,
  "fd_perc": 22.325581395348838,
  "fwhm_avg": 1.907007786639885,
  "fwhm_x": 1.8430933333333333,
  "fwhm_y": 2.037996666666667,
  "fwhm_z": 1.8399333599196546,
  "gcor": 0.014192,
  "gsr_x": -0.009588946588337421,
  "gsr_y": 0.038785237818956375,
  "provenance": {
    "md5sum": "5c30547b825088aa0d794aefc50b9bfd",
    "settings": {
      "fd_thres": 0.2,
      "testing": false
    },
    "software": "mriqc",
    "version": "23.0.1",
    "webapi_port": null,
    "webapi_url": "https://mriqc.nimh.nih.gov/api/v1"
  },
  "size_t": 215,
  "size_x": 64,
  "size_y": 64,
  "size_z": 37,
  "snr": 5.210930669903991,
  "spacing_tr": 2.0,
  "spacing_x": 3.0,
  "spacing_y": 3.0,
  "spacing_z": 3.299999952316284,
  "summary_bg_k": 68.82846288077137,
  "summary_bg_mad": 7.433699564952683,
  "summary_bg_mean": 50.290401458740234,
  "summary_bg_median": 29.627906799316406,
  "summary_bg_n": 83596.0,
  "summary_bg_p05": 23.14883804321289,
  "summary_bg_p95": 142.63603973388672,
  "summary_bg_stdv": 70.18299865722656,
  "summary_fg_k": 1.6233330500223389,
  "summary_fg_mad": 150.23247010204514,
  "summary_fg_mean": 910.1621704101562,
  "summary_fg_median": 889.26513671875,
  "summary_fg_n": 33557.0,
  "summary_fg_p05": 678.4213989257812,
  "summary_fg_p95": 1221.4036621093746,
  "summary_fg_stdv": 170.65126037597656,
  "tsnr": 50.99139343656134
}