{
  "aor": 0.0003647441860465116,
  "aqi": 0.007048284139534884,
  "bids_meta": {
    "AcquisitionMatrixPE": 64,
    "AcquisitionNumber": 1,
    "AcquisitionTime": "13:14:38.330000",
    "BandwidthPerPixelPhaseEncode": 58.962,
    "BaseResolution": 64,
    "CoilString": "T:HEA;HEP",
    "ConversionSoftware": "dcm2niix",
    "ConversionSoftwareVersion": "v1.0.20190902",
    "DerivedVendorReportedEchoSpacing": 0.000530002,
    "DeviceSerialNumber": "35370",
    "DwellTime": 3.5e-06,
    "EchoTime": 0.03,
    "EffectiveEchoSpacing": 0.000265001,
    "FlipAngle": 70,
    "ImageOrientationPatientDICOM": [
      0.999093,
      0.00828326,
      0.041758,
      -0.00313876,
      0.992551,
      -0.121789
    ],
    "ImageType": [
      "ORIGINAL",
      "PRIMARY",
      "M",
      "ND",
      "MOSAIC"
    ],
    "ImagingFrequency": 123.243,
    "InPlanePhaseEncodingDirectionDICOM": "COL",
    "InstitutionAddress": "Habelschwerdter_Allee_45_Berlin_District_DE_14195",
    "InstitutionName": "D.I.N.E",
    "InstitutionalDepartmentName": "Department",
    "MRAcquisitionType": "2D",
    "MagneticFieldStrength": 3,
    "Manufacturer": "Siemens",
    "ManufacturersModelName": "TrioTim",
    "Modality": "MR",
    "ParallelReductionFactorInPlane": 2,
    "PartialFourier": 1,
    "PatientPosition": "HFS",
    "PercentPhaseFOV": 100,
    "PhaseEncodingDirection": "j-",
    "PhaseEncodingSteps": 63,
    "PhaseResolution": 1,
    "PixelBandwidth": 2232,
    "ProcedureStepDescription": "Projekte_fMRI_12ch_localizer",
    "ProtocolName": "NIN_EPI_3x3x3_TR2000_sentence_215",
    "PulseSequenceDetails": "%CustomerSeq%_nin_ep2d_bold_v5a",
    "ReceiveCoilName": "HeadMatrix",
    "ReconMatrixPE": 64,
    "RefLinesPE": 24,
    "RepetitionTime": 2,
    "SAR": 0.130401,
    "ScanOptions": "FS",
    "ScanningSequence": "EP",
    "SequenceName": "ninepbo2d1_64",
    "SequenceVariant": "SK",
    "SeriesDescription": "NIN_EPI_3x3x3_TR2000_sentence_215",
    "SeriesNumber": 4,
    "ShimSetting": [
      -6767,
      -5568,
      -10680,
      662,
      711,
      1500,
      317,
      18
    ],
    "SliceThickness": 3,
    "SliceTiming": [
      0,
      1.0325,
      0.055,
      1.0875,
      0.11,
      1.14,
      0.165,
      1.195,
      0.2175,
      1.25,
      0.2725,
      1.3025,
      0.3275,
      1.3575,
      0.38,
      1.4125,
      0.435,
      1.4675,
      0.49,
      1.52,
      0.5425,
      1.575,
      0.5975,
      1.63,
      0.6525,
      1.6825,
      0.7075,
      1.7375,
      0.76,
      1.7925,
      0.815,
      1.845,
      0.87,
      1.9,
      0.9225,
      1.955,
      0.9775
    ],
    "SoftwareVersions": "syngo_MR_B17",
    "SpacingBetweenSlices": 3.3,
    "StationName": "MRC35370",
    "TotalReadoutTime": 0.0166951,
    "TxRefAmp": 292.999,
    "dataset": "ds002842",
    "modality": "bold",
    "run_id": 1,
    "subject_id": "16",
    "task_id": "silentreading"
  },
  "dummy_trs": 0,
  "dvars_nstd": 31.9891397351402,
  "dvars_std": 1.0752521012149534,
  "dvars_vstd": 1.004816990420561,
  "efc": 0.5617882660778813,
  "fber": 844.9058837890625,
  "fd_mean": 0.15622535291663067,
  "fd_num": 49,
  "fd_perc": 22.790697674418606,
  "fwhm_avg": 1.9122564735318808,
  "fwhm_x": 1.8500666666666667,
  "fwhm_y": 2.0419300000000002,
  "fwhm_z": 1.8447727539289756,
  "gcor": 0.0110664,
  "gsr_x": -0.00893330853432417,
  "gsr_y": 0.03962601348757744,
  "provenance": {
    "md5sum": "ca08700ad62b49f53faad7dae9dbf43b",
    "settings": {
      "fd_thres": 0.2,
      "testing": false
    },
    "software": "mriqc",
    "version": "23.0.1",
    "webapi_port": null,
    "webapi_url": "https://mriqc.nimh.nih.gov/api/v1"
  },
  "size_t": 215,
  "size_x": 64,
  "size_y": 64,
  "size_z": 37,
  "snr": 5.246660363316885,
  "spacing_tr": 2.0,
  "spacing_x": 3.0,
  "spacing_y": 3.0,
  "spacing_z": 3.299999952316284,
  "summary_bg_k": 66.11098024888568,
  "summary_bg_mad": 7.654364350178833,
  "summary_bg_mean": 50.28621292114258,
  "summary_bg_median": 30.125581741333008,
  "summary_bg_n": 83654.0,
  "summary_bg_p05": 23.330232620239258,
  "summary_bg_p95": 139.96023406982394,
  "summary_bg_stdv": 69.49101257324219,
  "summary_fg_k": 1.6307940613201772,
  "summary_fg_mad": 147.7947821221127,
  "summary_fg_mean": 908.0872802734375,
  "summary_fg_median": 887.013916015625,
  "summary_fg_n": 33580.0,
  "summary_fg_p05": 678.09765625,
  "summary_fg_p95": 1216.4292541503905,
  "summary_fg_stdv": 169.06005859375,
  "tsnr": 49.369483487913385
}