{
  "aor": 0.0007317757009345795,
  "aqi": 0.005963799392523364,
  "bids_meta": {
    "AcquisitionMatrixPE": 64,
    "AcquisitionNumber": 1,
    "AcquisitionTime": "12:18:11.517500",
    "BandwidthPerPixelPhaseEncode": 58.962,
    "BaseResolution": 64,
    "CoilString": "T:HEA;HEP",
    "ConversionSoftware": "dcm2niix",
    "ConversionSoftwareVersion": "v1.0.20190902",
    "DerivedVendorReportedEchoSpacing": 0.000530002,
    "DeviceSerialNumber": "35370",
    "DwellTime": 3.5e-06,
    "EchoTime": 0.03,
    "EffectiveEchoSpacing": 0.000265001,
    "FlipAngle": 70,
    "ImageOrientationPatientDICOM": [
      0.999995,
      0.00319514,
      0.000682286,
      -0.00314162,
      0.997701,
      -0.0676932
    ],
    "ImageType": [
      "ORIGINAL",
      "PRIMARY",
      "M",
      "ND",
      "MOSAIC"
    ],
    "ImagingFrequency": 123.243,
    "InPlanePhaseEncodingDirectionDICOM": "COL",
    "InstitutionAddress": "Habelschwerdter_Allee_45_Berlin_District_DE_14195",
    "InstitutionName": "Freie_Universitaet",
    "InstitutionalDepartmentName": "Department",
    "MRAcquisitionType": "2D",
    "MagneticFieldStrength": 3,
    "Manufacturer": "Siemens",
    "ManufacturersModelName": "TrioTim",
    "Modality": "MR",
    "ParallelReductionFactorInPlane": 2,
    "PartialFourier": 1,
    "PatientPosition": "HFS",
    "PercentPhaseFOV": 100,
    "PhaseEncodingDirection": "j-",
    "PhaseEncodingSteps": 63,
    "PhaseResolution": 1,
    "PixelBandwidth": 2232,
    "ProcedureStepDescription": "Projekte_fMRI_12ch_localizer",
    "ProtocolName": "NIN_EPI_3x3x3_TR2000_sentence_215",
    "PulseSequenceDetails": "%CustomerSeq%_nin_ep2d_bold_v5a",
    "ReceiveCoilName": "HeadMatrix",
    "ReconMatrixPE": 64,
    "RefLinesPE": 24,
    "RepetitionTime": 2,
    "SAR": 0.116041,
    "ScanOptions": "FS",
    "ScanningSequence": "EP",
    "SequenceName": "ninepbo2d1_64",
    "SequenceVariant": "SK",
    "SeriesDescription": "NIN_EPI_3x3x3_TR2000_sentence_215",
    "SeriesNumber": 5,
    "ShimSetting": [
      -6815,
      -5535,
      -10638,
      579,
      637,
      1704,
      27,
      139
    ],
    "SliceThickness": 3,
    "SliceTiming": [
      0,
      1.03,
      0.055,
      1.085,
      0.1075,
      1.14,
      0.1625,
      1.1925,
      0.2175,
      1.2475,
      0.27,
      1.3025,
      0.325,
      1.3575,
      0.38,
      1.41,
      0.435,
      1.465,
      0.4875,
      1.52,
      0.5425,
      1.5725,
      0.5975,
      1.6275,
      0.65,
      1.6825,
      0.705,
      1.7375,
      0.76,
      1.79,
      0.815,
      1.845,
      0.8675,
      1.9,
      0.9225,
      1.9525,
      0.9775
    ],
    "SoftwareVersions": "syngo_MR_B17",
    "SpacingBetweenSlices": 3.3,
    "StationName": "MRC35370",
    "TotalReadoutTime": 0.0166951,
    "TxRefAmp": 285.561,
    "dataset": "ds002842",
    "modality": "bold",
    "run_id": 2,
    "subject_id": "02",
    "task_id": "silentreading"
  },
  "dummy_trs": 1,
  "dvars_nstd": 27.91480658093896,
  "dvars_std": 1.0595644427230049,
  "dvars_vstd": 1.016984783943662,
  "efc": 0.5504420165483546,
  "fber": 866.1298828125,
  "fd_mean": 0.05575802398793225,
  "fd_num": 6,
  "fd_perc": 2.803738317757009,
  "fwhm_avg": 1.822844452942742,
  "fwhm_x": 1.7253766666666666,
  "fwhm_y": 1.9787566666666667,
  "fwhm_z": 1.7644000254948937,
  "gcor": 0.0136895,
  "gsr_x": 0.01307879388332367,
  "gsr_y": 0.031425509601831436,
  "provenance": {
    "md5sum": "ba2ecb857f0a55980834e566fc10c19d",
    "settings": {
      "fd_thres": 0.2,
      "testing": false
    },
    "software": "mriqc",
    "version": "23.0.1",
    "webapi_port": null,
    "webapi_url": "https://mriqc.nimh.nih.gov/api/v1"
  },
  "size_t": 214,
  "size_x": 64,
  "size_y": 64,
  "size_z": 37,
  "snr": 5.225207980350417,
  "spacing_tr": 2.0,
  "spacing_x": 3.0,
  "spacing_y": 3.0,
  "spacing_z": 3.299999952316284,
  "summary_bg_k": 38.88857867471582,
  "summary_bg_mad": 8.348299150914237,
  "summary_bg_mean": 53.586116790771484,
  "summary_bg_median": 30.196260452270508,
  "summary_bg_n": 87225.0,
  "summary_bg_p05": 22.869157791137695,
  "summary_bg_p95": 160.11775207519537,
  "summary_bg_stdv": 80.1000747680664,
  "summary_fg_k": 1.524106895138262,
  "summary_fg_mad": 156.83024905428283,
  "summary_fg_mean": 912.8850708007812,
  "summary_fg_median": 898.77099609375,
  "summary_fg_n": 31351.0,
  "summary_fg_p05": 674.5140075683594,
  "summary_fg_p95": 1215.144775390625,
  "summary_fg_stdv": 172.00399780273438,
  "tsnr": 51.92204634763766
}