{
  "aor": 0.0017744651162790697,
  "aqi": 0.01500336888372093,
  "bids_meta": {
    "AcquisitionMatrixPE": 64,
    "AcquisitionNumber": 1,
    "AcquisitionTime": "12:09:32.627500",
    "BandwidthPerPixelPhaseEncode": 58.962,
    "BaseResolution": 64,
    "CoilString": "T:HEA;HEP",
    "ConversionSoftware": "dcm2niix",
    "ConversionSoftwareVersion": "v1.0.20190902",
    "DerivedVendorReportedEchoSpacing": 0.000530002,
    "DeviceSerialNumber": "35370",
    "DwellTime": 3.5e-06,
    "EchoTime": 0.03,
    "EffectiveEchoSpacing": 0.000265001,
    "FlipAngle": 70,
    "ImageOrientationPatientDICOM": [
      0.999995,
      0.00319514,
      0.000682286,
      -0.00314162,
      0.997701,
      -0.0676932
    ],
    "ImageType": [
      "ORIGINAL",
      "PRIMARY",
      "M",
      "ND",
      "MOSAIC"
    ],
    "ImagingFrequency": 123.243,
    "InPlanePhaseEncodingDirectionDICOM": "COL",
    "InstitutionAddress": "Habelschwerdter_Allee_45_Berlin_District_DE_14195",
    "InstitutionName": "Freie_Universitaet",
    "InstitutionalDepartmentName": "Department",
    "MRAcquisitionType": "2D",
    "MagneticFieldStrength": 3,
    "Manufacturer": "Siemens",
    "ManufacturersModelName": "TrioTim",
    "Modality": "MR",
    "ParallelReductionFactorInPlane": 2,
    "PartialFourier": 1,
    "PatientPosition": "HFS",
    "PercentPhaseFOV": 100,
    "PhaseEncodingDirection": "j-",
    "PhaseEncodingSteps": 63,
    "PhaseResolution": 1,
    "PixelBandwidth": 2232,
    "ProcedureStepDescription": "Projekte_fMRI_12ch_localizer",
    "ProtocolName": "NIN_EPI_3x3x3_TR2000_sentence_215",
    "PulseSequenceDetails": "%CustomerSeq%_nin_ep2d_bold_v5a",
    "ReceiveCoilName": "HeadMatrix",
    "ReconMatrixPE": 64,
    "RefLinesPE": 24,
    "RepetitionTime": 2,
    "SAR": 0.116041,
    "ScanOptions": "FS",
    "ScanningSequence": "EP",
    "SequenceName": "ninepbo2d1_64",
    "SequenceVariant": "SK",
    "SeriesDescription": "NIN_EPI_3x3x3_TR2000_sentence_215",
    "SeriesNumber": 4,
    "ShimSetting": [
      -6815,
      -5535,
      -10638,
      579,
      637,
      1704,
      27,
      139
    ],
    "SliceThickness": 3,
    "SliceTiming": [
      0,
      1.03,
      0.055,
      1.085,
      0.1075,
      1.14,
      0.1625,
      1.195,
      0.2175,
      1.2475,
      0.2725,
      1.3025,
      0.325,
      1.3575,
      0.38,
      1.41,
      0.435,
      1.465,
      0.4875,
      1.52,
      0.5425,
      1.575,
      0.5975,
      1.6275,
      0.6525,
      1.6825,
      0.705,
      1.7375,
      0.76,
      1.79,
      0.815,
      1.845,
      0.8675,
      1.9,
      0.9225,
      1.9525,
      0.9775
    ],
    "SoftwareVersions": "syngo_MR_B17",
    "SpacingBetweenSlices": 3.3,
    "StationName": "MRC35370",
    "TotalReadoutTime": 0.0166951,
    "TxRefAmp": 285.561,
    "dataset": "ds002842",
    "modality": "bold",
    "run_id": 1,
    "subject_id": "02",
    "task_id": "silentreading"
  },
  "dummy_trs": 0,
  "dvars_nstd": 28.414488551728976,
  "dvars_std": 0.9878477563084114,
  "dvars_vstd": 0.9718660680373837,
  "efc": 0.5523337678785137,
  "fber": 833.7721557617188,
  "fd_mean": 0.10261434872115306,
  "fd_num": 19,
  "fd_perc": 8.837209302325581,
  "fwhm_avg": 1.8477958672355126,
  "fwhm_x": 1.7551733333333335,
  "fwhm_y": 1.99239,
  "fwhm_z": 1.7958242683732042,
  "gcor": 0.00586062,
  "gsr_x": 0.012397456914186478,
  "gsr_y": 0.030566252768039703,
  "provenance": {
    "md5sum": "e41d04293a4bd9c01861b036bebed6c9",
    "settings": {
      "fd_thres": 0.2,
      "testing": false
    },
    "software": "mriqc",
    "version": "23.0.1",
    "webapi_port": null,
    "webapi_url": "https://mriqc.nimh.nih.gov/api/v1"
  },
  "size_t": 215,
  "size_x": 64,
  "size_y": 64,
  "size_z": 37,
  "snr": 5.250463271316338,
  "spacing_tr": 2.0,
  "spacing_x": 3.0,
  "spacing_y": 3.0,
  "spacing_z": 3.299999952316284,
  "summary_bg_k": 37.364801289734636,
  "summary_bg_mad": 9.281780219978517,
  "summary_bg_mean": 53.8780517578125,
  "summary_bg_median": 30.85581398010254,
  "summary_bg_n": 86901.0,
  "summary_bg_p05": 22.697673797607422,
  "summary_bg_p95": 160.47906494140625,
  "summary_bg_stdv": 78.64295196533203,
  "summary_fg_k": 1.572517582177408,
  "summary_fg_mad": 156.08007984093985,
  "summary_fg_mean": 911.9401245117188,
  "summary_fg_median": 898.7720947265625,
  "summary_fg_n": 31527.0,
  "summary_fg_p05": 670.7097534179687,
  "summary_fg_p95": 1209.3623535156241,
  "summary_fg_stdv": 171.17686462402344,
  "tsnr": 39.05593243450858
}