{
  "aor": 0.0004073831775700935,
  "aqi": 0.005868244018691588,
  "bids_meta": {
    "AcquisitionMatrixPE": 64,
    "AcquisitionNumber": 1,
    "AcquisitionTime": "13:04:28.997500",
    "BandwidthPerPixelPhaseEncode": 58.962,
    "BaseResolution": 64,
    "CoilString": "T:HEA;HEP",
    "ConversionSoftware": "dcm2niix",
    "ConversionSoftwareVersion": "v1.0.20190902",
    "DerivedVendorReportedEchoSpacing": 0.000530002,
    "DeviceSerialNumber": "35370",
    "DwellTime": 3.5e-06,
    "EchoTime": 0.03,
    "EffectiveEchoSpacing": 0.000265001,
    "FlipAngle": 70,
    "ImageOrientationPatientDICOM": [
      0.999234,
      0.00154813,
      0.0390912,
      0.00348804,
      0.991712,
      -0.128435
    ],
    "ImageType": [
      "ORIGINAL",
      "PRIMARY",
      "M",
      "ND",
      "MOSAIC"
    ],
    "ImagingFrequency": 123.243,
    "InPlanePhaseEncodingDirectionDICOM": "COL",
    "InstitutionAddress": "Habelschwerdter_Allee_45_Berlin_District_DE_14195",
    "InstitutionName": "D.I.N.E",
    "InstitutionalDepartmentName": "Department",
    "MRAcquisitionType": "2D",
    "MagneticFieldStrength": 3,
    "Manufacturer": "Siemens",
    "ManufacturersModelName": "TrioTim",
    "Modality": "MR",
    "ParallelReductionFactorInPlane": 2,
    "PartialFourier": 1,
    "PatientPosition": "HFS",
    "PercentPhaseFOV": 100,
    "PhaseEncodingDirection": "j-",
    "PhaseEncodingSteps": 63,
    "PhaseResolution": 1,
    "PixelBandwidth": 2232,
    "ProcedureStepDescription": "Projekte_fMRI_12ch_localizer",
    "ProtocolName": "NIN_EPI_3x3x3_TR2000_sentence_215",
    "PulseSequenceDetails": "%CustomerSeq%_nin_ep2d_bold_v5a",
    "ReceiveCoilName": "HeadMatrix",
    "ReconMatrixPE": 64,
    "RefLinesPE": 24,
    "RepetitionTime": 2,
    "SAR": 0.108812,
    "ScanOptions": "FS",
    "ScanningSequence": "EP",
    "SequenceName": "ninepbo2d1_64",
    "SequenceVariant": "SK",
    "SeriesDescription": "NIN_EPI_3x3x3_TR2000_sentence_215",
    "SeriesNumber": 4,
    "ShimSetting": [
      -6785,
      -5571,
      -10628,
      647,
      656,
      1740,
      184,
      109
    ],
    "SliceThickness": 3,
    "SliceTiming": [
      0,
      1.03,
      0.0525,
      1.085,
      0.1075,
      1.14,
      0.1625,
      1.1925,
      0.2175,
      1.2475,
      0.27,
      1.3025,
      0.325,
      1.355,
      0.38,
      1.41,
      0.4325,
      1.465,
      0.4875,
      1.5175,
      0.5425,
      1.5725,
      0.595,
      1.6275,
      0.65,
      1.6825,
      0.705,
      1.735,
      0.76,
      1.79,
      0.8125,
      1.845,
      0.8675,
      1.8975,
      0.9225,
      1.9525,
      0.975
    ],
    "SoftwareVersions": "syngo_MR_B17",
    "SpacingBetweenSlices": 3.3,
    "StationName": "MRC35370",
    "TotalReadoutTime": 0.0166951,
    "TxRefAmp": 292.401,
    "dataset": "ds002842",
    "modality": "bold",
    "run_id": 1,
    "subject_id": "19",
    "task_id": "silentreading"
  },
  "dummy_trs": 1,
  "dvars_nstd": 30.19596396239437,
  "dvars_std": 1.0954843809859152,
  "dvars_vstd": 1.0116526652112683,
  "efc": 0.5457101409829215,
  "fber": 846.9263305664062,
  "fd_mean": 0.05409340410964055,
  "fd_num": 0,
  "fd_perc": 0.0,
  "fwhm_avg": 1.919746675810541,
  "fwhm_x": 1.8302766666666666,
  "fwhm_y": 2.03053,
  "fwhm_z": 1.8984333607649566,
  "gcor": 0.00945454,
  "gsr_x": 0.000519795750733465,
  "gsr_y": 0.024329600855708122,
  "provenance": {
    "md5sum": "ac1fb9ddcc30ae79a79abbaa2333eb21",
    "settings": {
      "fd_thres": 0.2,
      "testing": false
    },
    "software": "mriqc",
    "version": "23.0.1",
    "webapi_port": null,
    "webapi_url": "https://mriqc.nimh.nih.gov/api/v1"
  },
  "size_t": 214,
  "size_x": 64,
  "size_y": 64,
  "size_z": 37,
  "snr": 4.8460277434659025,
  "spacing_tr": 2.0,
  "spacing_x": 3.0,
  "spacing_y": 3.0,
  "spacing_z": 3.299999952316284,
  "summary_bg_k": 66.31741272336846,
  "summary_bg_mad": 7.814838575596458,
  "summary_bg_mean": 49.71830749511719,
  "summary_bg_median": 30.827102661132812,
  "summary_bg_n": 86641.0,
  "summary_bg_p05": 24.051401138305664,
  "summary_bg_p95": 130.80374145507812,
  "summary_bg_stdv": 67.8531494140625,
  "summary_fg_k": 2.1225315343823796,
  "summary_fg_mad": 162.157898322747,
  "summary_fg_mean": 929.247802734375,
  "summary_fg_median": 907.537353515625,
  "summary_fg_n": 31519.0,
  "summary_fg_p05": 671.4307983398437,
  "summary_fg_p95": 1264.6602172851562,
  "summary_fg_stdv": 187.27151489257812,
  "tsnr": 51.09737154445611
}