{
  "aor": 0.0007148837209302328,
  "aqi": 0.008033810930232558,
  "bids_meta": {
    "AcquisitionMatrixPE": 64,
    "AcquisitionNumber": 1,
    "AcquisitionTime": "14:09:4.607500",
    "BandwidthPerPixelPhaseEncode": 58.962,
    "BaseResolution": 64,
    "CoilString": "T:HEA;HEP",
    "ConversionSoftware": "dcm2niix",
    "ConversionSoftwareVersion": "v1.0.20190902",
    "DerivedVendorReportedEchoSpacing": 0.000530002,
    "DeviceSerialNumber": "35370",
    "DwellTime": 3.5e-06,
    "EchoTime": 0.03,
    "EffectiveEchoSpacing": 0.000265001,
    "FlipAngle": 70,
    "ImageOrientationPatientDICOM": [
      0.999995,
      0.00320763,
      0.000620821,
      -0.0031416,
      0.996218,
      -0.0868341
    ],
    "ImageType": [
      "ORIGINAL",
      "PRIMARY",
      "M",
      "ND",
      "MOSAIC"
    ],
    "ImagingFrequency": 123.243,
    "InPlanePhaseEncodingDirectionDICOM": "COL",
    "InstitutionAddress": "Habelschwerdter_Allee_45_Berlin_District_DE_14195",
    "InstitutionName": "D.I.N.E",
    "InstitutionalDepartmentName": "Department",
    "MRAcquisitionType": "2D",
    "MagneticFieldStrength": 3,
    "Manufacturer": "Siemens",
    "ManufacturersModelName": "TrioTim",
    "Modality": "MR",
    "ParallelReductionFactorInPlane": 2,
    "PartialFourier": 1,
    "PatientPosition": "HFS",
    "PercentPhaseFOV": 100,
    "PhaseEncodingDirection": "j-",
    "PhaseEncodingSteps": 63,
    "PhaseResolution": 1,
    "PixelBandwidth": 2232,
    "ProcedureStepDescription": "Projekte_fMRI_12ch_localizer",
    "ProtocolName": "NIN_EPI_3x3x3_TR2000_sentence_215",
    "PulseSequenceDetails": "%CustomerSeq%_nin_ep2d_bold_v5a",
    "ReceiveCoilName": "HeadMatrix",
    "ReconMatrixPE": 64,
    "RefLinesPE": 24,
    "RepetitionTime": 2,
    "SAR": 0.110688,
    "ScanOptions": "FS",
    "ScanningSequence": "EP",
    "SequenceName": "ninepbo2d1_64",
    "SequenceVariant": "SK",
    "SeriesDescription": "NIN_EPI_3x3x3_TR2000_sentence_215",
    "SeriesNumber": 4,
    "ShimSetting": [
      -6802,
      -5505,
      -10610,
      551,
      659,
      1594,
      343,
      78
    ],
    "SliceThickness": 3,
    "SliceTiming": [
      0,
      1.03,
      0.055,
      1.085,
      0.1075,
      1.14,
      0.1625,
      1.195,
      0.2175,
      1.2475,
      0.2725,
      1.3025,
      0.325,
      1.3575,
      0.38,
      1.41,
      0.435,
      1.465,
      0.4875,
      1.52,
      0.5425,
      1.575,
      0.5975,
      1.6275,
      0.6525,
      1.6825,
      0.705,
      1.7375,
      0.76,
      1.79,
      0.815,
      1.845,
      0.8675,
      1.9,
      0.9225,
      1.955,
      0.9775
    ],
    "SoftwareVersions": "syngo_MR_B17",
    "SpacingBetweenSlices": 3.3,
    "StationName": "MRC35370",
    "TotalReadoutTime": 0.0166951,
    "TxRefAmp": 287.58,
    "dataset": "ds002842",
    "modality": "bold",
    "run_id": 1,
    "subject_id": "20",
    "task_id": "silentreading"
  },
  "dummy_trs": 0,
  "dvars_nstd": 27.829083496121488,
  "dvars_std": 1.030739780467289,
  "dvars_vstd": 1.0050126881308414,
  "efc": 0.5437629772107205,
  "fber": 903.2431640625,
  "fd_mean": 0.13556395129615542,
  "fd_num": 30,
  "fd_perc": 13.953488372093023,
  "fwhm_avg": 1.9354672817177334,
  "fwhm_x": 1.8663433333333332,
  "fwhm_y": 2.0734766666666666,
  "fwhm_z": 1.8665818451531995,
  "gcor": 0.0196827,
  "gsr_x": -0.0023252777755260468,
  "gsr_y": 0.03390359878540039,
  "provenance": {
    "md5sum": "ac172ee224622a114f946ed48f3d6c9a",
    "settings": {
      "fd_thres": 0.2,
      "testing": false
    },
    "software": "mriqc",
    "version": "23.0.1",
    "webapi_port": null,
    "webapi_url": "https://mriqc.nimh.nih.gov/api/v1"
  },
  "size_t": 215,
  "size_x": 64,
  "size_y": 64,
  "size_z": 37,
  "snr": 5.801674087589906,
  "spacing_tr": 2.0,
  "spacing_x": 3.0,
  "spacing_y": 3.0,
  "spacing_z": 3.299999952316284,
  "summary_bg_k": 55.36926395643119,
  "summary_bg_mad": 8.006054242201703,
  "summary_bg_mean": 49.932682037353516,
  "summary_bg_median": 29.4976749420166,
  "summary_bg_n": 88223.0,
  "summary_bg_p05": 22.562789916992188,
  "summary_bg_p95": 138.31487731933558,
  "summary_bg_stdv": 67.7031478881836,
  "summary_fg_k": 1.3821057762890874,
  "summary_fg_mad": 141.63339533288428,
  "summary_fg_mean": 908.5092163085938,
  "summary_fg_median": 898.0139770507812,
  "summary_fg_n": 29889.0,
  "summary_fg_p05": 681.7032592773437,
  "summary_fg_p95": 1170.8344482421874,
  "summary_fg_stdv": 154.78273010253906,
  "tsnr": 48.990386507473886
}