{
  "aor": 0.00038423255813953484,
  "aqi": 0.007770637069767442,
  "bids_meta": {
    "AcquisitionMatrixPE": 64,
    "AcquisitionNumber": 1,
    "AcquisitionTime": "15:12:59.780000",
    "BandwidthPerPixelPhaseEncode": 58.962,
    "BaseResolution": 64,
    "CoilString": "T:HEA;HEP",
    "ConversionSoftware": "dcm2niix",
    "ConversionSoftwareVersion": "v1.0.20190902",
    "DerivedVendorReportedEchoSpacing": 0.000530002,
    "DeviceSerialNumber": "35370",
    "DwellTime": 3.5e-06,
    "EchoTime": 0.03,
    "EffectiveEchoSpacing": 0.000265001,
    "FlipAngle": 70,
    "ImageOrientationPatientDICOM": [
      0.998882,
      0.0119197,
      0.0457478,
      -0.00313815,
      0.982276,
      -0.187415
    ],
    "ImageType": [
      "ORIGINAL",
      "PRIMARY",
      "M",
      "ND",
      "MOSAIC"
    ],
    "ImagingFrequency": 123.243,
    "InPlanePhaseEncodingDirectionDICOM": "COL",
    "InstitutionAddress": "Habelschwerdter_Allee_45_Berlin_District_DE_14195",
    "InstitutionName": "D.I.N.E",
    "InstitutionalDepartmentName": "Department",
    "MRAcquisitionType": "2D",
    "MagneticFieldStrength": 3,
    "Manufacturer": "Siemens",
    "ManufacturersModelName": "TrioTim",
    "Modality": "MR",
    "ParallelReductionFactorInPlane": 2,
    "PartialFourier": 1,
    "PatientPosition": "HFS",
    "PercentPhaseFOV": 100,
    "PhaseEncodingDirection": "j-",
    "PhaseEncodingSteps": 63,
    "PhaseResolution": 1,
    "PixelBandwidth": 2232,
    "ProcedureStepDescription": "Projekte_fMRI_12ch_localizer",
    "ProtocolName": "NIN_EPI_3x3x3_TR2000_sentence_215",
    "PulseSequenceDetails": "%CustomerSeq%_nin_ep2d_bold_v5a",
    "ReceiveCoilName": "HeadMatrix",
    "ReconMatrixPE": 64,
    "RefLinesPE": 24,
    "RepetitionTime": 2,
    "SAR": 0.119072,
    "ScanOptions": "FS",
    "ScanningSequence": "EP",
    "SequenceName": "ninepbo2d1_64",
    "SequenceVariant": "SK",
    "SeriesDescription": "NIN_EPI_3x3x3_TR2000_sentence_215",
    "SeriesNumber": 4,
    "ShimSetting": [
      -6758,
      -5605,
      -10746,
      614,
      684,
      1143,
      174,
      -17
    ],
    "SliceThickness": 3,
    "SliceTiming": [
      0,
      1.03,
      0.0525,
      1.085,
      0.1075,
      1.1375,
      0.1625,
      1.1925,
      0.215,
      1.2475,
      0.27,
      1.3,
      0.325,
      1.355,
      0.3775,
      1.41,
      0.4325,
      1.465,
      0.4875,
      1.5175,
      0.5425,
      1.5725,
      0.595,
      1.6275,
      0.65,
      1.68,
      0.705,
      1.735,
      0.7575,
      1.79,
      0.8125,
      1.845,
      0.8675,
      1.8975,
      0.9225,
      1.9525,
      0.975
    ],
    "SoftwareVersions": "syngo_MR_B17",
    "SpacingBetweenSlices": 3.3,
    "StationName": "MRC35370",
    "TotalReadoutTime": 0.0166951,
    "TxRefAmp": 291.742,
    "dataset": "ds002842",
    "modality": "bold",
    "run_id": 1,
    "subject_id": "17",
    "task_id": "silentreading"
  },
  "dummy_trs": 0,
  "dvars_nstd": 28.78469776429906,
  "dvars_std": 1.051109345887851,
  "dvars_vstd": 0.9999035942990654,
  "efc": 0.5542053309944945,
  "fber": 899.4208374023438,
  "fd_mean": 0.06842986381773893,
  "fd_num": 2,
  "fd_perc": 0.9302325581395349,
  "fwhm_avg": 1.935130514109696,
  "fwhm_x": 1.8458666666666668,
  "fwhm_y": 2.078673333333333,
  "fwhm_z": 1.880851542329088,
  "gcor": 0.00914744,
  "gsr_x": -0.0018057979177683592,
  "gsr_y": 0.04101572185754776,
  "provenance": {
    "md5sum": "f633a8b7bb398db29817c6796bb05299",
    "settings": {
      "fd_thres": 0.2,
      "testing": false
    },
    "software": "mriqc",
    "version": "23.0.1",
    "webapi_port": null,
    "webapi_url": "https://mriqc.nimh.nih.gov/api/v1"
  },
  "size_t": 215,
  "size_x": 64,
  "size_y": 64,
  "size_z": 37,
  "snr": 5.443641739817369,
  "spacing_tr": 2.0,
  "spacing_x": 3.0,
  "spacing_y": 3.0,
  "spacing_z": 3.299999952316284,
  "summary_bg_k": 45.890177216212365,
  "summary_bg_mad": 8.012951342289698,
  "summary_bg_mean": 48.92085647583008,
  "summary_bg_median": 28.604650497436523,
  "summary_bg_n": 85919.0,
  "summary_bg_p05": 21.548837661743164,
  "summary_bg_p95": 143.15255584716763,
  "summary_bg_stdv": 66.21186828613281,
  "summary_fg_k": 1.2492139268595617,
  "summary_fg_mad": 147.01208144529605,
  "summary_fg_mean": 886.4295654296875,
  "summary_fg_median": 869.641845703125,
  "summary_fg_n": 32572.0,
  "summary_fg_p05": 669.20302734375,
  "summary_fg_p95": 1177.531420898437,
  "summary_fg_stdv": 159.75123596191406,
  "tsnr": 49.381350411102176
}