{
  "bids_meta": {
    "AcquisitionMatrixPE": 256,
    "AcquisitionNumber": 1,
    "AcquisitionTime": "16:20:50.407500",
    "BaseResolution": 256,
    "CoilString": "T:HEA;HEP",
    "ConversionSoftware": "dcm2niix",
    "ConversionSoftwareVersion": "v1.0.20190902",
    "DeviceSerialNumber": "35370",
    "DwellTime": 1.15e-05,
    "EchoTime": 0.00252,
    "FlipAngle": 9,
    "ImageOrientationPatientDICOM": [
      3.04585e-05,
      0.999998,
      0.00174505,
      -0.0174524,
      0.00174532,
      -0.999846
    ],
    "ImageType": [
      "ORIGINAL",
      "PRIMARY",
      "M",
      "ND",
      "NORM"
    ],
    "ImagingFrequency": 123.243,
    "InPlanePhaseEncodingDirectionDICOM": "ROW",
    "InstitutionAddress": "Habelschwerdter_Allee_45_Berlin_District_DE_14195",
    "InstitutionName": "Freie_Universitaet",
    "InstitutionalDepartmentName": "Department",
    "InversionTime": 0.9,
    "MRAcquisitionType": "3D",
    "MagneticFieldStrength": 3,
    "Manufacturer": "Siemens",
    "ManufacturersModelName": "TrioTim",
    "Modality": "MR",
    "ParallelReductionFactorInPlane": 2,
    "PartialFourier": 1,
    "PatientPosition": "HFS",
    "PercentPhaseFOV": 100,
    "PhaseEncodingSteps": 255,
    "PhaseResolution": 1,
    "PixelBandwidth": 170,
    "ProcedureStepDescription": "Projekte_fMRI_12ch_localizer",
    "ProtocolName": "t1_mpr_1x1x1_176",
    "PulseSequenceDetails": "%SiemensSeq%_tfl",
    "ReceiveCoilName": "HeadMatrix",
    "ReconMatrixPE": 256,
    "RefLinesPE": 24,
    "RepetitionTime": 1.9,
    "SAR": 0.120217,
    "ScanOptions": "IR",
    "ScanningSequence": "GR_IR",
    "SequenceName": "_tfl3d1_ns",
    "SequenceVariant": "SP_MP",
    "SeriesDescription": "t1_mpr_1x1x1_176",
    "SeriesNumber": 6,
    "ShimSetting": [
      -6822,
      -5721,
      -10833,
      84,
      606,
      605,
      357,
      98
    ],
    "SliceThickness": 1,
    "SoftwareVersions": "syngo_MR_B17",
    "StationName": "MRC35370",
    "TxRefAmp": 301.1,
    "dataset": "ds002842",
    "modality": "T1w",
    "subject_id": "03"
  },
  "cjv": 0.3713896951709845,
  "cnr": 3.7108060366869053,
  "efc": 0.5314438685340517,
  "fber": 25859.967003567184,
  "fwhm_avg": 4.166060000000001,
  "fwhm_x": 4.15529,
  "fwhm_y": 4.13121,
  "fwhm_z": 4.21168,
  "icvs_csf": 0.2153173997582785,
  "icvs_gm": 0.4439385355135931,
  "icvs_wm": 0.3407440647281284,
  "inu_med": 0.49088121950626373,
  "inu_range": 0.18556967228651045,
  "provenance": {
    "md5sum": "dc4ffc72cb9a0c55293006bdec0fc460",
    "settings": {
      "testing": false
    },
    "software": "mriqc",
    "version": "23.0.1",
    "warnings": {
      "large_rot_frame": true,
      "small_air_mask": false
    },
    "webapi_port": null,
    "webapi_url": "https://mriqc.nimh.nih.gov/api/v1"
  },
  "qi_1": 0.0,
  "qi_2": 0.005070744433866125,
  "rpve_csf": 27.30970719787365,
  "rpve_gm": 13.79454325322356,
  "rpve_wm": 19.84643867834665,
  "size_x": 176,
  "size_y": 256,
  "size_z": 256,
  "snr_csf": 3.340224850870679,
  "snr_gm": 14.441178759930732,
  "snr_total": 13.689083349846058,
  "snr_wm": 23.285846438736765,
  "snrd_csf": 26.035046291702262,
  "snrd_gm": 63.03170451385552,
  "snrd_total": 57.75713924717332,
  "snrd_wm": 84.20466693596218,
  "spacing_x": 1.0,
  "spacing_y": 1.0,
  "spacing_z": 1.0,
  "summary_bg_k": 8.677617140155654,
  "summary_bg_mad": 0.0,
  "summary_bg_mean": 4.651159588663974,
  "summary_bg_median": 0.0,
  "summary_bg_n": 2888544.0,
  "summary_bg_p05": 0.0,
  "summary_bg_p95": 21.40790781006217,
  "summary_bg_stdv": 7.780586350681075,
  "summary_csf_k": 1.9108143633423342,
  "summary_csf_mad": 69.25482425775544,
  "summary_csf_mean": 320.1957818421369,
  "summary_csf_median": 309.1996198296547,
  "summary_csf_n": 41208.0,
  "summary_csf_p05": 193.81678265444933,
  "summary_csf_p95": 493.2690541893244,
  "summary_csf_stdv": 92.56738151391538,
  "summary_gm_k": 0.0178141965334655,
  "summary_gm_mad": 52.04119741912258,
  "summary_gm_mean": 747.5901635471982,
  "summary_gm_median": 748.5824628286064,
  "summary_gm_n": 30203.0,
  "summary_gm_p05": 660.9489029120654,
  "summary_gm_p95": 831.2787034664302,
  "summary_gm_stdv": 51.83580112481612,
  "summary_wm_k": 0.3592036710364952,
  "summary_wm_mad": 41.347017290138055,
  "summary_wm_mean": 1000.8227969867116,
  "summary_wm_median": 1000.0385907813907,
  "summary_wm_n": 164764.0,
  "summary_wm_p05": 931.6490042097867,
  "summary_wm_p95": 1072.2468852326274,
  "summary_wm_stdv": 42.94606849045414,
  "tpm_overlap_csf": 0.15816461230823764,
  "tpm_overlap_gm": 0.4775095444374045,
  "tpm_overlap_wm": 0.5141713789941628,
  "wm2max": 0.4852057717141093
}