{
  "aor": 0.0005615348837209302,
  "aqi": 0.007526539255813955,
  "bids_meta": {
    "AcquisitionMatrixPE": 64,
    "AcquisitionNumber": 1,
    "AcquisitionTime": "15:59:2.400000",
    "BandwidthPerPixelPhaseEncode": 58.962,
    "BaseResolution": 64,
    "CoilString": "T:HEA;HEP",
    "ConversionSoftware": "dcm2niix",
    "ConversionSoftwareVersion": "v1.0.20190902",
    "DerivedVendorReportedEchoSpacing": 0.000530002,
    "DeviceSerialNumber": "35370",
    "DwellTime": 3.5e-06,
    "EchoTime": 0.03,
    "EffectiveEchoSpacing": 0.000265001,
    "FlipAngle": 70,
    "ImageOrientationPatientDICOM": [
      0.999995,
      0.00322729,
      0.000508501,
      -0.00314156,
      0.992581,
      -0.121549
    ],
    "ImageType": [
      "ORIGINAL",
      "PRIMARY",
      "M",
      "ND",
      "MOSAIC"
    ],
    "ImagingFrequency": 123.243,
    "InPlanePhaseEncodingDirectionDICOM": "COL",
    "InstitutionAddress": "Habelschwerdter_Allee_45_Berlin_District_DE_14195",
    "InstitutionName": "Freie_Universitaet",
    "InstitutionalDepartmentName": "Department",
    "MRAcquisitionType": "2D",
    "MagneticFieldStrength": 3,
    "Manufacturer": "Siemens",
    "ManufacturersModelName": "TrioTim",
    "Modality": "MR",
    "ParallelReductionFactorInPlane": 2,
    "PartialFourier": 1,
    "PatientPosition": "HFS",
    "PercentPhaseFOV": 100,
    "PhaseEncodingDirection": "j-",
    "PhaseEncodingSteps": 63,
    "PhaseResolution": 1,
    "PixelBandwidth": 2232,
    "ProcedureStepDescription": "Projekte_fMRI_12ch_localizer",
    "ProtocolName": "NIN_EPI_3x3x3_TR2000_sentence_215",
    "PulseSequenceDetails": "%CustomerSeq%_nin_ep2d_bold_v5a",
    "ReceiveCoilName": "HeadMatrix",
    "ReconMatrixPE": 64,
    "RefLinesPE": 24,
    "RepetitionTime": 2,
    "SAR": 0.123679,
    "ScanOptions": "FS",
    "ScanningSequence": "EP",
    "SequenceName": "ninepbo2d1_64",
    "SequenceVariant": "SK",
    "SeriesDescription": "NIN_EPI_3x3x3_TR2000_sentence_215",
    "SeriesNumber": 5,
    "ShimSetting": [
      -6778,
      -5537,
      -10651,
      562,
      648,
      1489,
      575,
      115
    ],
    "SliceThickness": 3,
    "SliceTiming": [
      0,
      1.0325,
      0.055,
      1.0875,
      0.11,
      1.14,
      0.1625,
      1.195,
      0.2175,
      1.25,
      0.2725,
      1.3025,
      0.3275,
      1.3575,
      0.38,
      1.4125,
      0.435,
      1.465,
      0.49,
      1.52,
      0.5425,
      1.575,
      0.5975,
      1.63,
      0.6525,
      1.6825,
      0.7075,
      1.7375,
      0.76,
      1.7925,
      0.815,
      1.845,
      0.87,
      1.9,
      0.9225,
      1.955,
      0.9775
    ],
    "SoftwareVersions": "syngo_MR_B17",
    "SpacingBetweenSlices": 3.3,
    "StationName": "MRC35370",
    "TotalReadoutTime": 0.0166951,
    "TxRefAmp": 299.758,
    "dataset": "ds002842",
    "modality": "bold",
    "run_id": 2,
    "subject_id": "09",
    "task_id": "silentreading"
  },
  "dummy_trs": 0,
  "dvars_nstd": 30.063235737383152,
  "dvars_std": 1.0744593810747656,
  "dvars_vstd": 1.0078849309345788,
  "efc": 0.5530574417539449,
  "fber": 934.0963745117188,
  "fd_mean": 0.1151771066381193,
  "fd_num": 14,
  "fd_perc": 6.511627906976744,
  "fwhm_avg": 1.8113717844067452,
  "fwhm_x": 1.7223600000000001,
  "fwhm_y": 1.9586766666666666,
  "fwhm_z": 1.7530786865535688,
  "gcor": 0.00927502,
  "gsr_x": -0.003406875766813755,
  "gsr_y": 0.0420009084045887,
  "provenance": {
    "md5sum": "abe212ccb702e625b4803780899eaea1",
    "settings": {
      "fd_thres": 0.2,
      "testing": false
    },
    "software": "mriqc",
    "version": "23.0.1",
    "webapi_port": null,
    "webapi_url": "https://mriqc.nimh.nih.gov/api/v1"
  },
  "size_t": 215,
  "size_x": 64,
  "size_y": 64,
  "size_z": 37,
  "snr": 5.6331292440329985,
  "spacing_tr": 2.0,
  "spacing_x": 3.0,
  "spacing_y": 3.0,
  "spacing_z": 3.3000001907348633,
  "summary_bg_k": 50.36209978982184,
  "summary_bg_mad": 7.730218311950215,
  "summary_bg_mean": 51.55426788330078,
  "summary_bg_median": 28.572092056274414,
  "summary_bg_n": 86580.0,
  "summary_bg_p05": 21.799999237060547,
  "summary_bg_p95": 163.2158187866212,
  "summary_bg_stdv": 72.8801040649414,
  "summary_fg_k": 2.472189774574103,
  "summary_fg_mad": 131.8860820657609,
  "summary_fg_mean": 896.9478759765625,
  "summary_fg_median": 881.867431640625,
  "summary_fg_n": 31472.0,
  "summary_fg_p05": 683.5932495117188,
  "summary_fg_p95": 1174.245587158203,
  "summary_fg_stdv": 156.54769897460938,
  "tsnr": 51.97563782008365
}