{
  "aor": 0.00045641860465116284,
  "aqi": 0.00835224953488372,
  "bids_meta": {
    "AcquisitionMatrixPE": 64,
    "AcquisitionNumber": 1,
    "AcquisitionTime": "15:50:45.577500",
    "BandwidthPerPixelPhaseEncode": 58.962,
    "BaseResolution": 64,
    "CoilString": "T:HEA;HEP",
    "ConversionSoftware": "dcm2niix",
    "ConversionSoftwareVersion": "v1.0.20190902",
    "DerivedVendorReportedEchoSpacing": 0.000530002,
    "DeviceSerialNumber": "35370",
    "DwellTime": 3.5e-06,
    "EchoTime": 0.03,
    "EffectiveEchoSpacing": 0.000265001,
    "FlipAngle": 70,
    "ImageOrientationPatientDICOM": [
      0.999995,
      0.00322729,
      0.000508501,
      -0.00314156,
      0.992581,
      -0.121549
    ],
    "ImageType": [
      "ORIGINAL",
      "PRIMARY",
      "M",
      "ND",
      "MOSAIC"
    ],
    "ImagingFrequency": 123.243,
    "InPlanePhaseEncodingDirectionDICOM": "COL",
    "InstitutionAddress": "Habelschwerdter_Allee_45_Berlin_District_DE_14195",
    "InstitutionName": "Freie_Universitaet",
    "InstitutionalDepartmentName": "Department",
    "MRAcquisitionType": "2D",
    "MagneticFieldStrength": 3,
    "Manufacturer": "Siemens",
    "ManufacturersModelName": "TrioTim",
    "Modality": "MR",
    "ParallelReductionFactorInPlane": 2,
    "PartialFourier": 1,
    "PatientPosition": "HFS",
    "PercentPhaseFOV": 100,
    "PhaseEncodingDirection": "j-",
    "PhaseEncodingSteps": 63,
    "PhaseResolution": 1,
    "PixelBandwidth": 2232,
    "ProcedureStepDescription": "Projekte_fMRI_12ch_localizer",
    "ProtocolName": "NIN_EPI_3x3x3_TR2000_sentence_215",
    "PulseSequenceDetails": "%CustomerSeq%_nin_ep2d_bold_v5a",
    "ReceiveCoilName": "HeadMatrix",
    "ReconMatrixPE": 64,
    "RefLinesPE": 24,
    "RepetitionTime": 2,
    "SAR": 0.123679,
    "ScanOptions": "FS",
    "ScanningSequence": "EP",
    "SequenceName": "ninepbo2d1_64",
    "SequenceVariant": "SK",
    "SeriesDescription": "NIN_EPI_3x3x3_TR2000_sentence_215",
    "SeriesNumber": 4,
    "ShimSetting": [
      -6778,
      -5537,
      -10651,
      562,
      648,
      1489,
      575,
      115
    ],
    "SliceThickness": 3,
    "SliceTiming": [
      0,
      1.0325,
      0.055,
      1.085,
      0.11,
      1.14,
      0.1625,
      1.195,
      0.2175,
      1.2475,
      0.2725,
      1.3025,
      0.325,
      1.3575,
      0.38,
      1.4125,
      0.435,
      1.465,
      0.4875,
      1.52,
      0.5425,
      1.575,
      0.5975,
      1.6275,
      0.6525,
      1.6825,
      0.705,
      1.7375,
      0.76,
      1.79,
      0.815,
      1.845,
      0.8675,
      1.9,
      0.9225,
      1.955,
      0.9775
    ],
    "SoftwareVersions": "syngo_MR_B17",
    "SpacingBetweenSlices": 3.3,
    "StationName": "MRC35370",
    "TotalReadoutTime": 0.0166951,
    "TxRefAmp": 299.758,
    "dataset": "ds002842",
    "modality": "bold",
    "run_id": 1,
    "subject_id": "09",
    "task_id": "silentreading"
  },
  "dummy_trs": 0,
  "dvars_nstd": 30.188494860373837,
  "dvars_std": 1.066417562850467,
  "dvars_vstd": 1.001608785093458,
  "efc": 0.5528789022348047,
  "fber": 926.4746704101562,
  "fd_mean": 0.11294053108658766,
  "fd_num": 15,
  "fd_perc": 6.976744186046512,
  "fwhm_avg": 1.8272419858182536,
  "fwhm_x": 1.72848,
  "fwhm_y": 1.9685733333333333,
  "fwhm_z": 1.7846726241214277,
  "gcor": 0.01266,
  "gsr_x": -0.0034860894083976746,
  "gsr_y": 0.04374334216117859,
  "provenance": {
    "md5sum": "75acd3750e4a666e370afe4a74215c33",
    "settings": {
      "fd_thres": 0.2,
      "testing": false
    },
    "software": "mriqc",
    "version": "23.0.1",
    "webapi_port": null,
    "webapi_url": "https://mriqc.nimh.nih.gov/api/v1"
  },
  "size_t": 215,
  "size_x": 64,
  "size_y": 64,
  "size_z": 37,
  "snr": 5.671441692451982,
  "spacing_tr": 2.0,
  "spacing_x": 3.0,
  "spacing_y": 3.0,
  "spacing_z": 3.3000001907348633,
  "summary_bg_k": 51.76901724976503,
  "summary_bg_mad": 7.66815572251551,
  "summary_bg_mean": 51.467655181884766,
  "summary_bg_median": 28.64651107788086,
  "summary_bg_n": 86723.0,
  "summary_bg_p05": 21.879070281982422,
  "summary_bg_p95": 159.79488372802732,
  "summary_bg_stdv": 72.779296875,
  "summary_fg_k": 2.496570114188149,
  "summary_fg_mad": 131.42068758274246,
  "summary_fg_mean": 897.0809936523438,
  "summary_fg_median": 881.446533203125,
  "summary_fg_n": 31461.0,
  "summary_fg_p05": 683.6046752929688,
  "summary_fg_p95": 1173.2744140625,
  "summary_fg_stdv": 155.41595458984375,
  "tsnr": 50.665720926830545
}