{
  "bids_meta": {
    "AcquisitionMatrixPE": 256,
    "AcquisitionNumber": 1,
    "AcquisitionTime": "15:30:40.260000",
    "BaseResolution": 256,
    "CoilString": "T:HEA;HEP",
    "ConversionSoftware": "dcm2niix",
    "ConversionSoftwareVersion": "v1.0.20190902",
    "DeviceSerialNumber": "35370",
    "DwellTime": 1.15e-05,
    "EchoTime": 0.00252,
    "FlipAngle": 9,
    "ImageOrientationPatientDICOM": [
      5.48257e-05,
      0.999998,
      0.00174446,
      -0.0314107,
      0.00174532,
      -0.999505
    ],
    "ImageType": [
      "ORIGINAL",
      "PRIMARY",
      "M",
      "ND",
      "NORM"
    ],
    "ImagingFrequency": 123.243,
    "InPlanePhaseEncodingDirectionDICOM": "ROW",
    "InstitutionAddress": "Habelschwerdter_Allee_45_Berlin_District_DE_14195",
    "InstitutionName": "D.I.N.E",
    "InstitutionalDepartmentName": "Department",
    "InversionTime": 0.9,
    "MRAcquisitionType": "3D",
    "MagneticFieldStrength": 3,
    "Manufacturer": "Siemens",
    "ManufacturersModelName": "TrioTim",
    "Modality": "MR",
    "ParallelReductionFactorInPlane": 2,
    "PartialFourier": 1,
    "PatientPosition": "HFS",
    "PercentPhaseFOV": 100,
    "PhaseEncodingSteps": 255,
    "PhaseResolution": 1,
    "PixelBandwidth": 170,
    "ProcedureStepDescription": "Projekte_fMRI_12ch_localizer",
    "ProtocolName": "t1_mpr_1x1x1_176",
    "PulseSequenceDetails": "%SiemensSeq%_tfl",
    "ReceiveCoilName": "HeadMatrix",
    "ReconMatrixPE": 256,
    "RefLinesPE": 24,
    "RepetitionTime": 1.9,
    "SAR": 0.094682,
    "ScanOptions": "IR",
    "ScanningSequence": "GR_IR",
    "SequenceName": "_tfl3d1_ns",
    "SequenceVariant": "SP_MP",
    "SeriesDescription": "t1_mpr_1x1x1_176",
    "SeriesNumber": 6,
    "ShimSetting": [
      -6838,
      -5561,
      -10877,
      0,
      468,
      795,
      55,
      105
    ],
    "SliceThickness": 1,
    "SoftwareVersions": "syngo_MR_B17",
    "StationName": "MRC35370",
    "TxRefAmp": 309.691,
    "dataset": "ds002842",
    "modality": "T1w",
    "subject_id": "12"
  },
  "cjv": 0.34904312319078074,
  "cnr": 3.918848818039527,
  "efc": 0.600770068007928,
  "fber": 19016.410000000003,
  "fwhm_avg": 4.2973333333333334,
  "fwhm_x": 4.29013,
  "fwhm_y": 4.345,
  "fwhm_z": 4.25687,
  "icvs_csf": 0.17903701966187024,
  "icvs_gm": 0.44204299254958307,
  "icvs_wm": 0.3789199877885467,
  "inu_med": 0.4300757497549057,
  "inu_range": 0.1534124359488488,
  "provenance": {
    "md5sum": "79466572d0b8fe002016807c3e3ce9e7",
    "settings": {
      "testing": false
    },
    "software": "mriqc",
    "version": "23.0.1",
    "warnings": {
      "large_rot_frame": true,
      "small_air_mask": false
    },
    "webapi_port": null,
    "webapi_url": "https://mriqc.nimh.nih.gov/api/v1"
  },
  "qi_1": 0.0,
  "qi_2": 0.006499843726553437,
  "rpve_csf": 25.14829955869761,
  "rpve_gm": 11.119128713568793,
  "rpve_wm": 14.663634057144614,
  "size_x": 176,
  "size_y": 256,
  "size_z": 256,
  "snr_csf": 2.472294684279125,
  "snr_gm": 12.406505275396164,
  "snr_total": 13.17493190265922,
  "snr_wm": 24.645995748302376,
  "snrd_csf": 21.425939228490538,
  "snrd_gm": 50.772489252208935,
  "snrd_total": 47.56869029583283,
  "snrd_wm": 70.50764240679902,
  "spacing_x": 1.0,
  "spacing_y": 1.0,
  "spacing_z": 1.0,
  "summary_bg_k": 11.279058069826055,
  "summary_bg_mad": 0.0,
  "summary_bg_mean": 5.9641619492157485,
  "summary_bg_median": 0.0,
  "summary_bg_n": 2510302.0,
  "summary_bg_p05": 0.0,
  "summary_bg_p95": 24.179164990782738,
  "summary_bg_stdv": 9.292015085212677,
  "summary_csf_k": 3.949209623875487,
  "summary_csf_mad": 100.63908731561072,
  "summary_csf_mean": 301.7889024131984,
  "summary_csf_median": 303.8911446928978,
  "summary_csf_n": 33508.0,
  "summary_csf_p05": 81.89701191242784,
  "summary_csf_p95": 501.45342038944364,
  "summary_csf_stdv": 122.91682378544483,
  "summary_gm_k": -0.059856981031962686,
  "summary_gm_mad": 58.4245407141234,
  "summary_gm_mean": 721.1729404294655,
  "summary_gm_median": 720.122917983681,
  "summary_gm_n": 43606.0,
  "summary_gm_p05": 627.0149653637782,
  "summary_gm_p95": 818.193875439465,
  "summary_gm_stdv": 58.043312342790905,
  "summary_wm_k": 0.3261386823832555,
  "summary_wm_mad": 39.276179088622776,
  "summary_wm_mean": 1001.1858097632295,
  "summary_wm_median": 1000.0330875627697,
  "summary_wm_n": 255898.0,
  "summary_wm_p05": 936.5792952850461,
  "summary_wm_p95": 1069.5977343805134,
  "summary_wm_stdv": 40.57580565238817,
  "tpm_overlap_csf": 0.1427121559595034,
  "tpm_overlap_gm": 0.46116563415597656,
  "tpm_overlap_wm": 0.5208109347183241,
  "wm2max": 0.5799049386878466
}