{
  "aor": 0.0004041395348837209,
  "aqi": 0.00801781306976744,
  "bids_meta": {
    "AcquisitionMatrixPE": 64,
    "AcquisitionNumber": 1,
    "AcquisitionTime": "11:14:24.597500",
    "BandwidthPerPixelPhaseEncode": 58.962,
    "BaseResolution": 64,
    "CoilString": "T:HEA;HEP",
    "ConversionSoftware": "dcm2niix",
    "ConversionSoftwareVersion": "v1.0.20190902",
    "DerivedVendorReportedEchoSpacing": 0.000530002,
    "DeviceSerialNumber": "35370",
    "DwellTime": 3.5e-06,
    "EchoTime": 0.03,
    "EffectiveEchoSpacing": 0.000265001,
    "FlipAngle": 70,
    "ImageOrientationPatientDICOM": [
      0.999231,
      0.00699937,
      0.0385918,
      -0.00313918,
      0.995063,
      -0.0991935
    ],
    "ImageType": [
      "ORIGINAL",
      "PRIMARY",
      "M",
      "ND",
      "MOSAIC"
    ],
    "ImagingFrequency": 123.243,
    "InPlanePhaseEncodingDirectionDICOM": "COL",
    "InstitutionAddress": "Habelschwerdter_Allee_45_Berlin_District_DE_14195",
    "InstitutionName": "D.I.N.E",
    "InstitutionalDepartmentName": "Department",
    "MRAcquisitionType": "2D",
    "MagneticFieldStrength": 3,
    "Manufacturer": "Siemens",
    "ManufacturersModelName": "TrioTim",
    "Modality": "MR",
    "ParallelReductionFactorInPlane": 2,
    "PartialFourier": 1,
    "PatientPosition": "HFS",
    "PercentPhaseFOV": 100,
    "PhaseEncodingDirection": "j-",
    "PhaseEncodingSteps": 63,
    "PhaseResolution": 1,
    "PixelBandwidth": 2232,
    "ProcedureStepDescription": "Projekte_fMRI_12ch_localizer",
    "ProtocolName": "NIN_EPI_3x3x3_TR2000_sentence_215",
    "PulseSequenceDetails": "%CustomerSeq%_nin_ep2d_bold_v5a",
    "ReceiveCoilName": "HeadMatrix",
    "ReconMatrixPE": 64,
    "RefLinesPE": 24,
    "RepetitionTime": 2,
    "SAR": 0.138029,
    "ScanOptions": "FS",
    "ScanningSequence": "EP",
    "SequenceName": "ninepbo2d1_64",
    "SequenceVariant": "SK",
    "SeriesDescription": "NIN_EPI_3x3x3_TR2000_sentence_215",
    "SeriesNumber": 5,
    "ShimSetting": [
      -6721,
      -5598,
      -10645,
      659,
      814,
      1713,
      257,
      -5
    ],
    "SliceThickness": 3,
    "SliceTiming": [
      0,
      1.0325,
      0.055,
      1.085,
      0.11,
      1.14,
      0.1625,
      1.195,
      0.2175,
      1.2475,
      0.2725,
      1.3025,
      0.325,
      1.3575,
      0.38,
      1.41,
      0.435,
      1.465,
      0.4875,
      1.52,
      0.5425,
      1.575,
      0.5975,
      1.6275,
      0.6525,
      1.6825,
      0.705,
      1.7375,
      0.76,
      1.79,
      0.815,
      1.845,
      0.8675,
      1.9,
      0.9225,
      1.955,
      0.9775
    ],
    "SoftwareVersions": "syngo_MR_B17",
    "SpacingBetweenSlices": 3.3,
    "StationName": "MRC35370",
    "TotalReadoutTime": 0.0166951,
    "TxRefAmp": 292.974,
    "dataset": "ds002842",
    "modality": "bold",
    "run_id": 2,
    "subject_id": "13",
    "task_id": "silentreading"
  },
  "dummy_trs": 0,
  "dvars_nstd": 30.476622572289727,
  "dvars_std": 1.0891818430373827,
  "dvars_vstd": 1.0028825218691595,
  "efc": 0.5393246719264649,
  "fber": 910.1732177734375,
  "fd_mean": 0.08109280818078979,
  "fd_num": 5,
  "fd_perc": 2.3255813953488373,
  "fwhm_avg": 1.893214251393145,
  "fwhm_x": 1.8317066666666666,
  "fwhm_y": 1.98583,
  "fwhm_z": 1.8621060875127688,
  "gcor": 0.00820436,
  "gsr_x": -0.003988084848970175,
  "gsr_y": 0.03252909332513809,
  "provenance": {
    "md5sum": "bd2b588c249823939e96fb1ac13ea045",
    "settings": {
      "fd_thres": 0.2,
      "testing": false
    },
    "software": "mriqc",
    "version": "23.0.1",
    "webapi_port": null,
    "webapi_url": "https://mriqc.nimh.nih.gov/api/v1"
  },
  "size_t": 215,
  "size_x": 64,
  "size_y": 64,
  "size_z": 37,
  "snr": 5.4773437782433,
  "spacing_tr": 2.0,
  "spacing_x": 3.0,
  "spacing_y": 3.0,
  "spacing_z": 3.299999952316284,
  "summary_bg_k": 39.672216039419304,
  "summary_bg_mad": 6.709636964160899,
  "summary_bg_mean": 47.31467819213867,
  "summary_bg_median": 28.023256301879883,
  "summary_bg_n": 88907.0,
  "summary_bg_p05": 21.865116119384766,
  "summary_bg_p95": 134.12140045165998,
  "summary_bg_stdv": 69.48970031738281,
  "summary_fg_k": 1.200486296290764,
  "summary_fg_mad": 143.02283721301393,
  "summary_fg_mean": 869.2647705078125,
  "summary_fg_median": 855.4232177734375,
  "summary_fg_n": 29672.0,
  "summary_fg_p05": 649.4548614501954,
  "summary_fg_p95": 1147.1090209960937,
  "summary_fg_stdv": 156.1721954345703,
  "tsnr": 50.26724980561994
}