{
  "aor": 0.000344046511627907,
  "aqi": 0.009538552418604651,
  "bids_meta": {
    "AcquisitionMatrixPE": 64,
    "AcquisitionNumber": 1,
    "AcquisitionTime": "15:21:45.045000",
    "BandwidthPerPixelPhaseEncode": 58.962,
    "BaseResolution": 64,
    "CoilString": "T:HEA;HEP",
    "ConversionSoftware": "dcm2niix",
    "ConversionSoftwareVersion": "v1.0.20190902",
    "DerivedVendorReportedEchoSpacing": 0.000530002,
    "DeviceSerialNumber": "35370",
    "DwellTime": 3.5e-06,
    "EchoTime": 0.03,
    "EffectiveEchoSpacing": 0.000265001,
    "FlipAngle": 70,
    "ImageOrientationPatientDICOM": [
      0.998882,
      0.0119197,
      0.0457478,
      -0.00313815,
      0.982276,
      -0.187415
    ],
    "ImageType": [
      "ORIGINAL",
      "PRIMARY",
      "M",
      "ND",
      "MOSAIC"
    ],
    "ImagingFrequency": 123.243,
    "InPlanePhaseEncodingDirectionDICOM": "COL",
    "InstitutionAddress": "Habelschwerdter_Allee_45_Berlin_District_DE_14195",
    "InstitutionName": "D.I.N.E",
    "InstitutionalDepartmentName": "Department",
    "MRAcquisitionType": "2D",
    "MagneticFieldStrength": 3,
    "Manufacturer": "Siemens",
    "ManufacturersModelName": "TrioTim",
    "Modality": "MR",
    "ParallelReductionFactorInPlane": 2,
    "PartialFourier": 1,
    "PatientPosition": "HFS",
    "PercentPhaseFOV": 100,
    "PhaseEncodingDirection": "j-",
    "PhaseEncodingSteps": 63,
    "PhaseResolution": 1,
    "PixelBandwidth": 2232,
    "ProcedureStepDescription": "Projekte_fMRI_12ch_localizer",
    "ProtocolName": "NIN_EPI_3x3x3_TR2000_sentence_215",
    "PulseSequenceDetails": "%CustomerSeq%_nin_ep2d_bold_v5a",
    "ReceiveCoilName": "HeadMatrix",
    "ReconMatrixPE": 64,
    "RefLinesPE": 24,
    "RepetitionTime": 2,
    "SAR": 0.119072,
    "ScanOptions": "FS",
    "ScanningSequence": "EP",
    "SequenceName": "ninepbo2d1_64",
    "SequenceVariant": "SK",
    "SeriesDescription": "NIN_EPI_3x3x3_TR2000_sentence_215",
    "SeriesNumber": 5,
    "ShimSetting": [
      -6758,
      -5605,
      -10746,
      614,
      684,
      1143,
      174,
      -17
    ],
    "SliceThickness": 3,
    "SliceTiming": [
      0,
      1.0325,
      0.055,
      1.085,
      0.11,
      1.14,
      0.1625,
      1.195,
      0.2175,
      1.25,
      0.2725,
      1.3025,
      0.3275,
      1.3575,
      0.38,
      1.4125,
      0.435,
      1.465,
      0.49,
      1.52,
      0.5425,
      1.575,
      0.5975,
      1.63,
      0.6525,
      1.6825,
      0.7075,
      1.7375,
      0.76,
      1.7925,
      0.815,
      1.845,
      0.87,
      1.9,
      0.9225,
      1.955,
      0.9775
    ],
    "SoftwareVersions": "syngo_MR_B17",
    "SpacingBetweenSlices": 3.3,
    "StationName": "MRC35370",
    "TotalReadoutTime": 0.0166951,
    "TxRefAmp": 291.742,
    "dataset": "ds002842",
    "modality": "bold",
    "run_id": 2,
    "subject_id": "17",
    "task_id": "silentreading"
  },
  "dummy_trs": 0,
  "dvars_nstd": 27.46912093481309,
  "dvars_std": 1.0170132568691586,
  "dvars_vstd": 0.9845478123364484,
  "efc": 0.5540934546409225,
  "fber": 922.9752197265625,
  "fd_mean": 0.07897428894819698,
  "fd_num": 2,
  "fd_perc": 0.9302325581395349,
  "fwhm_avg": 1.9165975847110654,
  "fwhm_x": 1.8284799999999999,
  "fwhm_y": 2.0624066666666665,
  "fwhm_z": 1.8589060874665302,
  "gcor": 0.00550368,
  "gsr_x": -0.0022774296812713146,
  "gsr_y": 0.04089060798287392,
  "provenance": {
    "md5sum": "6793fc93cf5286ad8c61ba2768f1ff48",
    "settings": {
      "fd_thres": 0.2,
      "testing": false
    },
    "software": "mriqc",
    "version": "23.0.1",
    "webapi_port": null,
    "webapi_url": "https://mriqc.nimh.nih.gov/api/v1"
  },
  "size_t": 215,
  "size_x": 64,
  "size_y": 64,
  "size_z": 37,
  "snr": 5.474469905773046,
  "spacing_tr": 2.0,
  "spacing_x": 3.0,
  "spacing_y": 3.0,
  "spacing_z": 3.299999952316284,
  "summary_bg_k": 48.97698761890026,
  "summary_bg_mad": 7.599198860832124,
  "summary_bg_mean": 48.92171859741211,
  "summary_bg_median": 28.344186782836914,
  "summary_bg_n": 85921.0,
  "summary_bg_p05": 21.581396102905273,
  "summary_bg_p95": 142.55348205566406,
  "summary_bg_stdv": 67.0716781616211,
  "summary_fg_k": 1.2887603916372194,
  "summary_fg_mad": 146.64658886957923,
  "summary_fg_mean": 885.513916015625,
  "summary_fg_median": 868.81396484375,
  "summary_fg_n": 32535.0,
  "summary_fg_p05": 670.8469604492187,
  "summary_fg_p95": 1175.7256225585936,
  "summary_fg_stdv": 158.70040893554688,
  "tsnr": 48.08621453586966
}