{
  "aor": 0.0007816279069767444,
  "aqi": 0.006850504837209301,
  "bids_meta": {
    "AcquisitionMatrixPE": 64,
    "AcquisitionNumber": 1,
    "AcquisitionTime": "14:17:26.125000",
    "BandwidthPerPixelPhaseEncode": 58.962,
    "BaseResolution": 64,
    "CoilString": "T:HEA;HEP",
    "ConversionSoftware": "dcm2niix",
    "ConversionSoftwareVersion": "v1.0.20190902",
    "DerivedVendorReportedEchoSpacing": 0.000530002,
    "DeviceSerialNumber": "35370",
    "DwellTime": 3.5e-06,
    "EchoTime": 0.03,
    "EffectiveEchoSpacing": 0.000265001,
    "FlipAngle": 70,
    "ImageOrientationPatientDICOM": [
      0.999995,
      0.00320763,
      0.000620821,
      -0.0031416,
      0.996218,
      -0.0868341
    ],
    "ImageType": [
      "ORIGINAL",
      "PRIMARY",
      "M",
      "ND",
      "MOSAIC"
    ],
    "ImagingFrequency": 123.243,
    "InPlanePhaseEncodingDirectionDICOM": "COL",
    "InstitutionAddress": "Habelschwerdter_Allee_45_Berlin_District_DE_14195",
    "InstitutionName": "D.I.N.E",
    "InstitutionalDepartmentName": "Department",
    "MRAcquisitionType": "2D",
    "MagneticFieldStrength": 3,
    "Manufacturer": "Siemens",
    "ManufacturersModelName": "TrioTim",
    "Modality": "MR",
    "ParallelReductionFactorInPlane": 2,
    "PartialFourier": 1,
    "PatientPosition": "HFS",
    "PercentPhaseFOV": 100,
    "PhaseEncodingDirection": "j-",
    "PhaseEncodingSteps": 63,
    "PhaseResolution": 1,
    "PixelBandwidth": 2232,
    "ProcedureStepDescription": "Projekte_fMRI_12ch_localizer",
    "ProtocolName": "NIN_EPI_3x3x3_TR2000_sentence_215",
    "PulseSequenceDetails": "%CustomerSeq%_nin_ep2d_bold_v5a",
    "ReceiveCoilName": "HeadMatrix",
    "ReconMatrixPE": 64,
    "RefLinesPE": 24,
    "RepetitionTime": 2,
    "SAR": 0.110688,
    "ScanOptions": "FS",
    "ScanningSequence": "EP",
    "SequenceName": "ninepbo2d1_64",
    "SequenceVariant": "SK",
    "SeriesDescription": "NIN_EPI_3x3x3_TR2000_sentence_215",
    "SeriesNumber": 5,
    "ShimSetting": [
      -6802,
      -5505,
      -10610,
      551,
      659,
      1594,
      343,
      78
    ],
    "SliceThickness": 3,
    "SliceTiming": [
      0,
      1.03,
      0.0525,
      1.085,
      0.1075,
      1.1375,
      0.1625,
      1.1925,
      0.215,
      1.2475,
      0.27,
      1.3025,
      0.325,
      1.355,
      0.38,
      1.41,
      0.4325,
      1.465,
      0.4875,
      1.5175,
      0.5425,
      1.5725,
      0.595,
      1.6275,
      0.65,
      1.68,
      0.705,
      1.735,
      0.7575,
      1.79,
      0.8125,
      1.845,
      0.8675,
      1.8975,
      0.9225,
      1.9525,
      0.975
    ],
    "SoftwareVersions": "syngo_MR_B17",
    "SpacingBetweenSlices": 3.3,
    "StationName": "MRC35370",
    "TotalReadoutTime": 0.0166951,
    "TxRefAmp": 287.58,
    "dataset": "ds002842",
    "modality": "bold",
    "run_id": 2,
    "subject_id": "20",
    "task_id": "silentreading"
  },
  "dummy_trs": 0,
  "dvars_nstd": 27.250140270327087,
  "dvars_std": 1.0476005345794392,
  "dvars_vstd": 1.0107906158878506,
  "efc": 0.543518247687282,
  "fber": 929.4953002929688,
  "fd_mean": 0.13673019368468056,
  "fd_num": 31,
  "fd_perc": 14.418604651162791,
  "fwhm_avg": 1.9400156655907086,
  "fwhm_x": 1.8613733333333335,
  "fwhm_y": 2.0849100000000003,
  "fwhm_z": 1.8737636634387922,
  "gcor": 0.0215246,
  "gsr_x": -0.002800598042085767,
  "gsr_y": 0.03308607637882233,
  "provenance": {
    "md5sum": "e87133f112a04de196c1659bc30e18a6",
    "settings": {
      "fd_thres": 0.2,
      "testing": false
    },
    "software": "mriqc",
    "version": "23.0.1",
    "webapi_port": null,
    "webapi_url": "https://mriqc.nimh.nih.gov/api/v1"
  },
  "size_t": 215,
  "size_x": 64,
  "size_y": 64,
  "size_z": 37,
  "snr": 5.809143684401872,
  "spacing_tr": 2.0,
  "spacing_x": 3.0,
  "spacing_y": 3.0,
  "spacing_z": 3.299999952316284,
  "summary_bg_k": 54.99363396530385,
  "summary_bg_mad": 7.7922809013849195,
  "summary_bg_mean": 49.97219467163086,
  "summary_bg_median": 29.102325439453125,
  "summary_bg_n": 88168.0,
  "summary_bg_p05": 22.539535522460938,
  "summary_bg_p95": 140.18720397949204,
  "summary_bg_stdv": 68.81694793701172,
  "summary_fg_k": 1.3096407252813567,
  "summary_fg_mad": 141.5092418756217,
  "summary_fg_mean": 910.9523315429688,
  "summary_fg_median": 900.7534790039062,
  "summary_fg_n": 29899.0,
  "summary_fg_p05": 683.1237365722657,
  "summary_fg_p95": 1173.9171875,
  "summary_fg_stdv": 155.05528259277344,
  "tsnr": 52.36113778478466
}