{
  "bids_meta": {
    "AcquisitionMatrixPE": 256,
    "AcquisitionNumber": 1,
    "AcquisitionTime": "13:21:47.812500",
    "BaseResolution": 256,
    "CoilString": "T:HEA;HEP",
    "ConversionSoftware": "dcm2niix",
    "ConversionSoftwareVersion": "v1.0.20190902",
    "DeviceSerialNumber": "35370",
    "DwellTime": 1.15e-05,
    "EchoTime": 0.00252,
    "FlipAngle": 9,
    "ImageOrientationPatientDICOM": [
      0.0191975,
      0.999816,
      -6.42376e-08,
      0.0558112,
      -0.0010717,
      -0.998441
    ],
    "ImageType": [
      "ORIGINAL",
      "PRIMARY",
      "M",
      "ND",
      "NORM"
    ],
    "ImagingFrequency": 123.243,
    "InPlanePhaseEncodingDirectionDICOM": "ROW",
    "InstitutionAddress": "Habelschwerdter_Allee_45_Berlin_District_DE_14195",
    "InstitutionName": "D.I.N.E",
    "InstitutionalDepartmentName": "Department",
    "InversionTime": 0.9,
    "MRAcquisitionType": "3D",
    "MagneticFieldStrength": 3,
    "Manufacturer": "Siemens",
    "ManufacturersModelName": "TrioTim",
    "Modality": "MR",
    "ParallelReductionFactorInPlane": 2,
    "PartialFourier": 1,
    "PatientPosition": "HFS",
    "PercentPhaseFOV": 100,
    "PhaseEncodingSteps": 255,
    "PhaseResolution": 1,
    "PixelBandwidth": 170,
    "ProcedureStepDescription": "Projekte_fMRI_12ch_localizer",
    "ProtocolName": "t1_mpr_1x1x1_176",
    "PulseSequenceDetails": "%SiemensSeq%_tfl",
    "ReceiveCoilName": "HeadMatrix",
    "ReconMatrixPE": 256,
    "RefLinesPE": 24,
    "RepetitionTime": 1.9,
    "SAR": 0.100617,
    "ScanOptions": "IR",
    "ScanningSequence": "GR_IR",
    "SequenceName": "_tfl3d1_ns",
    "SequenceVariant": "SP_MP",
    "SeriesDescription": "t1_mpr_1x1x1_176",
    "SeriesNumber": 6,
    "ShimSetting": [
      -6784,
      -5706,
      -10934,
      -216,
      559,
      826,
      273,
      96
    ],
    "SliceThickness": 1,
    "SoftwareVersions": "syngo_MR_B17",
    "StationName": "MRC35370",
    "TxRefAmp": 292.401,
    "dataset": "ds002842",
    "modality": "T1w",
    "subject_id": "19"
  },
  "cjv": 0.415076046634813,
  "cnr": 3.336567068514924,
  "efc": 0.546705426118609,
  "fber": 17906.721856,
  "fwhm_avg": 4.19594,
  "fwhm_x": 4.20255,
  "fwhm_y": 4.1611,
  "fwhm_z": 4.22417,
  "icvs_csf": 0.21102685400009183,
  "icvs_gm": 0.4245990780309631,
  "icvs_wm": 0.3643740679689451,
  "inu_med": 0.5130105316638947,
  "inu_range": 0.21880645304918284,
  "provenance": {
    "md5sum": "0104fedab3d50979fae2532719d427b0",
    "settings": {
      "testing": false
    },
    "software": "mriqc",
    "version": "23.0.1",
    "warnings": {
      "large_rot_frame": true,
      "small_air_mask": false
    },
    "webapi_port": null,
    "webapi_url": "https://mriqc.nimh.nih.gov/api/v1"
  },
  "qi_1": 0.0,
  "qi_2": 0.016477213536859405,
  "rpve_csf": 26.560782487191428,
  "rpve_gm": 13.653372507869884,
  "rpve_wm": 18.174427404014715,
  "size_x": 176,
  "size_y": 256,
  "size_z": 256,
  "snr_csf": 2.9403000300331357,
  "snr_gm": 12.92881552331555,
  "snr_total": 13.000358710851335,
  "snr_wm": 23.13196057920532,
  "snrd_csf": 27.11967822713643,
  "snrd_gm": 66.26222428606556,
  "snrd_total": 60.34049440716556,
  "snrd_wm": 87.6395807082947,
  "spacing_x": 1.0,
  "spacing_y": 1.0,
  "spacing_z": 1.0,
  "summary_bg_k": 10.902982169465371,
  "summary_bg_mad": 0.0,
  "summary_bg_mean": 4.462167742054387,
  "summary_bg_median": 0.0,
  "summary_bg_n": 2576425.0,
  "summary_bg_p05": 0.0,
  "summary_bg_p95": 18.72756378352642,
  "summary_bg_stdv": 7.475671759456136,
  "summary_csf_k": 1.0671887604236092,
  "summary_csf_mad": 85.73328041138184,
  "summary_csf_mean": 316.1886773409511,
  "summary_csf_median": 309.4589350372553,
  "summary_csf_n": 34868.0,
  "summary_csf_p05": 144.2714422926307,
  "summary_csf_p95": 504.952210560441,
  "summary_csf_stdv": 105.2458913262716,
  "summary_gm_k": -0.07061425542616684,
  "summary_gm_mad": 59.057854344714045,
  "summary_gm_mean": 753.4530799144043,
  "summary_gm_median": 756.1091687381268,
  "summary_gm_n": 28418.0,
  "summary_gm_p05": 653.2589454650879,
  "summary_gm_p95": 845.8111717104912,
  "summary_gm_stdv": 58.481448970180246,
  "summary_wm_k": 0.30867092221957426,
  "summary_wm_mad": 42.19334219198897,
  "summary_wm_mean": 1001.5153519969344,
  "summary_wm_median": 1000.0432558953762,
  "summary_wm_n": 183961.0,
  "summary_wm_p05": 933.5236413478851,
  "summary_wm_p95": 1075.0832632035017,
  "summary_wm_stdv": 43.23198348806259,
  "tpm_overlap_csf": 0.16836041601118304,
  "tpm_overlap_gm": 0.465389196951733,
  "tpm_overlap_wm": 0.5184259237213784,
  "wm2max": 0.4727748584047273
}