{
  "aor": 0.0003880373831775701,
  "aqi": 0.007710114719626168,
  "bids_meta": {
    "AcquisitionMatrixPE": 64,
    "AcquisitionNumber": 1,
    "AcquisitionTime": "16:10:39.020000",
    "BandwidthPerPixelPhaseEncode": 58.962,
    "BaseResolution": 64,
    "CoilString": "T:HEA;HEP",
    "ConversionSoftware": "dcm2niix",
    "ConversionSoftwareVersion": "v1.0.20190902",
    "DerivedVendorReportedEchoSpacing": 0.000530002,
    "DeviceSerialNumber": "35370",
    "DwellTime": 3.5e-06,
    "EchoTime": 0.03,
    "EffectiveEchoSpacing": 0.000265001,
    "FlipAngle": 70,
    "ImageOrientationPatientDICOM": [
      0.999995,
      0.00326695,
      3.15864e-05,
      -0.00314155,
      0.964176,
      -0.265244
    ],
    "ImageType": [
      "ORIGINAL",
      "PRIMARY",
      "M",
      "ND",
      "MOSAIC"
    ],
    "ImagingFrequency": 123.243,
    "InPlanePhaseEncodingDirectionDICOM": "COL",
    "InstitutionAddress": "Habelschwerdter_Allee_45_Berlin_District_DE_14195",
    "InstitutionName": "D.I.N.E",
    "InstitutionalDepartmentName": "Department",
    "MRAcquisitionType": "2D",
    "MagneticFieldStrength": 3,
    "Manufacturer": "Siemens",
    "ManufacturersModelName": "TrioTim",
    "Modality": "MR",
    "ParallelReductionFactorInPlane": 2,
    "PartialFourier": 1,
    "PatientPosition": "HFS",
    "PercentPhaseFOV": 100,
    "PhaseEncodingDirection": "j-",
    "PhaseEncodingSteps": 63,
    "PhaseResolution": 1,
    "PixelBandwidth": 2232,
    "ProcedureStepDescription": "Projekte_fMRI_12ch_localizer",
    "ProtocolName": "NIN_EPI_3x3x3_TR2000_sentence_215",
    "PulseSequenceDetails": "%CustomerSeq%_nin_ep2d_bold_v5a",
    "ReceiveCoilName": "HeadMatrix",
    "ReconMatrixPE": 64,
    "RefLinesPE": 24,
    "RepetitionTime": 2,
    "SAR": 0.172931,
    "ScanOptions": "FS",
    "ScanningSequence": "EP",
    "SequenceName": "ninepbo2d1_64",
    "SequenceVariant": "SK",
    "SeriesDescription": "NIN_EPI_3x3x3_TR2000_sentence_215",
    "SeriesNumber": 5,
    "ShimSetting": [
      -6808,
      -5534,
      -10672,
      297,
      428,
      1056,
      518,
      -63
    ],
    "SliceThickness": 3,
    "SliceTiming": [
      0,
      1.03,
      0.055,
      1.085,
      0.1075,
      1.14,
      0.1625,
      1.1925,
      0.2175,
      1.2475,
      0.27,
      1.3025,
      0.325,
      1.3575,
      0.38,
      1.41,
      0.435,
      1.465,
      0.4875,
      1.52,
      0.5425,
      1.5725,
      0.5975,
      1.6275,
      0.65,
      1.6825,
      0.705,
      1.7375,
      0.76,
      1.79,
      0.815,
      1.845,
      0.8675,
      1.9,
      0.9225,
      1.9525,
      0.9775
    ],
    "SoftwareVersions": "syngo_MR_B17",
    "SpacingBetweenSlices": 3.3,
    "StationName": "MRC35370",
    "TotalReadoutTime": 0.0166951,
    "TxRefAmp": 443.424,
    "dataset": "ds002842",
    "modality": "bold",
    "run_id": 2,
    "subject_id": "06",
    "task_id": "silentreading"
  },
  "dummy_trs": 1,
  "dvars_nstd": 29.340619002018762,
  "dvars_std": 1.034068650375587,
  "dvars_vstd": 1.0140562344600939,
  "efc": 0.5629692766073173,
  "fber": 722.700927734375,
  "fd_mean": 0.02814497129027722,
  "fd_num": 0,
  "fd_perc": 0.0,
  "fwhm_avg": 1.8722185945433274,
  "fwhm_x": 1.7767099999999998,
  "fwhm_y": 2.0368366666666664,
  "fwhm_z": 1.803109116963316,
  "gcor": 0.00735582,
  "gsr_x": -0.004123240243643522,
  "gsr_y": 0.03559425473213196,
  "provenance": {
    "md5sum": "3ca7f3d89bab0e105ac13f5c73cd2a1c",
    "settings": {
      "fd_thres": 0.2,
      "testing": false
    },
    "software": "mriqc",
    "version": "23.0.1",
    "webapi_port": null,
    "webapi_url": "https://mriqc.nimh.nih.gov/api/v1"
  },
  "size_t": 214,
  "size_x": 64,
  "size_y": 64,
  "size_z": 37,
  "snr": 5.6843514736817635,
  "spacing_tr": 2.0,
  "spacing_x": 3.0,
  "spacing_y": 3.0,
  "spacing_z": 3.299999952316284,
  "summary_bg_k": 47.57539275982468,
  "summary_bg_mad": 7.087391051145253,
  "summary_bg_mean": 48.71034622192383,
  "summary_bg_median": 29.864484786987305,
  "summary_bg_n": 85748.0,
  "summary_bg_p05": 23.733644485473633,
  "summary_bg_p95": 135.18527069091795,
  "summary_bg_stdv": 59.43709182739258,
  "summary_fg_k": 1.3919129313420564,
  "summary_fg_mad": 129.37432731850382,
  "summary_fg_mean": 826.1598510742188,
  "summary_fg_median": 813.570068359375,
  "summary_fg_n": 32467.0,
  "summary_fg_p05": 629.8527770996094,
  "summary_fg_p95": 1082.9807861328125,
  "summary_fg_stdv": 143.122314453125,
  "tsnr": 48.363869699067436
}