{
  "aor": 0.00029009569377990433,
  "aqi": 0.009839381387559808,
  "bids_meta": {
    "AcquisitionMatrixPE": 64,
    "AcquisitionNumber": 1,
    "AcquisitionTime": "16:02:7.535000",
    "BandwidthPerPixelPhaseEncode": 58.962,
    "BaseResolution": 64,
    "CoilString": "T:HEA;HEP",
    "ConversionSoftware": "dcm2niix",
    "ConversionSoftwareVersion": "v1.0.20190902",
    "DerivedVendorReportedEchoSpacing": 0.000530002,
    "DeviceSerialNumber": "35370",
    "DwellTime": 3.5e-06,
    "EchoTime": 0.03,
    "EffectiveEchoSpacing": 0.000265001,
    "FlipAngle": 70,
    "ImageOrientationPatientDICOM": [
      0.999995,
      0.00326695,
      3.15864e-05,
      -0.00314155,
      0.964176,
      -0.265244
    ],
    "ImageType": [
      "ORIGINAL",
      "PRIMARY",
      "M",
      "ND",
      "MOSAIC"
    ],
    "ImagingFrequency": 123.243,
    "InPlanePhaseEncodingDirectionDICOM": "COL",
    "InstitutionAddress": "Habelschwerdter_Allee_45_Berlin_District_DE_14195",
    "InstitutionName": "D.I.N.E",
    "InstitutionalDepartmentName": "Department",
    "MRAcquisitionType": "2D",
    "MagneticFieldStrength": 3,
    "Manufacturer": "Siemens",
    "ManufacturersModelName": "TrioTim",
    "Modality": "MR",
    "ParallelReductionFactorInPlane": 2,
    "PartialFourier": 1,
    "PatientPosition": "HFS",
    "PercentPhaseFOV": 100,
    "PhaseEncodingDirection": "j-",
    "PhaseEncodingSteps": 63,
    "PhaseResolution": 1,
    "PixelBandwidth": 2232,
    "ProcedureStepDescription": "Projekte_fMRI_12ch_localizer",
    "ProtocolName": "NIN_EPI_3x3x3_TR2000_sentence_215",
    "PulseSequenceDetails": "%CustomerSeq%_nin_ep2d_bold_v5a",
    "ReceiveCoilName": "HeadMatrix",
    "ReconMatrixPE": 64,
    "RefLinesPE": 24,
    "RepetitionTime": 2,
    "SAR": 0.172931,
    "ScanOptions": "FS",
    "ScanningSequence": "EP",
    "SequenceName": "ninepbo2d1_64",
    "SequenceVariant": "SK",
    "SeriesDescription": "NIN_EPI_3x3x3_TR2000_sentence_215",
    "SeriesNumber": 4,
    "ShimSetting": [
      -6808,
      -5534,
      -10672,
      297,
      428,
      1056,
      518,
      -63
    ],
    "SliceThickness": 3,
    "SliceTiming": [
      0,
      1.03,
      0.0525,
      1.085,
      0.1075,
      1.1375,
      0.1625,
      1.1925,
      0.215,
      1.2475,
      0.27,
      1.3025,
      0.325,
      1.355,
      0.38,
      1.41,
      0.4325,
      1.465,
      0.4875,
      1.5175,
      0.5425,
      1.5725,
      0.595,
      1.6275,
      0.65,
      1.6825,
      0.705,
      1.735,
      0.76,
      1.79,
      0.8125,
      1.845,
      0.8675,
      1.8975,
      0.9225,
      1.9525,
      0.975
    ],
    "SoftwareVersions": "syngo_MR_B17",
    "SpacingBetweenSlices": 3.3,
    "StationName": "MRC35370",
    "TotalReadoutTime": 0.0166951,
    "TxRefAmp": 443.424,
    "dataset": "ds002842",
    "modality": "bold",
    "run_id": 1,
    "subject_id": "06",
    "task_id": "silentreading"
  },
  "dummy_trs": 6,
  "dvars_nstd": 29.576531529615384,
  "dvars_std": 1.0080414225961536,
  "dvars_vstd": 0.991648161009615,
  "efc": 0.5635409605681919,
  "fber": 723.9730224609375,
  "fd_mean": 0.036512873882138856,
  "fd_num": 0,
  "fd_perc": 0.0,
  "fwhm_avg": 1.8669679884328776,
  "fwhm_x": 1.7744099999999998,
  "fwhm_y": 2.0337333333333336,
  "fwhm_z": 1.7927606319652996,
  "gcor": 0.00412576,
  "gsr_x": -0.004627964925020933,
  "gsr_y": 0.03554563969373703,
  "provenance": {
    "md5sum": "8aedb0c6c9a593bf4a05bb691c7896a0",
    "settings": {
      "fd_thres": 0.2,
      "testing": false
    },
    "software": "mriqc",
    "version": "23.0.1",
    "webapi_port": null,
    "webapi_url": "https://mriqc.nimh.nih.gov/api/v1"
  },
  "size_t": 209,
  "size_x": 64,
  "size_y": 64,
  "size_z": 37,
  "snr": 5.7090809995321345,
  "spacing_tr": 2.0,
  "spacing_x": 3.0,
  "spacing_y": 3.0,
  "spacing_z": 3.299999952316284,
  "summary_bg_k": 45.908665599868456,
  "summary_bg_mad": 7.402369933187654,
  "summary_bg_mean": 48.726829528808594,
  "summary_bg_median": 29.89473533630371,
  "summary_bg_n": 85628.0,
  "summary_bg_p05": 23.358850479125977,
  "summary_bg_p95": 135.11745834350566,
  "summary_bg_stdv": 59.04794692993164,
  "summary_fg_k": 1.4022481036441148,
  "summary_fg_mad": 128.39403985310642,
  "summary_fg_mean": 824.6636352539062,
  "summary_fg_median": 812.4569091796875,
  "summary_fg_n": 32492.0,
  "summary_fg_p05": 627.2566680908203,
  "summary_fg_p95": 1078.9485107421874,
  "summary_fg_stdv": 142.30738830566406,
  "tsnr": 44.468599584535696
}