{
  "bids_meta": {
    "AcquisitionMatrixPE": 256,
    "AcquisitionNumber": 1,
    "AcquisitionTime": "11:23:36.762500",
    "BaseResolution": 256,
    "CoilString": "T:HEA;HEP",
    "ConversionSoftware": "dcm2niix",
    "ConversionSoftwareVersion": "v1.0.20190902",
    "DeviceSerialNumber": "35370",
    "DwellTime": 1.15e-05,
    "EchoTime": 0.00252,
    "FlipAngle": 9,
    "ImageOrientationPatientDICOM": [
      0.000176638,
      0.999994,
      -0.00348622,
      0.0505926,
      -0.0034907,
      -0.998713
    ],
    "ImageType": [
      "ORIGINAL",
      "PRIMARY",
      "M",
      "ND",
      "NORM"
    ],
    "ImagingFrequency": 123.243,
    "InPlanePhaseEncodingDirectionDICOM": "ROW",
    "InstitutionAddress": "Habelschwerdter_Allee_45_Berlin_District_DE_14195",
    "InstitutionName": "D.I.N.E",
    "InstitutionalDepartmentName": "Department",
    "InversionTime": 0.9,
    "MRAcquisitionType": "3D",
    "MagneticFieldStrength": 3,
    "Manufacturer": "Siemens",
    "ManufacturersModelName": "TrioTim",
    "Modality": "MR",
    "ParallelReductionFactorInPlane": 2,
    "PartialFourier": 1,
    "PatientPosition": "HFS",
    "PercentPhaseFOV": 100,
    "PhaseEncodingSteps": 255,
    "PhaseResolution": 1,
    "PixelBandwidth": 170,
    "ProcedureStepDescription": "Projekte_fMRI_12ch_localizer",
    "ProtocolName": "t1_mpr_1x1x1_176",
    "PulseSequenceDetails": "%SiemensSeq%_tfl",
    "ReceiveCoilName": "HeadMatrix",
    "ReconMatrixPE": 256,
    "RefLinesPE": 24,
    "RepetitionTime": 1.9,
    "SAR": 0.127633,
    "ScanOptions": "IR",
    "ScanningSequence": "GR_IR",
    "SequenceName": "_tfl3d1_ns",
    "SequenceVariant": "SP_MP",
    "SeriesDescription": "t1_mpr_1x1x1_176",
    "SeriesNumber": 6,
    "ShimSetting": [
      -6777,
      -5727,
      -10889,
      -158,
      457,
      609,
      389,
      48
    ],
    "SliceThickness": 1,
    "SoftwareVersions": "syngo_MR_B17",
    "StationName": "MRC35370",
    "TxRefAmp": 292.974,
    "dataset": "ds002842",
    "modality": "T1w",
    "subject_id": "13"
  },
  "cjv": 0.38880532776143256,
  "cnr": 3.516457156517864,
  "efc": 0.5285163681665589,
  "fber": 20075.21245848144,
  "fwhm_avg": 4.08806,
  "fwhm_x": 4.06918,
  "fwhm_y": 4.04544,
  "fwhm_z": 4.14956,
  "icvs_csf": 0.20665825930177945,
  "icvs_gm": 0.44432068647414885,
  "icvs_wm": 0.3490210542240717,
  "inu_med": 0.4955056607723236,
  "inu_range": 0.18937751650810242,
  "provenance": {
    "md5sum": "96f88950387a769c19ef007bc34b7a43",
    "settings": {
      "testing": false
    },
    "software": "mriqc",
    "version": "23.0.1",
    "warnings": {
      "large_rot_frame": true,
      "small_air_mask": false
    },
    "webapi_port": null,
    "webapi_url": "https://mriqc.nimh.nih.gov/api/v1"
  },
  "qi_1": 0.0,
  "qi_2": 0.00961284236527786,
  "rpve_csf": 29.37670341605361,
  "rpve_gm": 14.33332662591069,
  "rpve_wm": 20.469162126301615,
  "size_x": 176,
  "size_y": 256,
  "size_z": 256,
  "snr_csf": 3.000938104431288,
  "snr_gm": 12.972563623985453,
  "snr_total": 13.28921144765201,
  "snr_wm": 23.894132614539288,
  "snrd_csf": 27.183927980867036,
  "snrd_gm": 63.44975917352374,
  "snrd_total": 58.48663292853211,
  "snrd_wm": 84.82621163120554,
  "spacing_x": 1.0,
  "spacing_y": 1.0,
  "spacing_z": 1.0,
  "summary_bg_k": 10.19893145558241,
  "summary_bg_mad": 0.0,
  "summary_bg_mean": 4.8550055017433325,
  "summary_bg_median": 0.0,
  "summary_bg_n": 2847579.0,
  "summary_bg_p05": 0.0,
  "summary_bg_p95": 20.394080862402916,
  "summary_bg_stdv": 7.723573807286915,
  "summary_csf_k": 1.4094381883212863,
  "summary_csf_mad": 78.94404875664077,
  "summary_csf_mean": 319.8038537347269,
  "summary_csf_median": 320.4784135520458,
  "summary_csf_n": 27561.0,
  "summary_csf_p05": 116.26926175877452,
  "summary_csf_p95": 500.69001906737685,
  "summary_csf_stdv": 106.79080619567371,
  "summary_gm_k": -0.010462400272464922,
  "summary_gm_mad": 57.346684805939915,
  "summary_gm_mean": 745.9037806346279,
  "summary_gm_median": 748.025751631707,
  "summary_gm_n": 26565.0,
  "summary_gm_p05": 647.3970631659031,
  "summary_gm_p95": 837.5910345770418,
  "summary_gm_stdv": 57.661052512129636,
  "summary_wm_k": 0.27237056668254445,
  "summary_wm_mad": 40.637145328292405,
  "summary_wm_mean": 1001.5966383734541,
  "summary_wm_median": 1000.038322288543,
  "summary_wm_n": 158403.0,
  "summary_wm_p05": 935.6359616704285,
  "summary_wm_p95": 1072.797655891627,
  "summary_wm_stdv": 41.852750287667405,
  "tpm_overlap_csf": 0.13766676967908567,
  "tpm_overlap_gm": 0.46939506278138987,
  "tpm_overlap_wm": 0.4969130358839588,
  "wm2max": 0.502078601947727
}