{
  "aor": 0.0003163255813953489,
  "aqi": 0.012317240465116279,
  "bids_meta": {
    "AcquisitionMatrixPE": 64,
    "AcquisitionNumber": 1,
    "AcquisitionTime": "15:05:22.465000",
    "BandwidthPerPixelPhaseEncode": 58.962,
    "BaseResolution": 64,
    "CoilString": "T:HEA;HEP",
    "ConversionSoftware": "dcm2niix",
    "ConversionSoftwareVersion": "v1.0.20190902",
    "DerivedVendorReportedEchoSpacing": 0.000530002,
    "DeviceSerialNumber": "35370",
    "DwellTime": 3.5e-06,
    "EchoTime": 0.03,
    "EffectiveEchoSpacing": 0.000265001,
    "FlipAngle": 70,
    "ImageOrientationPatientDICOM": [
      0.998591,
      0.00846844,
      0.0523782,
      -0.00313722,
      0.994878,
      -0.101039
    ],
    "ImageType": [
      "ORIGINAL",
      "PRIMARY",
      "M",
      "ND",
      "MOSAIC"
    ],
    "ImagingFrequency": 123.243,
    "InPlanePhaseEncodingDirectionDICOM": "COL",
    "InstitutionAddress": "Habelschwerdter_Allee_45_Berlin_District_DE_14195",
    "InstitutionName": "Freie_Universitaet",
    "InstitutionalDepartmentName": "Department",
    "MRAcquisitionType": "2D",
    "MagneticFieldStrength": 3,
    "Manufacturer": "Siemens",
    "ManufacturersModelName": "TrioTim",
    "Modality": "MR",
    "ParallelReductionFactorInPlane": 2,
    "PartialFourier": 1,
    "PatientPosition": "HFS",
    "PercentPhaseFOV": 100,
    "PhaseEncodingDirection": "j-",
    "PhaseEncodingSteps": 63,
    "PhaseResolution": 1,
    "PixelBandwidth": 2232,
    "ProcedureStepDescription": "Projekte_fMRI_12ch_localizer",
    "ProtocolName": "NIN_EPI_3x3x3_TR2000_sentence_215",
    "PulseSequenceDetails": "%CustomerSeq%_nin_ep2d_bold_v5a",
    "ReceiveCoilName": "HeadMatrix",
    "ReconMatrixPE": 64,
    "RefLinesPE": 24,
    "RepetitionTime": 2,
    "SAR": 0.150806,
    "ScanOptions": "FS",
    "ScanningSequence": "EP",
    "SequenceName": "ninepbo2d1_64",
    "SequenceVariant": "SK",
    "SeriesDescription": "NIN_EPI_3x3x3_TR2000_sentence_215",
    "SeriesNumber": 4,
    "ShimSetting": [
      -6701,
      -5596,
      -10646,
      344,
      777,
      1267,
      -329,
      11
    ],
    "SliceThickness": 3,
    "SliceTiming": [
      0,
      1.03,
      0.0525,
      1.085,
      0.1075,
      1.1375,
      0.1625,
      1.1925,
      0.215,
      1.2475,
      0.27,
      1.3025,
      0.325,
      1.355,
      0.38,
      1.41,
      0.4325,
      1.465,
      0.4875,
      1.5175,
      0.5425,
      1.5725,
      0.595,
      1.6275,
      0.65,
      1.68,
      0.705,
      1.735,
      0.7575,
      1.79,
      0.8125,
      1.845,
      0.8675,
      1.8975,
      0.9225,
      1.9525,
      0.975
    ],
    "SoftwareVersions": "syngo_MR_B17",
    "SpacingBetweenSlices": 3.3,
    "StationName": "MRC35370",
    "TotalReadoutTime": 0.0166951,
    "TxRefAmp": 338.329,
    "dataset": "ds002842",
    "modality": "bold",
    "run_id": 1,
    "subject_id": "01",
    "task_id": "silentreading"
  },
  "dummy_trs": 0,
  "dvars_nstd": 35.46870528439256,
  "dvars_std": 1.0687308643457942,
  "dvars_vstd": 0.9882370853738311,
  "efc": 0.5926343327117081,
  "fber": 589.7071533203125,
  "fd_mean": 0.08835391682271705,
  "fd_num": 8,
  "fd_perc": 3.7209302325581395,
  "fwhm_avg": 1.7764446548672268,
  "fwhm_x": 1.6814666666666669,
  "fwhm_y": 1.90334,
  "fwhm_z": 1.7445272979350133,
  "gcor": 0.00979289,
  "gsr_x": -0.0034946769010275602,
  "gsr_y": 0.05136607214808464,
  "provenance": {
    "md5sum": "d67f6ec76e265f3e8b5211318232179d",
    "settings": {
      "fd_thres": 0.2,
      "testing": false
    },
    "software": "mriqc",
    "version": "23.0.1",
    "webapi_port": null,
    "webapi_url": "https://mriqc.nimh.nih.gov/api/v1"
  },
  "size_t": 215,
  "size_x": 64,
  "size_y": 64,
  "size_z": 37,
  "snr": 4.959435443680634,
  "spacing_tr": 2.0,
  "spacing_x": 3.0,
  "spacing_y": 3.0,
  "spacing_z": 3.299999952316284,
  "summary_bg_k": 71.64006756923463,
  "summary_bg_mad": 10.626463059438718,
  "summary_bg_mean": 56.41175842285156,
  "summary_bg_median": 33.241859436035156,
  "summary_bg_n": 78955.0,
  "summary_bg_p05": 24.330232620239258,
  "summary_bg_p95": 149.55442352294926,
  "summary_bg_stdv": 83.33641815185547,
  "summary_fg_k": 2.351898975940583,
  "summary_fg_mad": 134.2686158677039,
  "summary_fg_mean": 845.9801635742188,
  "summary_fg_median": 820.1767578125,
  "summary_fg_n": 37963.0,
  "summary_fg_p05": 640.9753723144531,
  "summary_fg_p95": 1163.3939697265625,
  "summary_fg_stdv": 165.37486267089844,
  "tsnr": 40.845773972105235
}