{
  "aor": 0.0014784186046511631,
  "aqi": 0.009112991162790698,
  "bids_meta": {
    "AcquisitionMatrixPE": 64,
    "AcquisitionNumber": 1,
    "AcquisitionTime": "16:04:53.217500",
    "BandwidthPerPixelPhaseEncode": 58.962,
    "BaseResolution": 64,
    "CoilString": "T:HEA;HEP",
    "ConversionSoftware": "dcm2niix",
    "ConversionSoftwareVersion": "v1.0.20190902",
    "DerivedVendorReportedEchoSpacing": 0.000530002,
    "DeviceSerialNumber": "35370",
    "DwellTime": 3.5e-06,
    "EchoTime": 0.03,
    "EffectiveEchoSpacing": 0.000265001,
    "FlipAngle": 70,
    "ImageOrientationPatientDICOM": [
      0.999995,
      0.00319986,
      0.000659961,
      -0.00314166,
      0.997204,
      -0.0746568
    ],
    "ImageType": [
      "ORIGINAL",
      "PRIMARY",
      "M",
      "ND",
      "MOSAIC"
    ],
    "ImagingFrequency": 123.243,
    "InPlanePhaseEncodingDirectionDICOM": "COL",
    "InstitutionAddress": "Habelschwerdter_Allee_45_Berlin_District_DE_14195",
    "InstitutionName": "D.I.N.E",
    "InstitutionalDepartmentName": "Department",
    "MRAcquisitionType": "2D",
    "MagneticFieldStrength": 3,
    "Manufacturer": "Siemens",
    "ManufacturersModelName": "TrioTim",
    "Modality": "MR",
    "ParallelReductionFactorInPlane": 2,
    "PartialFourier": 1,
    "PatientPosition": "HFS",
    "PercentPhaseFOV": 100,
    "PhaseEncodingDirection": "j-",
    "PhaseEncodingSteps": 63,
    "PhaseResolution": 1,
    "PixelBandwidth": 2232,
    "ProcedureStepDescription": "Projekte_fMRI_12ch_localizer",
    "ProtocolName": "NIN_EPI_3x3x3_TR2000_sentence_215",
    "PulseSequenceDetails": "%CustomerSeq%_nin_ep2d_bold_v5a",
    "ReceiveCoilName": "HeadMatrix",
    "ReconMatrixPE": 64,
    "RefLinesPE": 24,
    "RepetitionTime": 2,
    "SAR": 0.120409,
    "ScanOptions": "FS",
    "ScanningSequence": "EP",
    "SequenceName": "ninepbo2d1_64",
    "SequenceVariant": "SK",
    "SeriesDescription": "NIN_EPI_3x3x3_TR2000_sentence_215",
    "SeriesNumber": 5,
    "ShimSetting": [
      -6809,
      -5603,
      -10711,
      523,
      513,
      1343,
      464,
      96
    ],
    "SliceThickness": 3,
    "SliceTiming": [
      0,
      1.03,
      0.0525,
      1.085,
      0.1075,
      1.14,
      0.1625,
      1.1925,
      0.2175,
      1.2475,
      0.27,
      1.3025,
      0.325,
      1.355,
      0.38,
      1.41,
      0.4325,
      1.465,
      0.4875,
      1.5175,
      0.5425,
      1.5725,
      0.595,
      1.6275,
      0.65,
      1.6825,
      0.705,
      1.735,
      0.76,
      1.79,
      0.8125,
      1.845,
      0.8675,
      1.8975,
      0.9225,
      1.9525,
      0.975
    ],
    "SoftwareVersions": "syngo_MR_B17",
    "SpacingBetweenSlices": 3.3,
    "StationName": "MRC35370",
    "TotalReadoutTime": 0.0166951,
    "TxRefAmp": 302.995,
    "dataset": "ds002842",
    "modality": "bold",
    "run_id": 2,
    "subject_id": "22",
    "task_id": "silentreading"
  },
  "dummy_trs": 0,
  "dvars_nstd": 31.28346819299064,
  "dvars_std": 1.0539129023364482,
  "dvars_vstd": 1.0245754186448601,
  "efc": 0.5820244798384228,
  "fber": 697.9158325195312,
  "fd_mean": 0.1489269795583645,
  "fd_num": 29,
  "fd_perc": 13.488372093023257,
  "fwhm_avg": 1.962952029727233,
  "fwhm_x": 1.8564466666666668,
  "fwhm_y": 2.0548033333333335,
  "fwhm_z": 1.977606089181699,
  "gcor": 0.0090903,
  "gsr_x": 0.0008339593769051135,
  "gsr_y": 0.04008978232741356,
  "provenance": {
    "md5sum": "b9df6074bfd15c97733a36b2ad1bdfbe",
    "settings": {
      "fd_thres": 0.2,
      "testing": false
    },
    "software": "mriqc",
    "version": "23.0.1",
    "webapi_port": null,
    "webapi_url": "https://mriqc.nimh.nih.gov/api/v1"
  },
  "size_t": 215,
  "size_x": 64,
  "size_y": 64,
  "size_z": 37,
  "snr": 4.837650792973224,
  "spacing_tr": 2.0,
  "spacing_x": 3.0,
  "spacing_y": 3.0,
  "spacing_z": 3.299999952316284,
  "summary_bg_k": 34.709254384057225,
  "summary_bg_mad": 9.998945720682304,
  "summary_bg_mean": 57.35747146606445,
  "summary_bg_median": 31.506977081298828,
  "summary_bg_n": 81615.0,
  "summary_bg_p05": 23.009302139282227,
  "summary_bg_p95": 189.86092987060556,
  "summary_bg_stdv": 74.41719055175781,
  "summary_fg_k": 1.7782991536282644,
  "summary_fg_mad": 147.38788997883205,
  "summary_fg_mean": 873.4332275390625,
  "summary_fg_median": 845.7930297851562,
  "summary_fg_n": 35708.0,
  "summary_fg_p05": 648.0174163818359,
  "summary_fg_p95": 1215.4449035644532,
  "summary_fg_stdv": 174.83303833007812,
  "tsnr": 44.614459130796604
}