{
  "aor": 0.0004187441860465116,
  "aqi": 0.008208187627906979,
  "bids_meta": {
    "AcquisitionMatrixPE": 64,
    "AcquisitionNumber": 1,
    "AcquisitionTime": "11:06:7.520000",
    "BandwidthPerPixelPhaseEncode": 58.962,
    "BaseResolution": 64,
    "CoilString": "T:HEA;HEP",
    "ConversionSoftware": "dcm2niix",
    "ConversionSoftwareVersion": "v1.0.20190902",
    "DerivedVendorReportedEchoSpacing": 0.000530002,
    "DeviceSerialNumber": "35370",
    "DwellTime": 3.5e-06,
    "EchoTime": 0.03,
    "EffectiveEchoSpacing": 0.000265001,
    "FlipAngle": 70,
    "ImageOrientationPatientDICOM": [
      0.999231,
      0.00699937,
      0.0385918,
      -0.00313918,
      0.995063,
      -0.0991935
    ],
    "ImageType": [
      "ORIGINAL",
      "PRIMARY",
      "M",
      "ND",
      "MOSAIC"
    ],
    "ImagingFrequency": 123.243,
    "InPlanePhaseEncodingDirectionDICOM": "COL",
    "InstitutionAddress": "Habelschwerdter_Allee_45_Berlin_District_DE_14195",
    "InstitutionName": "D.I.N.E",
    "InstitutionalDepartmentName": "Department",
    "MRAcquisitionType": "2D",
    "MagneticFieldStrength": 3,
    "Manufacturer": "Siemens",
    "ManufacturersModelName": "TrioTim",
    "Modality": "MR",
    "ParallelReductionFactorInPlane": 2,
    "PartialFourier": 1,
    "PatientPosition": "HFS",
    "PercentPhaseFOV": 100,
    "PhaseEncodingDirection": "j-",
    "PhaseEncodingSteps": 63,
    "PhaseResolution": 1,
    "PixelBandwidth": 2232,
    "ProcedureStepDescription": "Projekte_fMRI_12ch_localizer",
    "ProtocolName": "NIN_EPI_3x3x3_TR2000_sentence_215",
    "PulseSequenceDetails": "%CustomerSeq%_nin_ep2d_bold_v5a",
    "ReceiveCoilName": "HeadMatrix",
    "ReconMatrixPE": 64,
    "RefLinesPE": 24,
    "RepetitionTime": 2,
    "SAR": 0.138029,
    "ScanOptions": "FS",
    "ScanningSequence": "EP",
    "SequenceName": "ninepbo2d1_64",
    "SequenceVariant": "SK",
    "SeriesDescription": "NIN_EPI_3x3x3_TR2000_sentence_215",
    "SeriesNumber": 4,
    "ShimSetting": [
      -6721,
      -5598,
      -10645,
      659,
      814,
      1713,
      257,
      -5
    ],
    "SliceThickness": 3,
    "SliceTiming": [
      0,
      1.0325,
      0.055,
      1.085,
      0.11,
      1.14,
      0.1625,
      1.195,
      0.2175,
      1.2475,
      0.2725,
      1.3025,
      0.325,
      1.3575,
      0.38,
      1.4125,
      0.435,
      1.465,
      0.49,
      1.52,
      0.5425,
      1.575,
      0.5975,
      1.6275,
      0.6525,
      1.6825,
      0.705,
      1.7375,
      0.76,
      1.79,
      0.815,
      1.845,
      0.8675,
      1.9,
      0.9225,
      1.955,
      0.9775
    ],
    "SoftwareVersions": "syngo_MR_B17",
    "SpacingBetweenSlices": 3.3,
    "StationName": "MRC35370",
    "TotalReadoutTime": 0.0166951,
    "TxRefAmp": 292.974,
    "dataset": "ds002842",
    "modality": "bold",
    "run_id": 1,
    "subject_id": "13",
    "task_id": "silentreading"
  },
  "dummy_trs": 0,
  "dvars_nstd": 29.214639752757,
  "dvars_std": 1.0585697510747667,
  "dvars_vstd": 0.9999743022429906,
  "efc": 0.5395091522482149,
  "fber": 903.8589477539062,
  "fd_mean": 0.07929176958731256,
  "fd_num": 3,
  "fd_perc": 1.3953488372093024,
  "fwhm_avg": 1.877089705854325,
  "fwhm_x": 1.8223466666666666,
  "fwhm_y": 1.9643133333333334,
  "fwhm_z": 1.8446091175629749,
  "gcor": 0.00986736,
  "gsr_x": -0.0031714148353785276,
  "gsr_y": 0.03260716050863266,
  "provenance": {
    "md5sum": "9d0913c13d9f40d04230301dd6d01a15",
    "settings": {
      "fd_thres": 0.2,
      "testing": false
    },
    "software": "mriqc",
    "version": "23.0.1",
    "webapi_port": null,
    "webapi_url": "https://mriqc.nimh.nih.gov/api/v1"
  },
  "size_t": 215,
  "size_x": 64,
  "size_y": 64,
  "size_z": 37,
  "snr": 5.515741967785001,
  "spacing_tr": 2.0,
  "spacing_x": 3.0,
  "spacing_y": 3.0,
  "spacing_z": 3.299999952316284,
  "summary_bg_k": 39.78711913205193,
  "summary_bg_mad": 6.6406772746381995,
  "summary_bg_mean": 47.42151641845703,
  "summary_bg_median": 28.13953399658203,
  "summary_bg_n": 88896.0,
  "summary_bg_p05": 22.158140182495117,
  "summary_bg_p95": 132.41627883911133,
  "summary_bg_stdv": 69.38850402832031,
  "summary_fg_k": 1.3216982561336161,
  "summary_fg_mad": 141.83328963834563,
  "summary_fg_mean": 869.5828857421875,
  "summary_fg_median": 856.7581176757812,
  "summary_fg_n": 29741.0,
  "summary_fg_p05": 651.2046508789062,
  "summary_fg_p95": 1144.4185791015625,
  "summary_fg_stdv": 155.32701110839844,
  "tsnr": 49.30979861319065
}