{
  "bids_meta": {
    "AcquisitionMatrixPE": 256,
    "AcquisitionNumber": 1,
    "AcquisitionTime": "15:29:56.272500",
    "BaseResolution": 256,
    "CoilString": "T:HEA;HEP",
    "ConversionSoftware": "dcm2niix",
    "ConversionSoftwareVersion": "v1.0.20190902",
    "DeviceSerialNumber": "35370",
    "DwellTime": 1.15e-05,
    "EchoTime": 0.00252,
    "FlipAngle": 9,
    "ImageOrientationPatientDICOM": [
      0.0173678,
      0.999848,
      0.00174203,
      0.0610656,
      0.000678306,
      -0.998134
    ],
    "ImageType": [
      "ORIGINAL",
      "PRIMARY",
      "M",
      "ND",
      "NORM"
    ],
    "ImagingFrequency": 123.243,
    "InPlanePhaseEncodingDirectionDICOM": "ROW",
    "InstitutionAddress": "Habelschwerdter_Allee_45_Berlin_District_DE_14195",
    "InstitutionName": "D.I.N.E",
    "InstitutionalDepartmentName": "Department",
    "InversionTime": 0.9,
    "MRAcquisitionType": "3D",
    "MagneticFieldStrength": 3,
    "Manufacturer": "Siemens",
    "ManufacturersModelName": "TrioTim",
    "Modality": "MR",
    "ParallelReductionFactorInPlane": 2,
    "PartialFourier": 1,
    "PatientPosition": "HFS",
    "PercentPhaseFOV": 100,
    "PhaseEncodingSteps": 255,
    "PhaseResolution": 1,
    "PixelBandwidth": 170,
    "ProcedureStepDescription": "Projekte_fMRI_12ch_localizer",
    "ProtocolName": "t1_mpr_1x1x1_176",
    "PulseSequenceDetails": "%SiemensSeq%_tfl",
    "ReceiveCoilName": "HeadMatrix",
    "ReconMatrixPE": 256,
    "RefLinesPE": 24,
    "RepetitionTime": 1.9,
    "SAR": 0.110104,
    "ScanOptions": "IR",
    "ScanningSequence": "GR_IR",
    "SequenceName": "_tfl3d1_ns",
    "SequenceVariant": "SP_MP",
    "SeriesDescription": "t1_mpr_1x1x1_176",
    "SeriesNumber": 6,
    "ShimSetting": [
      -6789,
      -5664,
      -10879,
      -107,
      464,
      460,
      246,
      15
    ],
    "SliceThickness": 1,
    "SoftwareVersions": "syngo_MR_B17",
    "StationName": "MRC35370",
    "TxRefAmp": 291.742,
    "dataset": "ds002842",
    "modality": "T1w",
    "subject_id": "17"
  },
  "cjv": 0.3706505546264005,
  "cnr": 3.745185793041936,
  "efc": 0.5228472878310411,
  "fber": 24753.777777777774,
  "fwhm_avg": 4.3690766666666665,
  "fwhm_x": 4.28414,
  "fwhm_y": 4.47264,
  "fwhm_z": 4.35045,
  "icvs_csf": 0.17150807785393887,
  "icvs_gm": 0.462386355804656,
  "icvs_wm": 0.3661055663414051,
  "inu_med": 0.46702195703983307,
  "inu_range": 0.19320109486579895,
  "provenance": {
    "md5sum": "f61a86293c91a88dfc4997a6d6fdbd79",
    "settings": {
      "testing": false
    },
    "software": "mriqc",
    "version": "23.0.1",
    "warnings": {
      "large_rot_frame": true,
      "small_air_mask": false
    },
    "webapi_port": null,
    "webapi_url": "https://mriqc.nimh.nih.gov/api/v1"
  },
  "qi_1": 0.0,
  "qi_2": 0.011826355691414457,
  "rpve_csf": 32.446521795691204,
  "rpve_gm": 13.424045906721348,
  "rpve_wm": 18.47275858066014,
  "size_x": 176,
  "size_y": 256,
  "size_z": 256,
  "snr_csf": 2.5755267548337892,
  "snr_gm": 14.81633766814881,
  "snr_total": 13.358693491220686,
  "snr_wm": 22.68421605067946,
  "snrd_csf": 25.173036632562027,
  "snrd_gm": 61.56033009617585,
  "snrd_total": 56.36827947018474,
  "snrd_wm": 82.37147168181633,
  "spacing_x": 1.0,
  "spacing_y": 1.0,
  "spacing_z": 1.0,
  "summary_bg_k": 12.713297254124234,
  "summary_bg_mad": 0.0,
  "summary_bg_mean": 4.761968495894932,
  "summary_bg_median": 0.0,
  "summary_bg_n": 3396899.0,
  "summary_bg_p05": 0.0,
  "summary_bg_p95": 19.157254870980978,
  "summary_bg_stdv": 7.9534382136905615,
  "summary_csf_k": 0.7116891092853836,
  "summary_csf_mad": 91.13302228946488,
  "summary_csf_mean": 313.9032735479623,
  "summary_csf_median": 305.6038277037442,
  "summary_csf_n": 23347.0,
  "summary_csf_p05": 99.50478006228805,
  "summary_csf_p95": 527.7584794275463,
  "summary_csf_stdv": 118.65428392077646,
  "summary_gm_k": -0.0019156378119520312,
  "summary_gm_mad": 50.686705683257145,
  "summary_gm_mean": 747.4602796412945,
  "summary_gm_median": 747.3501424044371,
  "summary_gm_n": 46763.0,
  "summary_gm_p05": 664.9869786053896,
  "summary_gm_p95": 830.8384148228914,
  "summary_gm_stdv": 50.44041032762778,
  "summary_wm_k": 0.23065964686798424,
  "summary_wm_mad": 42.95811015340853,
  "summary_wm_mean": 1000.9920394012083,
  "summary_wm_median": 1000.0000161677599,
  "summary_wm_n": 194774.0,
  "summary_wm_p05": 930.1911531798542,
  "summary_wm_p95": 1075.2975847179073,
  "summary_wm_stdv": 44.083403493096654,
  "tpm_overlap_csf": 0.14075139130027758,
  "tpm_overlap_gm": 0.4704358343425471,
  "tpm_overlap_wm": 0.5111432212801339,
  "wm2max": 0.4511425547759966
}