{
  "aor": 0.00038334883720930236,
  "aqi": 0.00786770530232558,
  "bids_meta": {
    "AcquisitionMatrixPE": 64,
    "AcquisitionNumber": 1,
    "AcquisitionTime": "09:17:38.692500",
    "BandwidthPerPixelPhaseEncode": 58.962,
    "BaseResolution": 64,
    "CoilString": "T:HEA;HEP",
    "ConversionSoftware": "dcm2niix",
    "ConversionSoftwareVersion": "v1.0.20190902",
    "DerivedVendorReportedEchoSpacing": 0.000530002,
    "DeviceSerialNumber": "35370",
    "DwellTime": 3.5e-06,
    "EchoTime": 0.03,
    "EffectiveEchoSpacing": 0.000265001,
    "FlipAngle": 70,
    "ImageOrientationPatientDICOM": [
      0.999436,
      0.0094584,
      0.0322326,
      -0.00313986,
      0.981644,
      -0.190698
    ],
    "ImageType": [
      "ORIGINAL",
      "PRIMARY",
      "M",
      "ND",
      "MOSAIC"
    ],
    "ImagingFrequency": 123.243,
    "InPlanePhaseEncodingDirectionDICOM": "COL",
    "InstitutionAddress": "Habelschwerdter_Allee_45_Berlin_District_DE_14195",
    "InstitutionName": "D.I.N.E",
    "InstitutionalDepartmentName": "Department",
    "MRAcquisitionType": "2D",
    "MagneticFieldStrength": 3,
    "Manufacturer": "Siemens",
    "ManufacturersModelName": "TrioTim",
    "Modality": "MR",
    "ParallelReductionFactorInPlane": 2,
    "PartialFourier": 1,
    "PatientPosition": "HFS",
    "PercentPhaseFOV": 100,
    "PhaseEncodingDirection": "j-",
    "PhaseEncodingSteps": 63,
    "PhaseResolution": 1,
    "PixelBandwidth": 2232,
    "ProcedureStepDescription": "Projekte_fMRI_12ch_localizer",
    "ProtocolName": "NIN_EPI_3x3x3_TR2000_sentence_215",
    "PulseSequenceDetails": "%CustomerSeq%_nin_ep2d_bold_v5a",
    "ReceiveCoilName": "HeadMatrix",
    "ReconMatrixPE": 64,
    "RefLinesPE": 24,
    "RepetitionTime": 2,
    "SAR": 0.14022,
    "ScanOptions": "FS",
    "ScanningSequence": "EP",
    "SequenceName": "ninepbo2d1_64",
    "SequenceVariant": "SK",
    "SeriesDescription": "NIN_EPI_3x3x3_TR2000_sentence_215",
    "SeriesNumber": 4,
    "ShimSetting": [
      -6763,
      -5498,
      -10731,
      361,
      720,
      1512,
      165,
      74
    ],
    "SliceThickness": 3,
    "SliceTiming": [
      0,
      1.0325,
      0.055,
      1.0875,
      0.11,
      1.14,
      0.165,
      1.195,
      0.2175,
      1.25,
      0.2725,
      1.3025,
      0.3275,
      1.3575,
      0.38,
      1.4125,
      0.435,
      1.465,
      0.49,
      1.52,
      0.5425,
      1.575,
      0.5975,
      1.63,
      0.6525,
      1.6825,
      0.7075,
      1.7375,
      0.76,
      1.7925,
      0.815,
      1.845,
      0.87,
      1.9,
      0.9225,
      1.955,
      0.9775
    ],
    "SoftwareVersions": "syngo_MR_B17",
    "SpacingBetweenSlices": 3.3,
    "StationName": "MRC35370",
    "TotalReadoutTime": 0.0166951,
    "TxRefAmp": 297.462,
    "dataset": "ds002842",
    "modality": "bold",
    "run_id": 1,
    "subject_id": "18",
    "task_id": "silentreading"
  },
  "dummy_trs": 0,
  "dvars_nstd": 28.28135262252336,
  "dvars_std": 1.0422516094392529,
  "dvars_vstd": 1.0043456422897195,
  "efc": 0.5357509900025684,
  "fber": 893.4426879882812,
  "fd_mean": 0.13734021081905262,
  "fd_num": 27,
  "fd_perc": 12.55813953488372,
  "fwhm_avg": 1.7853730386369675,
  "fwhm_x": 1.7398733333333334,
  "fwhm_y": 1.8859700000000001,
  "fwhm_z": 1.7302757825775692,
  "gcor": 0.0103848,
  "gsr_x": -0.0038771438412368298,
  "gsr_y": 0.0330650620162487,
  "provenance": {
    "md5sum": "09601277cd280b33e389a899e3920554",
    "settings": {
      "fd_thres": 0.2,
      "testing": false
    },
    "software": "mriqc",
    "version": "23.0.1",
    "webapi_port": null,
    "webapi_url": "https://mriqc.nimh.nih.gov/api/v1"
  },
  "size_t": 215,
  "size_x": 64,
  "size_y": 64,
  "size_z": 37,
  "snr": 5.7743291240223975,
  "spacing_tr": 2.0,
  "spacing_x": 3.0,
  "spacing_y": 3.0,
  "spacing_z": 3.299999952316284,
  "summary_bg_k": 110.6996103940631,
  "summary_bg_mad": 6.764805281346923,
  "summary_bg_mean": 45.08403015136719,
  "summary_bg_median": 27.897674560546875,
  "summary_bg_n": 89710.0,
  "summary_bg_p05": 21.879070281982422,
  "summary_bg_p95": 125.25837326049806,
  "summary_bg_stdv": 62.35234069824219,
  "summary_fg_k": 1.3364733185613051,
  "summary_fg_mad": 134.89607947751333,
  "summary_fg_mean": 852.1465454101562,
  "summary_fg_median": 841.818603515625,
  "summary_fg_n": 29503.0,
  "summary_fg_p05": 646.0888427734375,
  "summary_fg_p95": 1105.7464599609375,
  "summary_fg_stdv": 145.78392028808594,
  "tsnr": 50.424497461062856
}