{
  "aor": 0.0003942990654205608,
  "aqi": 0.006972988644859814,
  "bids_meta": {
    "AcquisitionMatrixPE": 64,
    "AcquisitionNumber": 1,
    "AcquisitionTime": "09:26:5.912500",
    "BandwidthPerPixelPhaseEncode": 58.962,
    "BaseResolution": 64,
    "CoilString": "T:HEA;HEP",
    "ConversionSoftware": "dcm2niix",
    "ConversionSoftwareVersion": "v1.0.20190902",
    "DerivedVendorReportedEchoSpacing": 0.000530002,
    "DeviceSerialNumber": "35370",
    "DwellTime": 3.5e-06,
    "EchoTime": 0.03,
    "EffectiveEchoSpacing": 0.000265001,
    "FlipAngle": 70,
    "ImageOrientationPatientDICOM": [
      0.999436,
      0.0094584,
      0.0322326,
      -0.00313986,
      0.981644,
      -0.190698
    ],
    "ImageType": [
      "ORIGINAL",
      "PRIMARY",
      "M",
      "ND",
      "MOSAIC"
    ],
    "ImagingFrequency": 123.243,
    "InPlanePhaseEncodingDirectionDICOM": "COL",
    "InstitutionAddress": "Habelschwerdter_Allee_45_Berlin_District_DE_14195",
    "InstitutionName": "D.I.N.E",
    "InstitutionalDepartmentName": "Department",
    "MRAcquisitionType": "2D",
    "MagneticFieldStrength": 3,
    "Manufacturer": "Siemens",
    "ManufacturersModelName": "TrioTim",
    "Modality": "MR",
    "ParallelReductionFactorInPlane": 2,
    "PartialFourier": 1,
    "PatientPosition": "HFS",
    "PercentPhaseFOV": 100,
    "PhaseEncodingDirection": "j-",
    "PhaseEncodingSteps": 63,
    "PhaseResolution": 1,
    "PixelBandwidth": 2232,
    "ProcedureStepDescription": "Projekte_fMRI_12ch_localizer",
    "ProtocolName": "NIN_EPI_3x3x3_TR2000_sentence_215",
    "PulseSequenceDetails": "%CustomerSeq%_nin_ep2d_bold_v5a",
    "ReceiveCoilName": "HeadMatrix",
    "ReconMatrixPE": 64,
    "RefLinesPE": 24,
    "RepetitionTime": 2,
    "SAR": 0.14022,
    "ScanOptions": "FS",
    "ScanningSequence": "EP",
    "SequenceName": "ninepbo2d1_64",
    "SequenceVariant": "SK",
    "SeriesDescription": "NIN_EPI_3x3x3_TR2000_sentence_215",
    "SeriesNumber": 5,
    "ShimSetting": [
      -6763,
      -5498,
      -10731,
      361,
      720,
      1512,
      165,
      74
    ],
    "SliceThickness": 3,
    "SliceTiming": [
      0,
      1.0325,
      0.055,
      1.085,
      0.11,
      1.14,
      0.1625,
      1.195,
      0.2175,
      1.25,
      0.2725,
      1.3025,
      0.325,
      1.3575,
      0.38,
      1.4125,
      0.435,
      1.465,
      0.49,
      1.52,
      0.5425,
      1.575,
      0.5975,
      1.6275,
      0.6525,
      1.6825,
      0.705,
      1.7375,
      0.76,
      1.7925,
      0.815,
      1.845,
      0.87,
      1.9,
      0.9225,
      1.955,
      0.9775
    ],
    "SoftwareVersions": "syngo_MR_B17",
    "SpacingBetweenSlices": 3.3,
    "StationName": "MRC35370",
    "TotalReadoutTime": 0.0166951,
    "TxRefAmp": 297.462,
    "dataset": "ds002842",
    "modality": "bold",
    "run_id": 2,
    "subject_id": "18",
    "task_id": "silentreading"
  },
  "dummy_trs": 1,
  "dvars_nstd": 27.86913392685446,
  "dvars_std": 1.0635094023004696,
  "dvars_vstd": 1.0138213390610327,
  "efc": 0.5352853993130792,
  "fber": 919.3846435546875,
  "fd_mean": 0.12014483707729032,
  "fd_num": 8,
  "fd_perc": 3.7383177570093458,
  "fwhm_avg": 1.7842359678939916,
  "fwhm_x": 1.7357566666666668,
  "fwhm_y": 1.8941299999999999,
  "fwhm_z": 1.7228212370153086,
  "gcor": 0.0101546,
  "gsr_x": -0.004665158223360777,
  "gsr_y": 0.033197417855262756,
  "provenance": {
    "md5sum": "5ba836937ccb1a6a2473a04066288378",
    "settings": {
      "fd_thres": 0.2,
      "testing": false
    },
    "software": "mriqc",
    "version": "23.0.1",
    "webapi_port": null,
    "webapi_url": "https://mriqc.nimh.nih.gov/api/v1"
  },
  "size_t": 214,
  "size_x": 64,
  "size_y": 64,
  "size_z": 37,
  "snr": 5.78665751611488,
  "spacing_tr": 2.0,
  "spacing_x": 3.0,
  "spacing_y": 3.0,
  "spacing_z": 3.299999952316284,
  "summary_bg_k": 112.32720992712576,
  "summary_bg_mad": 6.145180442117199,
  "summary_bg_mean": 44.9007682800293,
  "summary_bg_median": 27.49065399169922,
  "summary_bg_n": 89722.0,
  "summary_bg_p05": 21.850465774536133,
  "summary_bg_p95": 126.74205398559565,
  "summary_bg_stdv": 62.908775329589844,
  "summary_fg_k": 1.3730257727649038,
  "summary_fg_mad": 134.40064202961793,
  "summary_fg_mean": 851.8782958984375,
  "summary_fg_median": 841.254638671875,
  "summary_fg_n": 29478.0,
  "summary_fg_p05": 645.9053741455078,
  "summary_fg_p95": 1104.6186462402343,
  "summary_fg_stdv": 145.37586975097656,
  "tsnr": 54.41825822205283
}