{
  "aor": 0.0005385514018691589,
  "aqi": 0.0060946910747663565,
  "bids_meta": {
    "AcquisitionMatrixPE": 64,
    "AcquisitionNumber": 1,
    "AcquisitionTime": "10:55:9.265000",
    "BandwidthPerPixelPhaseEncode": 58.962,
    "BaseResolution": 64,
    "CoilString": "T:HEA;HEP",
    "ConversionSoftware": "dcm2niix",
    "ConversionSoftwareVersion": "v1.0.20190902",
    "DerivedVendorReportedEchoSpacing": 0.000530002,
    "DeviceSerialNumber": "35370",
    "DwellTime": 3.5e-06,
    "EchoTime": 0.03,
    "EffectiveEchoSpacing": 0.000265001,
    "FlipAngle": 70,
    "ImageOrientationPatientDICOM": [
      0.999912,
      0.00100007,
      -0.0132183,
      -0.00314126,
      0.986625,
      -0.162978
    ],
    "ImageType": [
      "ORIGINAL",
      "PRIMARY",
      "M",
      "ND",
      "MOSAIC"
    ],
    "ImagingFrequency": 123.243,
    "InPlanePhaseEncodingDirectionDICOM": "COL",
    "InstitutionAddress": "Habelschwerdter_Allee_45_Berlin_District_DE_14195",
    "InstitutionName": "Freie_Universitaet",
    "InstitutionalDepartmentName": "Department",
    "MRAcquisitionType": "2D",
    "MagneticFieldStrength": 3,
    "Manufacturer": "Siemens",
    "ManufacturersModelName": "TrioTim",
    "Modality": "MR",
    "ParallelReductionFactorInPlane": 2,
    "PartialFourier": 1,
    "PatientPosition": "HFS",
    "PercentPhaseFOV": 100,
    "PhaseEncodingDirection": "j-",
    "PhaseEncodingSteps": 63,
    "PhaseResolution": 1,
    "PixelBandwidth": 2232,
    "ProcedureStepDescription": "Projekte_fMRI_12ch_localizer",
    "ProtocolName": "NIN_EPI_3x3x3_TR2000_sentence_215",
    "PulseSequenceDetails": "%CustomerSeq%_nin_ep2d_bold_v5a",
    "ReceiveCoilName": "HeadMatrix",
    "ReconMatrixPE": 64,
    "RefLinesPE": 24,
    "RepetitionTime": 2,
    "SAR": 0.108263,
    "ScanOptions": "FS",
    "ScanningSequence": "EP",
    "SequenceName": "ninepbo2d1_64",
    "SequenceVariant": "SK",
    "SeriesDescription": "NIN_EPI_3x3x3_TR2000_sentence_215",
    "SeriesNumber": 4,
    "ShimSetting": [
      -6792,
      -5524,
      -10890,
      36,
      666,
      1653,
      157,
      70
    ],
    "SliceThickness": 3,
    "SliceTiming": [
      0,
      1.0325,
      0.055,
      1.085,
      0.11,
      1.14,
      0.1625,
      1.195,
      0.2175,
      1.2475,
      0.2725,
      1.3025,
      0.325,
      1.3575,
      0.38,
      1.4125,
      0.435,
      1.465,
      0.4875,
      1.52,
      0.5425,
      1.575,
      0.5975,
      1.6275,
      0.6525,
      1.6825,
      0.705,
      1.7375,
      0.76,
      1.79,
      0.815,
      1.845,
      0.8675,
      1.9,
      0.9225,
      1.955,
      0.9775
    ],
    "SoftwareVersions": "syngo_MR_B17",
    "SpacingBetweenSlices": 3.3,
    "StationName": "MRC35370",
    "TotalReadoutTime": 0.0166951,
    "TxRefAmp": 312.55,
    "dataset": "ds002842",
    "modality": "bold",
    "run_id": 1,
    "subject_id": "15",
    "task_id": "silentreading"
  },
  "dummy_trs": 1,
  "dvars_nstd": 33.35989524971831,
  "dvars_std": 1.0948656401408456,
  "dvars_vstd": 1.0115601174178406,
  "efc": 0.5817802760497284,
  "fber": 794.235107421875,
  "fd_mean": 0.12237992509216786,
  "fd_num": 14,
  "fd_perc": 6.542056074766355,
  "fwhm_avg": 1.96280778702296,
  "fwhm_x": 1.8986,
  "fwhm_y": 2.0703566666666666,
  "fwhm_z": 1.9194666944022136,
  "gcor": 0.011177,
  "gsr_x": -0.0033669292461127043,
  "gsr_y": 0.04548704996705055,
  "provenance": {
    "md5sum": "7f7cb1a041710972e97486262341e0c0",
    "settings": {
      "fd_thres": 0.2,
      "testing": false
    },
    "software": "mriqc",
    "version": "23.0.1",
    "webapi_port": null,
    "webapi_url": "https://mriqc.nimh.nih.gov/api/v1"
  },
  "size_t": 214,
  "size_x": 64,
  "size_y": 64,
  "size_z": 37,
  "snr": 4.586256458587324,
  "spacing_tr": 2.0,
  "spacing_x": 3.0,
  "spacing_y": 3.0,
  "spacing_z": 3.299999952316284,
  "summary_bg_k": 55.7816328499692,
  "summary_bg_mad": 8.978748959039757,
  "summary_bg_mean": 54.347530364990234,
  "summary_bg_median": 31.79906463623047,
  "summary_bg_n": 79855.0,
  "summary_bg_p05": 24.172897338867188,
  "summary_bg_p95": 161.783171081543,
  "summary_bg_stdv": 70.48578643798828,
  "summary_fg_k": 2.931473527762738,
  "summary_fg_mad": 169.64366406515774,
  "summary_fg_mean": 934.38525390625,
  "summary_fg_median": 909.7078857421875,
  "summary_fg_n": 37276.0,
  "summary_fg_p05": 674.5992736816406,
  "summary_fg_p95": 1291.6390075683594,
  "summary_fg_stdv": 198.35255432128906,
  "tsnr": 49.15159276127815
}