{
  "aor": 0.0007139999999999999,
  "aqi": 0.005946289534883721,
  "bids_meta": {
    "AcquisitionMatrixPE": 64,
    "AcquisitionNumber": 1,
    "AcquisitionTime": "11:03:44.532500",
    "BandwidthPerPixelPhaseEncode": 58.962,
    "BaseResolution": 64,
    "CoilString": "T:HEA;HEP",
    "ConversionSoftware": "dcm2niix",
    "ConversionSoftwareVersion": "v1.0.20190902",
    "DerivedVendorReportedEchoSpacing": 0.000530002,
    "DeviceSerialNumber": "35370",
    "DwellTime": 3.5e-06,
    "EchoTime": 0.03,
    "EffectiveEchoSpacing": 0.000265001,
    "FlipAngle": 70,
    "ImageOrientationPatientDICOM": [
      0.999912,
      0.00100007,
      -0.0132183,
      -0.00314126,
      0.986625,
      -0.162978
    ],
    "ImageType": [
      "ORIGINAL",
      "PRIMARY",
      "M",
      "ND",
      "MOSAIC"
    ],
    "ImagingFrequency": 123.243,
    "InPlanePhaseEncodingDirectionDICOM": "COL",
    "InstitutionAddress": "Habelschwerdter_Allee_45_Berlin_District_DE_14195",
    "InstitutionName": "Freie_Universitaet",
    "InstitutionalDepartmentName": "Department",
    "MRAcquisitionType": "2D",
    "MagneticFieldStrength": 3,
    "Manufacturer": "Siemens",
    "ManufacturersModelName": "TrioTim",
    "Modality": "MR",
    "ParallelReductionFactorInPlane": 2,
    "PartialFourier": 1,
    "PatientPosition": "HFS",
    "PercentPhaseFOV": 100,
    "PhaseEncodingDirection": "j-",
    "PhaseEncodingSteps": 63,
    "PhaseResolution": 1,
    "PixelBandwidth": 2232,
    "ProcedureStepDescription": "Projekte_fMRI_12ch_localizer",
    "ProtocolName": "NIN_EPI_3x3x3_TR2000_sentence_215",
    "PulseSequenceDetails": "%CustomerSeq%_nin_ep2d_bold_v5a",
    "ReceiveCoilName": "HeadMatrix",
    "ReconMatrixPE": 64,
    "RefLinesPE": 24,
    "RepetitionTime": 2,
    "SAR": 0.108263,
    "ScanOptions": "FS",
    "ScanningSequence": "EP",
    "SequenceName": "ninepbo2d1_64",
    "SequenceVariant": "SK",
    "SeriesDescription": "NIN_EPI_3x3x3_TR2000_sentence_215",
    "SeriesNumber": 5,
    "ShimSetting": [
      -6792,
      -5524,
      -10890,
      36,
      666,
      1653,
      157,
      70
    ],
    "SliceThickness": 3,
    "SliceTiming": [
      0,
      1.03,
      0.0525,
      1.085,
      0.1075,
      1.1375,
      0.1625,
      1.1925,
      0.215,
      1.2475,
      0.27,
      1.3025,
      0.325,
      1.355,
      0.3775,
      1.41,
      0.4325,
      1.465,
      0.4875,
      1.5175,
      0.5425,
      1.5725,
      0.595,
      1.6275,
      0.65,
      1.68,
      0.705,
      1.735,
      0.7575,
      1.79,
      0.8125,
      1.845,
      0.8675,
      1.8975,
      0.9225,
      1.9525,
      0.975
    ],
    "SoftwareVersions": "syngo_MR_B17",
    "SpacingBetweenSlices": 3.3,
    "StationName": "MRC35370",
    "TotalReadoutTime": 0.0166951,
    "TxRefAmp": 312.55,
    "dataset": "ds002842",
    "modality": "bold",
    "run_id": 2,
    "subject_id": "15",
    "task_id": "silentreading"
  },
  "dummy_trs": 0,
  "dvars_nstd": 32.75738386359813,
  "dvars_std": 1.0925672820560752,
  "dvars_vstd": 1.0089800759813081,
  "efc": 0.5820312618166233,
  "fber": 800.7306518554688,
  "fd_mean": 0.11567098579625382,
  "fd_num": 13,
  "fd_perc": 6.046511627906977,
  "fwhm_avg": 1.9793848577990094,
  "fwhm_x": 1.9117566666666665,
  "fwhm_y": 2.09261,
  "fwhm_z": 1.9337879067303616,
  "gcor": 0.00791134,
  "gsr_x": -0.0032777395099401474,
  "gsr_y": 0.04452091082930565,
  "provenance": {
    "md5sum": "34d9844fcd42d7ab39e6b9895bd03675",
    "settings": {
      "fd_thres": 0.2,
      "testing": false
    },
    "software": "mriqc",
    "version": "23.0.1",
    "webapi_port": null,
    "webapi_url": "https://mriqc.nimh.nih.gov/api/v1"
  },
  "size_t": 215,
  "size_x": 64,
  "size_y": 64,
  "size_z": 37,
  "snr": 4.550112879284472,
  "spacing_tr": 2.0,
  "spacing_x": 3.0,
  "spacing_y": 3.0,
  "spacing_z": 3.299999952316284,
  "summary_bg_k": 52.13983940454694,
  "summary_bg_mad": 8.75079965973953,
  "summary_bg_mean": 54.709407806396484,
  "summary_bg_median": 31.572092056274414,
  "summary_bg_n": 79742.0,
  "summary_bg_p05": 24.125581741333008,
  "summary_bg_p95": 165.13930892944336,
  "summary_bg_stdv": 72.23716735839844,
  "summary_fg_k": 2.9904763359982764,
  "summary_fg_mad": 170.95442414420154,
  "summary_fg_mean": 933.18701171875,
  "summary_fg_median": 907.809326171875,
  "summary_fg_n": 37313.0,
  "summary_fg_p05": 672.3906860351562,
  "summary_fg_p95": 1292.8037353515626,
  "summary_fg_stdv": 199.5109100341797,
  "tsnr": 50.10460718185641
}