{
  "aor": 0.0013771495327102804,
  "aqi": 0.009253538037383177,
  "bids_meta": {
    "AcquisitionMatrixPE": 64,
    "AcquisitionNumber": 1,
    "AcquisitionTime": "14:36:38.202500",
    "BandwidthPerPixelPhaseEncode": 58.962,
    "BaseResolution": 64,
    "CoilString": "T:HEA;HEP",
    "ConversionSoftware": "dcm2niix",
    "ConversionSoftwareVersion": "v1.0.20190902",
    "DerivedVendorReportedEchoSpacing": 0.000530002,
    "DeviceSerialNumber": "35370",
    "DwellTime": 3.5e-06,
    "EchoTime": 0.03,
    "EffectiveEchoSpacing": 0.000265001,
    "FlipAngle": 70,
    "ImageOrientationPatientDICOM": [
      0.999944,
      0.010037,
      0.00323866,
      -0.00872632,
      0.959844,
      -0.280398
    ],
    "ImageType": [
      "ORIGINAL",
      "PRIMARY",
      "M",
      "ND",
      "MOSAIC"
    ],
    "ImagingFrequency": 123.243,
    "InPlanePhaseEncodingDirectionDICOM": "COL",
    "InstitutionAddress": "Habelschwerdter_Allee_45_Berlin_District_DE_14195",
    "InstitutionName": "D.I.N.E",
    "InstitutionalDepartmentName": "Department",
    "MRAcquisitionType": "2D",
    "MagneticFieldStrength": 3,
    "Manufacturer": "Siemens",
    "ManufacturersModelName": "TrioTim",
    "Modality": "MR",
    "ParallelReductionFactorInPlane": 2,
    "PartialFourier": 1,
    "PatientPosition": "HFS",
    "PercentPhaseFOV": 100,
    "PhaseEncodingDirection": "j-",
    "PhaseEncodingSteps": 63,
    "PhaseResolution": 1,
    "PixelBandwidth": 2232,
    "ProcedureStepDescription": "Projekte_fMRI_12ch_localizer",
    "ProtocolName": "NIN_EPI_3x3x3_TR2000_sentence_215",
    "PulseSequenceDetails": "%CustomerSeq%_nin_ep2d_bold_v5a",
    "ReceiveCoilName": "HeadMatrix",
    "ReconMatrixPE": 64,
    "RefLinesPE": 24,
    "RepetitionTime": 2,
    "SAR": 0.135695,
    "ScanOptions": "FS",
    "ScanningSequence": "EP",
    "SequenceName": "ninepbo2d1_64",
    "SequenceVariant": "SK",
    "SeriesDescription": "NIN_EPI_3x3x3_TR2000_sentence_215",
    "SeriesNumber": 4,
    "ShimSetting": [
      -6782,
      -5516,
      -10679,
      325,
      695,
      1370,
      134,
      124
    ],
    "SliceThickness": 3,
    "SliceTiming": [
      0,
      1.03,
      0.0525,
      1.085,
      0.1075,
      1.1375,
      0.1625,
      1.1925,
      0.215,
      1.2475,
      0.27,
      1.3025,
      0.325,
      1.355,
      0.38,
      1.41,
      0.4325,
      1.465,
      0.4875,
      1.5175,
      0.5425,
      1.5725,
      0.595,
      1.6275,
      0.65,
      1.6825,
      0.705,
      1.735,
      0.76,
      1.79,
      0.8125,
      1.845,
      0.8675,
      1.8975,
      0.9225,
      1.9525,
      0.975
    ],
    "SoftwareVersions": "syngo_MR_B17",
    "SpacingBetweenSlices": 3.3,
    "StationName": "MRC35370",
    "TotalReadoutTime": 0.0166951,
    "TxRefAmp": 347.38,
    "dataset": "ds002842",
    "modality": "bold",
    "run_id": 1,
    "subject_id": "21",
    "task_id": "silentreading"
  },
  "dummy_trs": 1,
  "dvars_nstd": 33.614479037887335,
  "dvars_std": 1.0713416731924885,
  "dvars_vstd": 1.0291197210328644,
  "efc": 0.600886107536703,
  "fber": 558.4177856445312,
  "fd_mean": 0.11968556802743725,
  "fd_num": 11,
  "fd_perc": 5.140186915887851,
  "fwhm_avg": 1.960835564726242,
  "fwhm_x": 1.8628566666666666,
  "fwhm_y": 2.11565,
  "fwhm_z": 1.9040000275120594,
  "gcor": 0.00688941,
  "gsr_x": 0.015049177221953869,
  "gsr_y": 0.03621683642268181,
  "provenance": {
    "md5sum": "90656e9f4f9114da9cdbc266e254fa93",
    "settings": {
      "fd_thres": 0.2,
      "testing": false
    },
    "software": "mriqc",
    "version": "23.0.1",
    "webapi_port": null,
    "webapi_url": "https://mriqc.nimh.nih.gov/api/v1"
  },
  "size_t": 214,
  "size_x": 64,
  "size_y": 64,
  "size_z": 37,
  "snr": 5.373750289457662,
  "spacing_tr": 2.0,
  "spacing_x": 3.0,
  "spacing_y": 3.0,
  "spacing_z": 3.299999952316284,
  "summary_bg_k": 33.96125956444425,
  "summary_bg_mad": 13.15636405157676,
  "summary_bg_mean": 71.86456298828125,
  "summary_bg_median": 36.47663497924805,
  "summary_bg_n": 80255.0,
  "summary_bg_p05": 26.02803611755371,
  "summary_bg_p95": 250.5995300292969,
  "summary_bg_stdv": 96.00113677978516,
  "summary_fg_k": 1.3758005922132588,
  "summary_fg_mad": 147.93110659978475,
  "summary_fg_mean": 896.2018432617188,
  "summary_fg_median": 883.9345703125,
  "summary_fg_n": 35112.0,
  "summary_fg_p05": 661.7609741210938,
  "summary_fg_p95": 1184.687384033203,
  "summary_fg_stdv": 164.4888458251953,
  "tsnr": 41.90110889123753
}