{
  "aor": 0.0009956542056074765,
  "aqi": 0.012103445046728972,
  "bids_meta": {
    "AcquisitionMatrixPE": 64,
    "AcquisitionNumber": 1,
    "AcquisitionTime": "14:45:18.715000",
    "BandwidthPerPixelPhaseEncode": 58.962,
    "BaseResolution": 64,
    "CoilString": "T:HEA;HEP",
    "ConversionSoftware": "dcm2niix",
    "ConversionSoftwareVersion": "v1.0.20190902",
    "DerivedVendorReportedEchoSpacing": 0.000530002,
    "DeviceSerialNumber": "35370",
    "DwellTime": 3.5e-06,
    "EchoTime": 0.03,
    "EffectiveEchoSpacing": 0.000265001,
    "FlipAngle": 70,
    "ImageOrientationPatientDICOM": [
      0.999944,
      0.010037,
      0.00323866,
      -0.00872632,
      0.959844,
      -0.280398
    ],
    "ImageType": [
      "ORIGINAL",
      "PRIMARY",
      "M",
      "ND",
      "MOSAIC"
    ],
    "ImagingFrequency": 123.243,
    "InPlanePhaseEncodingDirectionDICOM": "COL",
    "InstitutionAddress": "Habelschwerdter_Allee_45_Berlin_District_DE_14195",
    "InstitutionName": "D.I.N.E",
    "InstitutionalDepartmentName": "Department",
    "MRAcquisitionType": "2D",
    "MagneticFieldStrength": 3,
    "Manufacturer": "Siemens",
    "ManufacturersModelName": "TrioTim",
    "Modality": "MR",
    "ParallelReductionFactorInPlane": 2,
    "PartialFourier": 1,
    "PatientPosition": "HFS",
    "PercentPhaseFOV": 100,
    "PhaseEncodingDirection": "j-",
    "PhaseEncodingSteps": 63,
    "PhaseResolution": 1,
    "PixelBandwidth": 2232,
    "ProcedureStepDescription": "Projekte_fMRI_12ch_localizer",
    "ProtocolName": "NIN_EPI_3x3x3_TR2000_sentence_215",
    "PulseSequenceDetails": "%CustomerSeq%_nin_ep2d_bold_v5a",
    "ReceiveCoilName": "HeadMatrix",
    "ReconMatrixPE": 64,
    "RefLinesPE": 24,
    "RepetitionTime": 2,
    "SAR": 0.135695,
    "ScanOptions": "FS",
    "ScanningSequence": "EP",
    "SequenceName": "ninepbo2d1_64",
    "SequenceVariant": "SK",
    "SeriesDescription": "NIN_EPI_3x3x3_TR2000_sentence_215",
    "SeriesNumber": 5,
    "ShimSetting": [
      -6782,
      -5516,
      -10679,
      325,
      695,
      1370,
      134,
      124
    ],
    "SliceThickness": 3,
    "SliceTiming": [
      0,
      1.0325,
      0.055,
      1.0875,
      0.11,
      1.14,
      0.165,
      1.195,
      0.2175,
      1.25,
      0.2725,
      1.3025,
      0.3275,
      1.3575,
      0.38,
      1.4125,
      0.435,
      1.4675,
      0.49,
      1.52,
      0.545,
      1.575,
      0.5975,
      1.63,
      0.6525,
      1.6825,
      0.7075,
      1.7375,
      0.76,
      1.7925,
      0.815,
      1.8475,
      0.87,
      1.9,
      0.9225,
      1.955,
      0.9775
    ],
    "SoftwareVersions": "syngo_MR_B17",
    "SpacingBetweenSlices": 3.3,
    "StationName": "MRC35370",
    "TotalReadoutTime": 0.0166951,
    "TxRefAmp": 347.38,
    "dataset": "ds002842",
    "modality": "bold",
    "run_id": 2,
    "subject_id": "21",
    "task_id": "silentreading"
  },
  "dummy_trs": 1,
  "dvars_nstd": 32.670529504225314,
  "dvars_std": 1.033337864741784,
  "dvars_vstd": 1.0008257921596244,
  "efc": 0.6017417408329357,
  "fber": 553.4841918945312,
  "fd_mean": 0.1594575569904171,
  "fd_num": 43,
  "fd_perc": 20.093457943925234,
  "fwhm_avg": 1.9342624331931264,
  "fwhm_x": 1.8540933333333334,
  "fwhm_y": 2.0903666666666667,
  "fwhm_z": 1.8583272995793791,
  "gcor": 0.0115457,
  "gsr_x": 0.015670187771320343,
  "gsr_y": 0.03418409079313278,
  "provenance": {
    "md5sum": "2743c1c7cb88a3f3f1a869d55c5ee5b5",
    "settings": {
      "fd_thres": 0.2,
      "testing": false
    },
    "software": "mriqc",
    "version": "23.0.1",
    "webapi_port": null,
    "webapi_url": "https://mriqc.nimh.nih.gov/api/v1"
  },
  "size_t": 214,
  "size_x": 64,
  "size_y": 64,
  "size_z": 37,
  "snr": 5.3759852513177355,
  "spacing_tr": 2.0,
  "spacing_x": 3.0,
  "spacing_y": 3.0,
  "spacing_z": 3.299999952316284,
  "summary_bg_k": 25.03279346362055,
  "summary_bg_mad": 14.157467242167996,
  "summary_bg_mean": 76.56924438476562,
  "summary_bg_median": 36.80607604980469,
  "summary_bg_n": 81166.0,
  "summary_bg_p05": 25.501168251037598,
  "summary_bg_p95": 275.9310607910156,
  "summary_bg_stdv": 104.4166030883789,
  "summary_fg_k": 1.2729008408958782,
  "summary_fg_mad": 149.52112146681122,
  "summary_fg_mean": 900.3375854492188,
  "summary_fg_median": 886.635498046875,
  "summary_fg_n": 34961.0,
  "summary_fg_p05": 667.1168212890625,
  "summary_fg_p95": 1192.0513916015625,
  "summary_fg_stdv": 164.9228515625,
  "tsnr": 39.15260351635516
}