{
  "aor": 0.0003971627906976745,
  "aqi": 0.006663210511627907,
  "bids_meta": {
    "AcquisitionMatrixPE": 64,
    "AcquisitionNumber": 1,
    "AcquisitionTime": "15:11:30.937500",
    "BandwidthPerPixelPhaseEncode": 58.962,
    "BaseResolution": 64,
    "CoilString": "T:HEA;HEP",
    "ConversionSoftware": "dcm2niix",
    "ConversionSoftwareVersion": "v1.0.20190902",
    "DerivedVendorReportedEchoSpacing": 0.000530002,
    "DeviceSerialNumber": "35370",
    "DwellTime": 3.5e-06,
    "EchoTime": 0.03,
    "EffectiveEchoSpacing": 0.000265001,
    "FlipAngle": 70,
    "ImageOrientationPatientDICOM": [
      0.999995,
      0.0031735,
      0.000776771,
      -0.00314164,
      0.99927,
      -0.0380654
    ],
    "ImageType": [
      "ORIGINAL",
      "PRIMARY",
      "M",
      "ND",
      "MOSAIC"
    ],
    "ImagingFrequency": 123.243,
    "InPlanePhaseEncodingDirectionDICOM": "COL",
    "InstitutionAddress": "Habelschwerdter_Allee_45_Berlin_District_DE_14195",
    "InstitutionName": "Freie_Universitaet",
    "InstitutionalDepartmentName": "Department",
    "MRAcquisitionType": "2D",
    "MagneticFieldStrength": 3,
    "Manufacturer": "Siemens",
    "ManufacturersModelName": "TrioTim",
    "Modality": "MR",
    "ParallelReductionFactorInPlane": 2,
    "PartialFourier": 1,
    "PatientPosition": "HFS",
    "PercentPhaseFOV": 100,
    "PhaseEncodingDirection": "j-",
    "PhaseEncodingSteps": 63,
    "PhaseResolution": 1,
    "PixelBandwidth": 2232,
    "ProcedureStepDescription": "Projekte_fMRI_12ch_localizer",
    "ProtocolName": "NIN_EPI_3x3x3_TR2000_sentence_215",
    "PulseSequenceDetails": "%CustomerSeq%_nin_ep2d_bold_v5a",
    "ReceiveCoilName": "HeadMatrix",
    "ReconMatrixPE": 64,
    "RefLinesPE": 24,
    "RepetitionTime": 2,
    "SAR": 0.140226,
    "ScanOptions": "FS",
    "ScanningSequence": "EP",
    "SequenceName": "ninepbo2d1_64",
    "SequenceVariant": "SK",
    "SeriesDescription": "NIN_EPI_3x3x3_TR2000_sentence_215",
    "SeriesNumber": 5,
    "ShimSetting": [
      -6825,
      -5717,
      -10684,
      526,
      516,
      996,
      453,
      51
    ],
    "SliceThickness": 3,
    "SliceTiming": [
      0,
      1.03,
      0.055,
      1.085,
      0.1075,
      1.14,
      0.1625,
      1.1925,
      0.2175,
      1.2475,
      0.27,
      1.3025,
      0.325,
      1.3575,
      0.38,
      1.41,
      0.4325,
      1.465,
      0.4875,
      1.52,
      0.5425,
      1.5725,
      0.5975,
      1.6275,
      0.65,
      1.6825,
      0.705,
      1.735,
      0.76,
      1.79,
      0.8125,
      1.845,
      0.8675,
      1.9,
      0.9225,
      1.9525,
      0.9775
    ],
    "SoftwareVersions": "syngo_MR_B17",
    "SpacingBetweenSlices": 3.3,
    "StationName": "MRC35370",
    "TotalReadoutTime": 0.0166951,
    "TxRefAmp": 304.112,
    "dataset": "ds002842",
    "modality": "bold",
    "run_id": 2,
    "subject_id": "08",
    "task_id": "silentreading"
  },
  "dummy_trs": 0,
  "dvars_nstd": 29.77154691640186,
  "dvars_std": 1.0720369764953281,
  "dvars_vstd": 1.0078143315887853,
  "efc": 0.5602997532965458,
  "fber": 854.9133911132812,
  "fd_mean": 0.09848478461125677,
  "fd_num": 3,
  "fd_perc": 1.3953488372093024,
  "fwhm_avg": 1.9048115242103993,
  "fwhm_x": 1.80729,
  "fwhm_y": 2.0263566666666666,
  "fwhm_z": 1.880787905964532,
  "gcor": 0.0123337,
  "gsr_x": 0.004861639812588692,
  "gsr_y": 0.023911193013191223,
  "provenance": {
    "md5sum": "43061cf65d9f948f5819a59fae2dc675",
    "settings": {
      "fd_thres": 0.2,
      "testing": false
    },
    "software": "mriqc",
    "version": "23.0.1",
    "webapi_port": null,
    "webapi_url": "https://mriqc.nimh.nih.gov/api/v1"
  },
  "size_t": 215,
  "size_x": 64,
  "size_y": 64,
  "size_z": 37,
  "snr": 5.548364144809945,
  "spacing_tr": 2.0,
  "spacing_x": 3.0,
  "spacing_y": 3.0,
  "spacing_z": 3.299999952316284,
  "summary_bg_k": 28.554784469270484,
  "summary_bg_mad": 7.961227333388701,
  "summary_bg_mean": 53.831520080566406,
  "summary_bg_median": 29.518604278564453,
  "summary_bg_n": 85432.0,
  "summary_bg_p05": 22.567441940307617,
  "summary_bg_p95": 184.00953369140612,
  "summary_bg_stdv": 74.17310333251953,
  "summary_fg_k": 1.5832497684513873,
  "summary_fg_mad": 140.81961104632293,
  "summary_fg_mean": 888.5458374023438,
  "summary_fg_median": 874.4093017578125,
  "summary_fg_n": 32001.0,
  "summary_fg_p05": 669.3814086914062,
  "summary_fg_p95": 1164.83251953125,
  "summary_fg_stdv": 157.59521484375,
  "tsnr": 52.143564365804195
}