{
  "bids_meta": {
    "AcquisitionMatrixPE": 256,
    "AcquisitionNumber": 1,
    "AcquisitionTime": "13:34:45.280000",
    "BaseResolution": 256,
    "CoilString": "T:HEA;HEP",
    "ConversionSoftware": "dcm2niix",
    "ConversionSoftwareVersion": "v1.0.20190902",
    "DeviceSerialNumber": "35370",
    "DwellTime": 1.15e-05,
    "EchoTime": 0.00252,
    "FlipAngle": 9,
    "ImageOrientationPatientDICOM": [
      -0.0230034,
      0.999711,
      0.00697407,
      0.0451918,
      0.00800859,
      -0.998946
    ],
    "ImageType": [
      "ORIGINAL",
      "PRIMARY",
      "M",
      "ND",
      "NORM"
    ],
    "ImagingFrequency": 123.243,
    "InPlanePhaseEncodingDirectionDICOM": "ROW",
    "InstitutionAddress": "Habelschwerdter_Allee_45_Berlin_District_DE_14195",
    "InstitutionName": "D.I.N.E",
    "InstitutionalDepartmentName": "Department",
    "InversionTime": 0.9,
    "MRAcquisitionType": "3D",
    "MagneticFieldStrength": 3,
    "Manufacturer": "Siemens",
    "ManufacturersModelName": "TrioTim",
    "Modality": "MR",
    "ParallelReductionFactorInPlane": 2,
    "PartialFourier": 1,
    "PatientPosition": "HFS",
    "PercentPhaseFOV": 100,
    "PhaseEncodingSteps": 255,
    "PhaseResolution": 1,
    "PixelBandwidth": 170,
    "ProcedureStepDescription": "Projekte_fMRI_12ch_localizer",
    "ProtocolName": "t1_mpr_1x1x1_176",
    "PulseSequenceDetails": "%SiemensSeq%_tfl",
    "ReceiveCoilName": "HeadMatrix",
    "ReconMatrixPE": 256,
    "RefLinesPE": 24,
    "RepetitionTime": 1.9,
    "SAR": 0.12058,
    "ScanOptions": "IR",
    "ScanningSequence": "GR_IR",
    "SequenceName": "_tfl3d1_ns",
    "SequenceVariant": "SP_MP",
    "SeriesDescription": "t1_mpr_1x1x1_176",
    "SeriesNumber": 6,
    "ShimSetting": [
      -6835,
      -5687,
      -10919,
      -214,
      409,
      710,
      491,
      -6
    ],
    "SliceThickness": 1,
    "SoftwareVersions": "syngo_MR_B17",
    "StationName": "MRC35370",
    "TxRefAmp": 292.999,
    "dataset": "ds002842",
    "modality": "T1w",
    "subject_id": "16"
  },
  "cjv": 0.4014662693424326,
  "cnr": 3.4480042370612503,
  "efc": 0.5580141671282142,
  "fber": 17724.964207450692,
  "fwhm_avg": 4.20259,
  "fwhm_x": 4.26995,
  "fwhm_y": 4.22287,
  "fwhm_z": 4.11495,
  "icvs_csf": 0.2104392040786545,
  "icvs_gm": 0.4120504978120493,
  "icvs_wm": 0.3775102981092962,
  "inu_med": 0.4582744240760803,
  "inu_range": 0.17213863134384155,
  "provenance": {
    "md5sum": "571211d03e566142e07f99a33211035e",
    "settings": {
      "testing": false
    },
    "software": "mriqc",
    "version": "23.0.1",
    "warnings": {
      "large_rot_frame": true,
      "small_air_mask": false
    },
    "webapi_port": null,
    "webapi_url": "https://mriqc.nimh.nih.gov/api/v1"
  },
  "qi_1": 0.0,
  "qi_2": 0.006095541274919713,
  "rpve_csf": 26.199958850558946,
  "rpve_gm": 13.782051964904806,
  "rpve_wm": 17.534173999540897,
  "size_x": 176,
  "size_y": 256,
  "size_z": 256,
  "snr_csf": 2.8525054326937216,
  "snr_gm": 13.252307161356132,
  "snr_total": 13.012400901262815,
  "snr_wm": 22.93239010973859,
  "snrd_csf": 24.766179026833385,
  "snrd_gm": 62.85337763008214,
  "snrd_total": 57.0739993533625,
  "snrd_wm": 83.60244140317198,
  "spacing_x": 1.0,
  "spacing_y": 1.0,
  "spacing_z": 1.0,
  "summary_bg_k": 11.390462632343153,
  "summary_bg_mad": 0.0,
  "summary_bg_mean": 5.280772268141568,
  "summary_bg_median": 0.0,
  "summary_bg_n": 2458487.0,
  "summary_bg_p05": 0.0,
  "summary_bg_p95": 21.03098640963435,
  "summary_bg_stdv": 7.836330615243366,
  "summary_csf_k": 5.2353264237431265,
  "summary_csf_mad": 84.0752708991837,
  "summary_csf_mean": 308.2367453220901,
  "summary_csf_median": 296.23749639093876,
  "summary_csf_n": 36808.0,
  "summary_csf_p05": 163.19756864011288,
  "summary_csf_p95": 498.36944518871616,
  "summary_csf_stdv": 103.85027452609683,
  "summary_gm_k": 0.03356770891470218,
  "summary_gm_mad": 56.95939154429431,
  "summary_gm_mean": 750.704393638304,
  "summary_gm_median": 751.8126719780266,
  "summary_gm_n": 18366.0,
  "summary_gm_p05": 655.8475234424695,
  "summary_gm_p95": 842.6373135438189,
  "summary_gm_stdv": 56.72915629205079,
  "summary_wm_k": 0.18474920847177279,
  "summary_wm_mad": 42.67943141065433,
  "summary_wm_mean": 1000.6614948569527,
  "summary_wm_median": 999.9999558515847,
  "summary_wm_n": 205578.0,
  "summary_wm_p05": 930.5526085333898,
  "summary_wm_p95": 1073.6985926181078,
  "summary_wm_stdv": 43.606336666024355,
  "tpm_overlap_csf": 0.16722213165306815,
  "tpm_overlap_gm": 0.463042034656417,
  "tpm_overlap_wm": 0.5316249683144004,
  "wm2max": 0.524343648331694
}