{
  "aor": 0.0004994859813084112,
  "aqi": 0.006600739205607476,
  "bids_meta": {
    "AcquisitionMatrixPE": 64,
    "AcquisitionNumber": 1,
    "AcquisitionTime": "09:07:37.535000",
    "BandwidthPerPixelPhaseEncode": 58.962,
    "BaseResolution": 64,
    "CoilString": "T:HEA;HEP",
    "ConversionSoftware": "dcm2niix",
    "ConversionSoftwareVersion": "v1.0.20190902",
    "DerivedVendorReportedEchoSpacing": 0.000530002,
    "DeviceSerialNumber": "35370",
    "DwellTime": 3.5e-06,
    "EchoTime": 0.03,
    "EffectiveEchoSpacing": 0.000265001,
    "FlipAngle": 70,
    "ImageOrientationPatientDICOM": [
      0.999995,
      0.00324772,
      0.000355905,
      -0.00314162,
      0.985753,
      -0.168171
    ],
    "ImageType": [
      "ORIGINAL",
      "PRIMARY",
      "M",
      "ND",
      "MOSAIC"
    ],
    "ImagingFrequency": 123.243,
    "InPlanePhaseEncodingDirectionDICOM": "COL",
    "InstitutionAddress": "Habelschwerdter_Allee_45_Berlin_District_DE_14195",
    "InstitutionName": "D.I.N.E",
    "InstitutionalDepartmentName": "Department",
    "MRAcquisitionType": "2D",
    "MagneticFieldStrength": 3,
    "Manufacturer": "Siemens",
    "ManufacturersModelName": "TrioTim",
    "Modality": "MR",
    "ParallelReductionFactorInPlane": 2,
    "PartialFourier": 1,
    "PatientPosition": "HFS",
    "PercentPhaseFOV": 100,
    "PhaseEncodingDirection": "j-",
    "PhaseEncodingSteps": 63,
    "PhaseResolution": 1,
    "PixelBandwidth": 2232,
    "ProcedureStepDescription": "Projekte_fMRI_12ch_localizer",
    "ProtocolName": "NIN_EPI_3x3x3_TR2000_sentence_215",
    "PulseSequenceDetails": "%CustomerSeq%_nin_ep2d_bold_v5a",
    "ReceiveCoilName": "HeadMatrix",
    "ReconMatrixPE": 64,
    "RefLinesPE": 24,
    "RepetitionTime": 2,
    "SAR": 0.125038,
    "ScanOptions": "FS",
    "ScanningSequence": "EP",
    "SequenceName": "ninepbo2d1_64",
    "SequenceVariant": "SK",
    "SeriesDescription": "NIN_EPI_3x3x3_TR2000_sentence_215",
    "SeriesNumber": 4,
    "ShimSetting": [
      -6747,
      -5568,
      -10697,
      620,
      856,
      1473,
      340,
      -37
    ],
    "SliceThickness": 3,
    "SliceTiming": [
      0,
      1.0325,
      0.055,
      1.0875,
      0.11,
      1.14,
      0.165,
      1.195,
      0.2175,
      1.25,
      0.2725,
      1.3025,
      0.3275,
      1.3575,
      0.38,
      1.4125,
      0.435,
      1.4675,
      0.49,
      1.52,
      0.545,
      1.575,
      0.5975,
      1.63,
      0.6525,
      1.6825,
      0.7075,
      1.7375,
      0.76,
      1.7925,
      0.815,
      1.8475,
      0.87,
      1.9,
      0.925,
      1.955,
      0.9775
    ],
    "SoftwareVersions": "syngo_MR_B17",
    "SpacingBetweenSlices": 3.3,
    "StationName": "MRC35370",
    "TotalReadoutTime": 0.0166951,
    "TxRefAmp": 289.626,
    "dataset": "ds002842",
    "modality": "bold",
    "run_id": 1,
    "subject_id": "14",
    "task_id": "silentreading"
  },
  "dummy_trs": 1,
  "dvars_nstd": 29.066133705070417,
  "dvars_std": 1.038873331032864,
  "dvars_vstd": 1.008880096713615,
  "efc": 0.5673060625124623,
  "fber": 788.82568359375,
  "fd_mean": 0.0782268389296355,
  "fd_num": 3,
  "fd_perc": 1.4018691588785046,
  "fwhm_avg": 1.9482761251367056,
  "fwhm_x": 1.8605933333333333,
  "fwhm_y": 2.090786666666667,
  "fwhm_z": 1.8934483754101161,
  "gcor": 0.0100514,
  "gsr_x": 0.0042083850130438805,
  "gsr_y": 0.028422072529792786,
  "provenance": {
    "md5sum": "4717417501added7ddee1d39376c0b2d",
    "settings": {
      "fd_thres": 0.2,
      "testing": false
    },
    "software": "mriqc",
    "version": "23.0.1",
    "webapi_port": null,
    "webapi_url": "https://mriqc.nimh.nih.gov/api/v1"
  },
  "size_t": 214,
  "size_x": 64,
  "size_y": 64,
  "size_z": 37,
  "snr": 4.756840649016251,
  "spacing_tr": 2.0,
  "spacing_x": 3.0,
  "spacing_y": 3.0,
  "spacing_z": 3.3000001907348633,
  "summary_bg_k": 41.10770351672814,
  "summary_bg_mad": 7.904902429923059,
  "summary_bg_mean": 46.801815032958984,
  "summary_bg_median": 28.859811782836914,
  "summary_bg_n": 82324.0,
  "summary_bg_p05": 21.93457794189453,
  "summary_bg_p95": 123.48995246887203,
  "summary_bg_stdv": 61.461910247802734,
  "summary_fg_k": 1.1297285479526558,
  "summary_fg_mad": 154.8626158365591,
  "summary_fg_mean": 842.6883544921875,
  "summary_fg_median": 824.6168212890625,
  "summary_fg_n": 34763.0,
  "summary_fg_p05": 598.7083740234375,
  "summary_fg_p95": 1158.733642578125,
  "summary_fg_stdv": 173.3513946533203,
  "tsnr": 46.92720880382694
}