{
  "aor": 0.0007041588785046728,
  "aqi": 0.005551119953271028,
  "bids_meta": {
    "AcquisitionMatrixPE": 64,
    "AcquisitionNumber": 1,
    "AcquisitionTime": "09:16:35.330000",
    "BandwidthPerPixelPhaseEncode": 58.962,
    "BaseResolution": 64,
    "CoilString": "T:HEA;HEP",
    "ConversionSoftware": "dcm2niix",
    "ConversionSoftwareVersion": "v1.0.20190902",
    "DerivedVendorReportedEchoSpacing": 0.000530002,
    "DeviceSerialNumber": "35370",
    "DwellTime": 3.5e-06,
    "EchoTime": 0.03,
    "EffectiveEchoSpacing": 0.000265001,
    "FlipAngle": 70,
    "ImageOrientationPatientDICOM": [
      0.999995,
      0.00324772,
      0.000355905,
      -0.00314162,
      0.985753,
      -0.168171
    ],
    "ImageType": [
      "ORIGINAL",
      "PRIMARY",
      "M",
      "ND",
      "MOSAIC"
    ],
    "ImagingFrequency": 123.243,
    "InPlanePhaseEncodingDirectionDICOM": "COL",
    "InstitutionAddress": "Habelschwerdter_Allee_45_Berlin_District_DE_14195",
    "InstitutionName": "D.I.N.E",
    "InstitutionalDepartmentName": "Department",
    "MRAcquisitionType": "2D",
    "MagneticFieldStrength": 3,
    "Manufacturer": "Siemens",
    "ManufacturersModelName": "TrioTim",
    "Modality": "MR",
    "ParallelReductionFactorInPlane": 2,
    "PartialFourier": 1,
    "PatientPosition": "HFS",
    "PercentPhaseFOV": 100,
    "PhaseEncodingDirection": "j-",
    "PhaseEncodingSteps": 63,
    "PhaseResolution": 1,
    "PixelBandwidth": 2232,
    "ProcedureStepDescription": "Projekte_fMRI_12ch_localizer",
    "ProtocolName": "NIN_EPI_3x3x3_TR2000_sentence_215",
    "PulseSequenceDetails": "%CustomerSeq%_nin_ep2d_bold_v5a",
    "ReceiveCoilName": "HeadMatrix",
    "ReconMatrixPE": 64,
    "RefLinesPE": 24,
    "RepetitionTime": 2,
    "SAR": 0.125038,
    "ScanOptions": "FS",
    "ScanningSequence": "EP",
    "SequenceName": "ninepbo2d1_64",
    "SequenceVariant": "SK",
    "SeriesDescription": "NIN_EPI_3x3x3_TR2000_sentence_215",
    "SeriesNumber": 5,
    "ShimSetting": [
      -6747,
      -5568,
      -10697,
      620,
      856,
      1473,
      340,
      -37
    ],
    "SliceThickness": 3,
    "SliceTiming": [
      0,
      1.0325,
      0.055,
      1.085,
      0.11,
      1.14,
      0.1625,
      1.195,
      0.2175,
      1.25,
      0.2725,
      1.3025,
      0.3275,
      1.3575,
      0.38,
      1.4125,
      0.435,
      1.465,
      0.49,
      1.52,
      0.5425,
      1.575,
      0.5975,
      1.6275,
      0.6525,
      1.6825,
      0.705,
      1.7375,
      0.76,
      1.7925,
      0.815,
      1.845,
      0.87,
      1.9,
      0.9225,
      1.955,
      0.9775
    ],
    "SoftwareVersions": "syngo_MR_B17",
    "SpacingBetweenSlices": 3.3,
    "StationName": "MRC35370",
    "TotalReadoutTime": 0.0166951,
    "TxRefAmp": 289.626,
    "dataset": "ds002842",
    "modality": "bold",
    "run_id": 2,
    "subject_id": "14",
    "task_id": "silentreading"
  },
  "dummy_trs": 1,
  "dvars_nstd": 28.89210994699532,
  "dvars_std": 1.0535859460563386,
  "dvars_vstd": 1.018936698403756,
  "efc": 0.5674051109382751,
  "fber": 792.8381958007812,
  "fd_mean": 0.07325051437838692,
  "fd_num": 0,
  "fd_perc": 0.0,
  "fwhm_avg": 1.9578964279135125,
  "fwhm_x": 1.8589466666666665,
  "fwhm_y": 2.1081366666666668,
  "fwhm_z": 1.9066059504072046,
  "gcor": 0.00747048,
  "gsr_x": 0.004279129207134247,
  "gsr_y": 0.027209555730223656,
  "provenance": {
    "md5sum": "af904434a1817925e9849282a38035e5",
    "settings": {
      "fd_thres": 0.2,
      "testing": false
    },
    "software": "mriqc",
    "version": "23.0.1",
    "webapi_port": null,
    "webapi_url": "https://mriqc.nimh.nih.gov/api/v1"
  },
  "size_t": 214,
  "size_x": 64,
  "size_y": 64,
  "size_z": 37,
  "snr": 4.733417865977375,
  "spacing_tr": 2.0,
  "spacing_x": 3.0,
  "spacing_y": 3.0,
  "spacing_z": 3.3000001907348633,
  "summary_bg_k": 39.8303797871518,
  "summary_bg_mad": 7.606995213822121,
  "summary_bg_mean": 46.83899688720703,
  "summary_bg_median": 28.71495246887207,
  "summary_bg_n": 82274.0,
  "summary_bg_p05": 22.070093154907227,
  "summary_bg_p95": 125.53924942016586,
  "summary_bg_stdv": 61.7384147644043,
  "summary_fg_k": 1.1520314113970604,
  "summary_fg_mad": 154.4400687748335,
  "summary_fg_mean": 841.7515258789062,
  "summary_fg_median": 822.700927734375,
  "summary_fg_n": 34866.0,
  "summary_fg_p05": 600.4497528076172,
  "summary_fg_p95": 1158.6799011230469,
  "summary_fg_stdv": 173.80445861816406,
  "tsnr": 49.497542046010494
}