{
  "aor": 0.0003896244131455399,
  "aqi": 0.011180468309859156,
  "bids_meta": {
    "AcquisitionMatrixPE": 64,
    "AcquisitionNumber": 1,
    "AcquisitionTime": "15:15:15.085000",
    "BandwidthPerPixelPhaseEncode": 58.962,
    "BaseResolution": 64,
    "CoilString": "T:HEA;HEP",
    "ConversionSoftware": "dcm2niix",
    "ConversionSoftwareVersion": "v1.0.20190902",
    "DerivedVendorReportedEchoSpacing": 0.000530002,
    "DeviceSerialNumber": "35370",
    "DwellTime": 3.5e-06,
    "EchoTime": 0.03,
    "EffectiveEchoSpacing": 0.000265001,
    "FlipAngle": 70,
    "ImageOrientationPatientDICOM": [
      0.998591,
      0.00846844,
      0.0523782,
      -0.00313722,
      0.994878,
      -0.101039
    ],
    "ImageType": [
      "ORIGINAL",
      "PRIMARY",
      "M",
      "ND",
      "MOSAIC"
    ],
    "ImagingFrequency": 123.243,
    "InPlanePhaseEncodingDirectionDICOM": "COL",
    "InstitutionAddress": "Habelschwerdter_Allee_45_Berlin_District_DE_14195",
    "InstitutionName": "Freie_Universitaet",
    "InstitutionalDepartmentName": "Department",
    "MRAcquisitionType": "2D",
    "MagneticFieldStrength": 3,
    "Manufacturer": "Siemens",
    "ManufacturersModelName": "TrioTim",
    "Modality": "MR",
    "ParallelReductionFactorInPlane": 2,
    "PartialFourier": 1,
    "PatientPosition": "HFS",
    "PercentPhaseFOV": 100,
    "PhaseEncodingDirection": "j-",
    "PhaseEncodingSteps": 63,
    "PhaseResolution": 1,
    "PixelBandwidth": 2232,
    "ProcedureStepDescription": "Projekte_fMRI_12ch_localizer",
    "ProtocolName": "NIN_EPI_3x3x3_TR2000_sentence_215",
    "PulseSequenceDetails": "%CustomerSeq%_nin_ep2d_bold_v5a",
    "ReceiveCoilName": "HeadMatrix",
    "ReconMatrixPE": 64,
    "RefLinesPE": 24,
    "RepetitionTime": 2,
    "SAR": 0.150806,
    "ScanOptions": "FS",
    "ScanningSequence": "EP",
    "SequenceName": "ninepbo2d1_64",
    "SequenceVariant": "SK",
    "SeriesDescription": "NIN_EPI_3x3x3_TR2000_sentence_215",
    "SeriesNumber": 5,
    "ShimSetting": [
      -6701,
      -5596,
      -10646,
      344,
      777,
      1267,
      -329,
      11
    ],
    "SliceThickness": 3,
    "SliceTiming": [
      0,
      1.03,
      0.055,
      1.085,
      0.1075,
      1.14,
      0.1625,
      1.1925,
      0.2175,
      1.2475,
      0.27,
      1.3025,
      0.325,
      1.3575,
      0.38,
      1.41,
      0.4325,
      1.465,
      0.4875,
      1.52,
      0.5425,
      1.5725,
      0.5975,
      1.6275,
      0.65,
      1.6825,
      0.705,
      1.735,
      0.76,
      1.79,
      0.8125,
      1.845,
      0.8675,
      1.9,
      0.9225,
      1.9525,
      0.9775
    ],
    "SoftwareVersions": "syngo_MR_B17",
    "SpacingBetweenSlices": 3.3,
    "StationName": "MRC35370",
    "TotalReadoutTime": 0.0166951,
    "TxRefAmp": 338.329,
    "dataset": "ds002842",
    "modality": "bold",
    "run_id": 2,
    "subject_id": "01",
    "task_id": "silentreading"
  },
  "dummy_trs": 2,
  "dvars_nstd": 34.85411652018867,
  "dvars_std": 1.0761330074528304,
  "dvars_vstd": 1.0000943594339624,
  "efc": 0.5927729689637612,
  "fber": 587.1281127929688,
  "fd_mean": 0.09558581882839688,
  "fd_num": 8,
  "fd_perc": 3.755868544600939,
  "fwhm_avg": 1.7784356649322879,
  "fwhm_x": 1.6886166666666667,
  "fwhm_y": 1.9096266666666668,
  "fwhm_z": 1.7370636614635304,
  "gcor": 0.00692453,
  "gsr_x": -0.003568558022379875,
  "gsr_y": 0.050786979496479034,
  "provenance": {
    "md5sum": "ff40f5aaeaf1eb2864db754fd6e544b1",
    "settings": {
      "fd_thres": 0.2,
      "testing": false
    },
    "software": "mriqc",
    "version": "23.0.1",
    "webapi_port": null,
    "webapi_url": "https://mriqc.nimh.nih.gov/api/v1"
  },
  "size_t": 213,
  "size_x": 64,
  "size_y": 64,
  "size_z": 37,
  "snr": 4.931610426647232,
  "spacing_tr": 2.0,
  "spacing_x": 3.0,
  "spacing_y": 3.0,
  "spacing_z": 3.299999952316284,
  "summary_bg_k": 71.26697413892656,
  "summary_bg_mad": 12.30281468857533,
  "summary_bg_mean": 56.87677764892578,
  "summary_bg_median": 33.42488098144531,
  "summary_bg_n": 79000.0,
  "summary_bg_p05": 22.629108428955078,
  "summary_bg_p95": 154.4145553588868,
  "summary_bg_stdv": 84.7705307006836,
  "summary_fg_k": 2.3256986433974953,
  "summary_fg_mad": 135.41794025596315,
  "summary_fg_mean": 847.2849731445312,
  "summary_fg_median": 822.3521118164062,
  "summary_fg_n": 38023.0,
  "summary_fg_p05": 641.2342712402344,
  "summary_fg_p95": 1168.0868286132813,
  "summary_fg_stdv": 166.74903869628906,
  "tsnr": 41.720689403126016
}