{
  "aor": 0.00041334883720930233,
  "aqi": 0.0076283359534883724,
  "bids_meta": {
    "AcquisitionMatrixPE": 64,
    "AcquisitionNumber": 1,
    "AcquisitionTime": "15:03:24.197500",
    "BandwidthPerPixelPhaseEncode": 58.962,
    "BaseResolution": 64,
    "CoilString": "T:HEA;HEP",
    "ConversionSoftware": "dcm2niix",
    "ConversionSoftwareVersion": "v1.0.20190902",
    "DerivedVendorReportedEchoSpacing": 0.000530002,
    "DeviceSerialNumber": "35370",
    "DwellTime": 3.5e-06,
    "EchoTime": 0.03,
    "EffectiveEchoSpacing": 0.000265001,
    "FlipAngle": 70,
    "ImageOrientationPatientDICOM": [
      0.999995,
      0.0031735,
      0.000776771,
      -0.00314164,
      0.99927,
      -0.0380654
    ],
    "ImageType": [
      "ORIGINAL",
      "PRIMARY",
      "M",
      "ND",
      "MOSAIC"
    ],
    "ImagingFrequency": 123.243,
    "InPlanePhaseEncodingDirectionDICOM": "COL",
    "InstitutionAddress": "Habelschwerdter_Allee_45_Berlin_District_DE_14195",
    "InstitutionName": "Freie_Universitaet",
    "InstitutionalDepartmentName": "Department",
    "MRAcquisitionType": "2D",
    "MagneticFieldStrength": 3,
    "Manufacturer": "Siemens",
    "ManufacturersModelName": "TrioTim",
    "Modality": "MR",
    "ParallelReductionFactorInPlane": 2,
    "PartialFourier": 1,
    "PatientPosition": "HFS",
    "PercentPhaseFOV": 100,
    "PhaseEncodingDirection": "j-",
    "PhaseEncodingSteps": 63,
    "PhaseResolution": 1,
    "PixelBandwidth": 2232,
    "ProcedureStepDescription": "Projekte_fMRI_12ch_localizer",
    "ProtocolName": "NIN_EPI_3x3x3_TR2000_sentence_215",
    "PulseSequenceDetails": "%CustomerSeq%_nin_ep2d_bold_v5a",
    "ReceiveCoilName": "HeadMatrix",
    "ReconMatrixPE": 64,
    "RefLinesPE": 24,
    "RepetitionTime": 2,
    "SAR": 0.140226,
    "ScanOptions": "FS",
    "ScanningSequence": "EP",
    "SequenceName": "ninepbo2d1_64",
    "SequenceVariant": "SK",
    "SeriesDescription": "NIN_EPI_3x3x3_TR2000_sentence_215",
    "SeriesNumber": 4,
    "ShimSetting": [
      -6825,
      -5717,
      -10684,
      526,
      516,
      996,
      453,
      51
    ],
    "SliceThickness": 3,
    "SliceTiming": [
      0,
      1.03,
      0.0525,
      1.085,
      0.1075,
      1.14,
      0.1625,
      1.1925,
      0.2175,
      1.2475,
      0.27,
      1.3025,
      0.325,
      1.355,
      0.38,
      1.41,
      0.4325,
      1.465,
      0.4875,
      1.5175,
      0.5425,
      1.5725,
      0.595,
      1.6275,
      0.65,
      1.6825,
      0.705,
      1.735,
      0.76,
      1.79,
      0.8125,
      1.845,
      0.8675,
      1.8975,
      0.9225,
      1.9525,
      0.975
    ],
    "SoftwareVersions": "syngo_MR_B17",
    "SpacingBetweenSlices": 3.3,
    "StationName": "MRC35370",
    "TotalReadoutTime": 0.0166951,
    "TxRefAmp": 304.112,
    "dataset": "ds002842",
    "modality": "bold",
    "run_id": 1,
    "subject_id": "08",
    "task_id": "silentreading"
  },
  "dummy_trs": 0,
  "dvars_nstd": 30.425193545887872,
  "dvars_std": 1.0711079347663552,
  "dvars_vstd": 1.0041904542523366,
  "efc": 0.5605527368554688,
  "fber": 843.509765625,
  "fd_mean": 0.0994538694965346,
  "fd_num": 7,
  "fd_perc": 3.255813953488372,
  "fwhm_avg": 1.9072846555953265,
  "fwhm_x": 1.8100233333333333,
  "fwhm_y": 2.0161366666666667,
  "fwhm_z": 1.8956939667859796,
  "gcor": 0.0157553,
  "gsr_x": 0.004544582683593035,
  "gsr_y": 0.024896662682294846,
  "provenance": {
    "md5sum": "2f94e4b7ef1c72f9898202f7ff904c5b",
    "settings": {
      "fd_thres": 0.2,
      "testing": false
    },
    "software": "mriqc",
    "version": "23.0.1",
    "webapi_port": null,
    "webapi_url": "https://mriqc.nimh.nih.gov/api/v1"
  },
  "size_t": 215,
  "size_x": 64,
  "size_y": 64,
  "size_z": 37,
  "snr": 5.548771869684784,
  "spacing_tr": 2.0,
  "spacing_x": 3.0,
  "spacing_y": 3.0,
  "spacing_z": 3.299999952316284,
  "summary_bg_k": 28.013323276279973,
  "summary_bg_mad": 8.157762165744465,
  "summary_bg_mean": 54.138572692871094,
  "summary_bg_median": 29.744186401367188,
  "summary_bg_n": 85485.0,
  "summary_bg_p05": 22.5906982421875,
  "summary_bg_p95": 183.36557617187518,
  "summary_bg_stdv": 74.19207763671875,
  "summary_fg_k": 1.604588849830563,
  "summary_fg_mad": 140.38869358022652,
  "summary_fg_mean": 889.8453369140625,
  "summary_fg_median": 875.53955078125,
  "summary_fg_n": 31974.0,
  "summary_fg_p05": 668.8060577392578,
  "summary_fg_p95": 1167.3026000976563,
  "summary_fg_stdv": 157.78732299804688,
  "tsnr": 49.733703423757106
}