{
  "bids_meta": {
    "AcquisitionMatrixPE": 256,
    "AcquisitionNumber": 1,
    "AcquisitionTime": "16:19:31.810000",
    "BaseResolution": 256,
    "CoilString": "T:HEA;HEP",
    "ConversionSoftware": "dcm2niix",
    "ConversionSoftwareVersion": "v1.0.20190902",
    "DeviceSerialNumber": "35370",
    "DwellTime": 1.15e-05,
    "EchoTime": 0.00252,
    "FlipAngle": 9,
    "ImageOrientationPatientDICOM": [
      0,
      1,
      0,
      0,
      0,
      -1
    ],
    "ImageType": [
      "ORIGINAL",
      "PRIMARY",
      "M",
      "ND",
      "NORM"
    ],
    "ImagingFrequency": 123.243,
    "InPlanePhaseEncodingDirectionDICOM": "ROW",
    "InstitutionAddress": "Habelschwerdter_Allee_45_Berlin_District_DE_14195",
    "InstitutionName": "D.I.N.E",
    "InstitutionalDepartmentName": "Department",
    "InversionTime": 0.9,
    "MRAcquisitionType": "3D",
    "MagneticFieldStrength": 3,
    "Manufacturer": "Siemens",
    "ManufacturersModelName": "TrioTim",
    "Modality": "MR",
    "ParallelReductionFactorInPlane": 2,
    "PartialFourier": 1,
    "PatientPosition": "HFS",
    "PercentPhaseFOV": 100,
    "PhaseEncodingSteps": 255,
    "PhaseResolution": 1,
    "PixelBandwidth": 170,
    "ProcedureStepDescription": "Projekte_fMRI_12ch_localizer",
    "ProtocolName": "t1_mpr_1x1x1_176",
    "PulseSequenceDetails": "%SiemensSeq%_tfl",
    "ReceiveCoilName": "HeadMatrix",
    "ReconMatrixPE": 256,
    "RefLinesPE": 24,
    "RepetitionTime": 1.9,
    "SAR": 0.159907,
    "ScanOptions": "IR",
    "ScanningSequence": "GR_IR",
    "SequenceName": "_tfl3d1_ns",
    "SequenceVariant": "SP_MP",
    "SeriesDescription": "t1_mpr_1x1x1_176",
    "SeriesNumber": 6,
    "ShimSetting": [
      -6826,
      -5580,
      -10887,
      -883,
      368,
      1034,
      425,
      -48
    ],
    "SliceThickness": 1,
    "SoftwareVersions": "syngo_MR_B17",
    "StationName": "MRC35370",
    "TxRefAmp": 443.424,
    "dataset": "ds002842",
    "modality": "T1w",
    "subject_id": "06"
  },
  "cjv": 0.3863837139241177,
  "cnr": 3.527157359183429,
  "efc": 0.5771150792287049,
  "fber": -1.0,
  "fwhm_avg": 4.095773333333334,
  "fwhm_x": 4.08987,
  "fwhm_y": 4.13103,
  "fwhm_z": 4.06642,
  "icvs_csf": 0.1726466665903111,
  "icvs_gm": 0.46005634931058237,
  "icvs_wm": 0.36729698409910655,
  "inu_med": 0.49611663818359375,
  "inu_range": 0.21191159486770628,
  "provenance": {
    "md5sum": "29adc5d2a19f1c9b7d1e85b0e5922ef2",
    "settings": {
      "testing": false
    },
    "software": "mriqc",
    "version": "23.0.1",
    "warnings": {
      "large_rot_frame": true,
      "small_air_mask": false
    },
    "webapi_port": null,
    "webapi_url": "https://mriqc.nimh.nih.gov/api/v1"
  },
  "qi_1": 2.4335061818009895e-06,
  "qi_2": 0.022531422681138846,
  "rpve_csf": 31.044240719331352,
  "rpve_gm": 13.043484085644504,
  "rpve_wm": 18.129755037071963,
  "size_x": 176,
  "size_y": 256,
  "size_z": 256,
  "snr_csf": 2.535112190913088,
  "snr_gm": 13.42863557212622,
  "snr_total": 12.46065595063767,
  "snr_wm": 21.418220088873706,
  "snrd_csf": 19.00934702137904,
  "snrd_gm": 46.87197872773343,
  "snrd_total": 43.01137796935898,
  "snrd_wm": 63.152808158964476,
  "spacing_x": 1.0,
  "spacing_y": 1.0,
  "spacing_z": 1.0,
  "summary_bg_k": 9.884569289906581,
  "summary_bg_mad": 0.0,
  "summary_bg_mean": 5.794470513342088,
  "summary_bg_median": 0.0,
  "summary_bg_n": 2662423.0,
  "summary_bg_p05": 0.0,
  "summary_bg_p95": 27.456006091088057,
  "summary_bg_stdv": 10.373828399527474,
  "summary_csf_k": 0.707507274092531,
  "summary_csf_mad": 86.89377551055496,
  "summary_csf_mean": 315.7170589892629,
  "summary_csf_median": 301.0055676754564,
  "summary_csf_n": 21908.0,
  "summary_csf_p05": 118.05589692667127,
  "summary_csf_p95": 537.9134378274902,
  "summary_csf_stdv": 118.73190421798128,
  "summary_gm_k": 0.043503971523148,
  "summary_gm_mad": 54.957207051250904,
  "summary_gm_mean": 740.9815087953283,
  "summary_gm_median": 742.1994321607053,
  "summary_gm_n": 39618.0,
  "summary_gm_p05": 646.958638320677,
  "summary_gm_p95": 829.6938860416412,
  "summary_gm_stdv": 55.269208935486354,
  "summary_wm_k": 0.5141179520983941,
  "summary_wm_mad": 44.65273072914136,
  "summary_wm_mean": 1001.7567978970146,
  "summary_wm_median": 999.9999920465052,
  "summary_wm_n": 200017.0,
  "summary_wm_p05": 928.427064139396,
  "summary_wm_p95": 1080.8892308175564,
  "summary_wm_stdv": 46.689103394514056,
  "tpm_overlap_csf": 0.15341394425662858,
  "tpm_overlap_gm": 0.46431705948525326,
  "tpm_overlap_wm": 0.508862397359236,
  "wm2max": 0.42562520980194696
}