{
  "bids_meta": {
    "AcquisitionMatrixPE": 256,
    "AcquisitionNumber": 1,
    "AcquisitionTime": "15:20:55.245000",
    "BaseResolution": 256,
    "CoilString": "T:HEA;HEP",
    "ConversionSoftware": "dcm2niix",
    "ConversionSoftwareVersion": "v1.0.20190902",
    "DeviceSerialNumber": "35370",
    "DwellTime": 1.15e-05,
    "EchoTime": 0.00252,
    "FlipAngle": 9,
    "ImageOrientationPatientDICOM": [
      0,
      0.999998,
      -0.00174528,
      0,
      -0.00174528,
      -0.999998
    ],
    "ImageType": [
      "ORIGINAL",
      "PRIMARY",
      "M",
      "ND",
      "NORM"
    ],
    "ImagingFrequency": 123.243,
    "InPlanePhaseEncodingDirectionDICOM": "ROW",
    "InstitutionAddress": "Habelschwerdter_Allee_45_Berlin_District_DE_14195",
    "InstitutionName": "D.I.N.E",
    "InstitutionalDepartmentName": "Department",
    "InversionTime": 0.9,
    "MRAcquisitionType": "3D",
    "MagneticFieldStrength": 3,
    "Manufacturer": "Siemens",
    "ManufacturersModelName": "TrioTim",
    "Modality": "MR",
    "ParallelReductionFactorInPlane": 2,
    "PartialFourier": 1,
    "PatientPosition": "HFS",
    "PercentPhaseFOV": 100,
    "PhaseEncodingSteps": 255,
    "PhaseResolution": 1,
    "PixelBandwidth": 170,
    "ProcedureStepDescription": "Projekte_fMRI_12ch_localizer",
    "ProtocolName": "t1_mpr_1x1x1_176",
    "PulseSequenceDetails": "%SiemensSeq%_tfl",
    "ReceiveCoilName": "HeadMatrix",
    "ReconMatrixPE": 256,
    "RefLinesPE": 24,
    "RepetitionTime": 1.9,
    "SAR": 0.114738,
    "ScanOptions": "IR",
    "ScanningSequence": "GR_IR",
    "SequenceName": "_tfl3d1_ns",
    "SequenceVariant": "SP_MP",
    "SeriesDescription": "t1_mpr_1x1x1_176",
    "SeriesNumber": 6,
    "ShimSetting": [
      -6820,
      -5687,
      -10866,
      -385,
      513,
      526,
      515,
      -30
    ],
    "SliceThickness": 1,
    "SoftwareVersions": "syngo_MR_B17",
    "StationName": "MRC35370",
    "TxRefAmp": 293.468,
    "dataset": "ds002842",
    "modality": "T1w",
    "subject_id": "05"
  },
  "cjv": 0.3612023863719332,
  "cnr": 3.817971796669492,
  "efc": 0.550169222602153,
  "fber": 23716.0,
  "fwhm_avg": 4.222883333333333,
  "fwhm_x": 4.16865,
  "fwhm_y": 4.26212,
  "fwhm_z": 4.23788,
  "icvs_csf": 0.16907241194138675,
  "icvs_gm": 0.46186491269169416,
  "icvs_wm": 0.36906267536691906,
  "inu_med": 0.4379459470510483,
  "inu_range": 0.1743225380778312,
  "provenance": {
    "md5sum": "17d9537a30f116f05e9640ed9bca1c00",
    "settings": {
      "testing": false
    },
    "software": "mriqc",
    "version": "23.0.1",
    "warnings": {
      "large_rot_frame": true,
      "small_air_mask": false
    },
    "webapi_port": null,
    "webapi_url": "https://mriqc.nimh.nih.gov/api/v1"
  },
  "qi_1": 0.0,
  "qi_2": 0.005171365533364251,
  "rpve_csf": 31.48933079611949,
  "rpve_gm": 12.984479668753677,
  "rpve_wm": 18.02874095058231,
  "size_x": 176,
  "size_y": 256,
  "size_z": 256,
  "snr_csf": 2.668326166645395,
  "snr_gm": 14.069877077534779,
  "snr_total": 13.625646948596865,
  "snr_wm": 24.13873760161042,
  "snrd_csf": 26.339056309603496,
  "snrd_gm": 59.13863586495879,
  "snrd_total": 55.05851675528741,
  "snrd_wm": 79.69785809129995,
  "spacing_x": 1.0,
  "spacing_y": 1.0,
  "spacing_z": 1.0,
  "summary_bg_k": 11.4904655639897,
  "summary_bg_mad": 0.0,
  "summary_bg_mean": 4.922333355940262,
  "summary_bg_median": 0.0,
  "summary_bg_n": 2824144.0,
  "summary_bg_p05": 0.0,
  "summary_bg_p95": 21.730914618819952,
  "summary_bg_stdv": 8.220561707920051,
  "summary_csf_k": 0.36588886459920733,
  "summary_csf_mad": 109.82238671143622,
  "summary_csf_mean": 333.12049792146775,
  "summary_csf_median": 330.49886668100953,
  "summary_csf_n": 17985.0,
  "summary_csf_p05": 121.35298581048846,
  "summary_csf_p95": 544.8979599550366,
  "summary_csf_stdv": 123.85655191017516,
  "summary_gm_k": -0.05531846332246637,
  "summary_gm_mad": 53.00611113725442,
  "summary_gm_mean": 742.1109186252804,
  "summary_gm_median": 742.0634931139648,
  "summary_gm_n": 43605.0,
  "summary_gm_p05": 654.5427068978548,
  "summary_gm_p95": 828.0423292145133,
  "summary_gm_stdv": 52.740687075607916,
  "summary_wm_k": 0.28362746283321316,
  "summary_wm_mad": 40.174822077601924,
  "summary_wm_mean": 1001.0591360574839,
  "summary_wm_median": 1000.0377943105996,
  "summary_wm_n": 199048.0,
  "summary_wm_p05": 935.034014929086,
  "summary_wm_p95": 1070.8238866254687,
  "summary_wm_stdv": 41.428648786872536,
  "tpm_overlap_csf": 0.13593568017756066,
  "tpm_overlap_gm": 0.4807784763642725,
  "tpm_overlap_wm": 0.5211861511529301,
  "wm2max": 0.5275652125759587
}