{
  "aor": 0.0003785581395348837,
  "aqi": 0.006757072046511628,
  "bids_meta": {
    "AcquisitionMatrixPE": 64,
    "AcquisitionNumber": 1,
    "AcquisitionTime": "11:11:23.630000",
    "BandwidthPerPixelPhaseEncode": 58.962,
    "BaseResolution": 64,
    "CoilString": "T:HEA;HEP",
    "ConversionSoftware": "dcm2niix",
    "ConversionSoftwareVersion": "v1.0.20190902",
    "DerivedVendorReportedEchoSpacing": 0.000530002,
    "DeviceSerialNumber": "35370",
    "DwellTime": 3.5e-06,
    "EchoTime": 0.03,
    "EffectiveEchoSpacing": 0.000265001,
    "FlipAngle": 70,
    "ImageOrientationPatientDICOM": [
      0.9996,
      -0.00276737,
      -0.0281625,
      -0.00314039,
      0.978211,
      -0.207588
    ],
    "ImageType": [
      "ORIGINAL",
      "PRIMARY",
      "M",
      "ND",
      "MOSAIC"
    ],
    "ImagingFrequency": 123.243,
    "InPlanePhaseEncodingDirectionDICOM": "COL",
    "InstitutionAddress": "Habelschwerdter_Allee_45_Berlin_District_DE_14195",
    "InstitutionName": "Freie_Universitaet",
    "InstitutionalDepartmentName": "Department",
    "MRAcquisitionType": "2D",
    "MagneticFieldStrength": 3,
    "Manufacturer": "Siemens",
    "ManufacturersModelName": "TrioTim",
    "Modality": "MR",
    "ParallelReductionFactorInPlane": 2,
    "PartialFourier": 1,
    "PatientPosition": "HFS",
    "PercentPhaseFOV": 100,
    "PhaseEncodingDirection": "j-",
    "PhaseEncodingSteps": 63,
    "PhaseResolution": 1,
    "PixelBandwidth": 2232,
    "ProcedureStepDescription": "Projekte_fMRI_12ch_localizer",
    "ProtocolName": "NIN_EPI_3x3x3_TR2000_sentence_215",
    "PulseSequenceDetails": "%CustomerSeq%_nin_ep2d_bold_v5a",
    "ReceiveCoilName": "HeadMatrix",
    "ReconMatrixPE": 64,
    "RefLinesPE": 24,
    "RepetitionTime": 2,
    "SAR": 0.129666,
    "ScanOptions": "FS",
    "ScanningSequence": "EP",
    "SequenceName": "ninepbo2d1_64",
    "SequenceVariant": "SK",
    "SeriesDescription": "NIN_EPI_3x3x3_TR2000_sentence_215",
    "SeriesNumber": 5,
    "ShimSetting": [
      -6858,
      -5543,
      -10718,
      593,
      425,
      1576,
      263,
      178
    ],
    "SliceThickness": 3,
    "SliceTiming": [
      0,
      1.03,
      0.055,
      1.085,
      0.1075,
      1.14,
      0.1625,
      1.1925,
      0.2175,
      1.2475,
      0.27,
      1.3025,
      0.325,
      1.3575,
      0.38,
      1.41,
      0.435,
      1.465,
      0.4875,
      1.52,
      0.5425,
      1.5725,
      0.5975,
      1.6275,
      0.65,
      1.6825,
      0.705,
      1.735,
      0.76,
      1.79,
      0.8125,
      1.845,
      0.8675,
      1.9,
      0.9225,
      1.9525,
      0.9775
    ],
    "SoftwareVersions": "syngo_MR_B17",
    "SpacingBetweenSlices": 3.3,
    "StationName": "MRC35370",
    "TotalReadoutTime": 0.0166951,
    "TxRefAmp": 303.017,
    "dataset": "ds002842",
    "modality": "bold",
    "run_id": 2,
    "subject_id": "10",
    "task_id": "silentreading"
  },
  "dummy_trs": 0,
  "dvars_nstd": 33.86515583542057,
  "dvars_std": 1.129294666121496,
  "dvars_vstd": 1.0049062680373833,
  "efc": 0.5464704059965511,
  "fber": 892.8053588867188,
  "fd_mean": 0.10734147404424337,
  "fd_num": 3,
  "fd_perc": 1.3953488372093024,
  "fwhm_avg": 1.8263106146328305,
  "fwhm_x": 1.7692233333333334,
  "fwhm_y": 1.9299600000000001,
  "fwhm_z": 1.7797485105651583,
  "gcor": 0.0108601,
  "gsr_x": -0.004058989696204662,
  "gsr_y": 0.03513392060995102,
  "provenance": {
    "md5sum": "99b3b201a07d0bff453b9f90060dac1f",
    "settings": {
      "fd_thres": 0.2,
      "testing": false
    },
    "software": "mriqc",
    "version": "23.0.1",
    "webapi_port": null,
    "webapi_url": "https://mriqc.nimh.nih.gov/api/v1"
  },
  "size_t": 215,
  "size_x": 64,
  "size_y": 64,
  "size_z": 37,
  "snr": 5.147596307017637,
  "spacing_tr": 2.0,
  "spacing_x": 3.0,
  "spacing_y": 3.0,
  "spacing_z": 3.299999952316284,
  "summary_bg_k": 96.42807810465375,
  "summary_bg_mad": 5.785595222728325,
  "summary_bg_mean": 42.96095657348633,
  "summary_bg_median": 26.865116119384766,
  "summary_bg_n": 86292.0,
  "summary_bg_p05": 21.5906982421875,
  "summary_bg_p95": 105.46464958190916,
  "summary_bg_stdv": 64.83364868164062,
  "summary_fg_k": 1.1901481862244072,
  "summary_fg_mad": 147.86025225792136,
  "summary_fg_mean": 824.395751953125,
  "summary_fg_median": 808.641845703125,
  "summary_fg_n": 31995.0,
  "summary_fg_p05": 608.4367553710938,
  "summary_fg_p95": 1104.6437377929688,
  "summary_fg_stdv": 157.0886993408203,
  "tsnr": 50.06509187514894
}