{
  "aor": 0.0004379069767441861,
  "aqi": 0.007283945302325581,
  "bids_meta": {
    "AcquisitionMatrixPE": 64,
    "AcquisitionNumber": 1,
    "AcquisitionTime": "11:02:59.640000",
    "BandwidthPerPixelPhaseEncode": 58.962,
    "BaseResolution": 64,
    "CoilString": "T:HEA;HEP",
    "ConversionSoftware": "dcm2niix",
    "ConversionSoftwareVersion": "v1.0.20190902",
    "DerivedVendorReportedEchoSpacing": 0.000530002,
    "DeviceSerialNumber": "35370",
    "DwellTime": 3.5e-06,
    "EchoTime": 0.03,
    "EffectiveEchoSpacing": 0.000265001,
    "FlipAngle": 70,
    "ImageOrientationPatientDICOM": [
      0.9996,
      -0.00276737,
      -0.0281625,
      -0.00314039,
      0.978211,
      -0.207588
    ],
    "ImageType": [
      "ORIGINAL",
      "PRIMARY",
      "M",
      "ND",
      "MOSAIC"
    ],
    "ImagingFrequency": 123.243,
    "InPlanePhaseEncodingDirectionDICOM": "COL",
    "InstitutionAddress": "Habelschwerdter_Allee_45_Berlin_District_DE_14195",
    "InstitutionName": "Freie_Universitaet",
    "InstitutionalDepartmentName": "Department",
    "MRAcquisitionType": "2D",
    "MagneticFieldStrength": 3,
    "Manufacturer": "Siemens",
    "ManufacturersModelName": "TrioTim",
    "Modality": "MR",
    "ParallelReductionFactorInPlane": 2,
    "PartialFourier": 1,
    "PatientPosition": "HFS",
    "PercentPhaseFOV": 100,
    "PhaseEncodingDirection": "j-",
    "PhaseEncodingSteps": 63,
    "PhaseResolution": 1,
    "PixelBandwidth": 2232,
    "ProcedureStepDescription": "Projekte_fMRI_12ch_localizer",
    "ProtocolName": "NIN_EPI_3x3x3_TR2000_sentence_215",
    "PulseSequenceDetails": "%CustomerSeq%_nin_ep2d_bold_v5a",
    "ReceiveCoilName": "HeadMatrix",
    "ReconMatrixPE": 64,
    "RefLinesPE": 24,
    "RepetitionTime": 2,
    "SAR": 0.129666,
    "ScanOptions": "FS",
    "ScanningSequence": "EP",
    "SequenceName": "ninepbo2d1_64",
    "SequenceVariant": "SK",
    "SeriesDescription": "NIN_EPI_3x3x3_TR2000_sentence_215",
    "SeriesNumber": 4,
    "ShimSetting": [
      -6858,
      -5543,
      -10718,
      593,
      425,
      1576,
      263,
      178
    ],
    "SliceThickness": 3,
    "SliceTiming": [
      0,
      1.0325,
      0.055,
      1.085,
      0.11,
      1.14,
      0.1625,
      1.195,
      0.2175,
      1.2475,
      0.2725,
      1.3025,
      0.325,
      1.3575,
      0.38,
      1.4125,
      0.435,
      1.465,
      0.4875,
      1.52,
      0.5425,
      1.575,
      0.5975,
      1.6275,
      0.6525,
      1.6825,
      0.705,
      1.7375,
      0.76,
      1.79,
      0.815,
      1.845,
      0.8675,
      1.9,
      0.9225,
      1.955,
      0.9775
    ],
    "SoftwareVersions": "syngo_MR_B17",
    "SpacingBetweenSlices": 3.3,
    "StationName": "MRC35370",
    "TotalReadoutTime": 0.0166951,
    "TxRefAmp": 303.017,
    "dataset": "ds002842",
    "modality": "bold",
    "run_id": 1,
    "subject_id": "10",
    "task_id": "silentreading"
  },
  "dummy_trs": 0,
  "dvars_nstd": 33.81549648943925,
  "dvars_std": 1.1234326394392513,
  "dvars_vstd": 1.005062336121495,
  "efc": 0.5465371743090681,
  "fber": 887.3715209960938,
  "fd_mean": 0.10534397415025215,
  "fd_num": 2,
  "fd_perc": 0.9302325581395349,
  "fwhm_avg": 1.8090787963992565,
  "fwhm_x": 1.75647,
  "fwhm_y": 1.9017633333333333,
  "fwhm_z": 1.7690030558644363,
  "gcor": 0.0119097,
  "gsr_x": -0.00412309356033802,
  "gsr_y": 0.035387907177209854,
  "provenance": {
    "md5sum": "3d878837c1c1a8c08e4170cec9ee8a81",
    "settings": {
      "fd_thres": 0.2,
      "testing": false
    },
    "software": "mriqc",
    "version": "23.0.1",
    "webapi_port": null,
    "webapi_url": "https://mriqc.nimh.nih.gov/api/v1"
  },
  "size_t": 215,
  "size_x": 64,
  "size_y": 64,
  "size_z": 37,
  "snr": 5.180888776735385,
  "spacing_tr": 2.0,
  "spacing_x": 3.0,
  "spacing_y": 3.0,
  "spacing_z": 3.299999952316284,
  "summary_bg_k": 98.64132277098389,
  "summary_bg_mad": 6.04074268055514,
  "summary_bg_mean": 42.83729934692383,
  "summary_bg_median": 26.916278839111328,
  "summary_bg_n": 86268.0,
  "summary_bg_p05": 21.344186782836914,
  "summary_bg_p95": 104.59372329711911,
  "summary_bg_stdv": 64.40538787841797,
  "summary_fg_k": 1.199015323461909,
  "summary_fg_mad": 146.5121194544975,
  "summary_fg_mean": 822.1357421875,
  "summary_fg_median": 807.465087890625,
  "summary_fg_n": 31964.0,
  "summary_fg_p05": 607.1913787841797,
  "summary_fg_p95": 1098.467706298828,
  "summary_fg_stdv": 155.85211181640625,
  "tsnr": 48.45953021897003
}