{
  "bids_meta": {
    "AcquisitionMatrixPE": 256,
    "AcquisitionNumber": 1,
    "AcquisitionTime": "11:12:57.790000",
    "BaseResolution": 256,
    "CoilString": "T:HEA;HEP",
    "ConversionSoftware": "dcm2niix",
    "ConversionSoftwareVersion": "v1.0.20190902",
    "DeviceSerialNumber": "35370",
    "DwellTime": 1.15e-05,
    "EchoTime": 0.00252,
    "FlipAngle": 9,
    "ImageOrientationPatientDICOM": [
      0,
      1,
      1e-16,
      -0.00349062,
      0,
      -0.999994
    ],
    "ImageType": [
      "ORIGINAL",
      "PRIMARY",
      "M",
      "ND",
      "NORM"
    ],
    "ImagingFrequency": 123.243,
    "InPlanePhaseEncodingDirectionDICOM": "ROW",
    "InstitutionAddress": "Habelschwerdter_Allee_45_Berlin_District_DE_14195",
    "InstitutionName": "Freie_Universitaet",
    "InstitutionalDepartmentName": "Department",
    "InversionTime": 0.9,
    "MRAcquisitionType": "3D",
    "MagneticFieldStrength": 3,
    "Manufacturer": "Siemens",
    "ManufacturersModelName": "TrioTim",
    "Modality": "MR",
    "ParallelReductionFactorInPlane": 2,
    "PartialFourier": 1,
    "PatientPosition": "HFS",
    "PercentPhaseFOV": 100,
    "PhaseEncodingSteps": 255,
    "PhaseResolution": 1,
    "PixelBandwidth": 170,
    "ProcedureStepDescription": "Projekte_fMRI_12ch_localizer",
    "ProtocolName": "t1_mpr_1x1x1_176",
    "PulseSequenceDetails": "%SiemensSeq%_tfl",
    "ReceiveCoilName": "HeadMatrix",
    "ReconMatrixPE": 256,
    "RefLinesPE": 24,
    "RepetitionTime": 1.9,
    "SAR": 0.100109,
    "ScanOptions": "IR",
    "ScanningSequence": "GR_IR",
    "SequenceName": "_tfl3d1_ns",
    "SequenceVariant": "SP_MP",
    "SeriesDescription": "t1_mpr_1x1x1_176",
    "SeriesNumber": 6,
    "ShimSetting": [
      -6813,
      -5609,
      -10961,
      -85,
      623,
      1044,
      325,
      72
    ],
    "SliceThickness": 1,
    "SoftwareVersions": "syngo_MR_B17",
    "StationName": "MRC35370",
    "TxRefAmp": 312.55,
    "dataset": "ds002842",
    "modality": "T1w",
    "subject_id": "15"
  },
  "cjv": 0.35272661897937074,
  "cnr": 3.906643946828017,
  "efc": 0.5510622905889279,
  "fber": 18968.07582440664,
  "fwhm_avg": 4.30576,
  "fwhm_x": 4.38489,
  "fwhm_y": 4.23003,
  "fwhm_z": 4.30236,
  "icvs_csf": 0.20393650548636583,
  "icvs_gm": 0.4251741917038648,
  "icvs_wm": 0.37088930280976934,
  "inu_med": 0.4613128900527954,
  "inu_range": 0.18615294098854063,
  "provenance": {
    "md5sum": "ccd0aa7ecc9596dadad7456a64f55dc4",
    "settings": {
      "testing": false
    },
    "software": "mriqc",
    "version": "23.0.1",
    "warnings": {
      "large_rot_frame": true,
      "small_air_mask": false
    },
    "webapi_port": null,
    "webapi_url": "https://mriqc.nimh.nih.gov/api/v1"
  },
  "qi_1": 0.0,
  "qi_2": 0.00885981430044457,
  "rpve_csf": 23.69499275812125,
  "rpve_gm": 11.880372987759053,
  "rpve_wm": 15.751001015463109,
  "size_x": 176,
  "size_y": 256,
  "size_z": 256,
  "snr_csf": 3.0669485847243245,
  "snr_gm": 13.60501898040115,
  "snr_total": 13.890165788159871,
  "snr_wm": 24.998529799354138,
  "snrd_csf": 28.084870053264982,
  "snrd_gm": 66.55951862334476,
  "snrd_total": 61.70477092352356,
  "snrd_wm": 90.46992409396093,
  "spacing_x": 1.0,
  "spacing_y": 1.0,
  "spacing_z": 1.0,
  "summary_bg_k": 6.822143820977287,
  "summary_bg_mad": 0.0,
  "summary_bg_mean": 4.854317514902584,
  "summary_bg_median": 0.0,
  "summary_bg_n": 2957735.0,
  "summary_bg_p05": 0.0,
  "summary_bg_p95": 19.95825245976448,
  "summary_bg_stdv": 7.241482807280357,
  "summary_csf_k": 1.2464680252791807,
  "summary_csf_mad": 84.42693995798413,
  "summary_csf_mean": 319.5119565793327,
  "summary_csf_median": 310.4332222044468,
  "summary_csf_n": 38655.0,
  "summary_csf_p05": 171.5677298605442,
  "summary_csf_p95": 501.86032877862436,
  "summary_csf_stdv": 101.21761032786458,
  "summary_gm_k": 0.024785113594524066,
  "summary_gm_mad": 54.2938520630123,
  "summary_gm_mean": 734.7992452722764,
  "summary_gm_median": 735.7087925076485,
  "summary_gm_n": 27044.0,
  "summary_gm_p05": 644.9262093007565,
  "summary_gm_p95": 821.9870361685753,
  "summary_gm_stdv": 54.07527849620483,
  "summary_wm_k": 0.2553182908530527,
  "summary_wm_mad": 38.92869192917982,
  "summary_wm_mean": 1000.8025248647749,
  "summary_wm_median": 999.9999998509884,
  "summary_wm_n": 230651.0,
  "summary_wm_p05": 936.573039740324,
  "summary_wm_p95": 1067.8580582141876,
  "summary_wm_stdv": 40.00226573713082,
  "tpm_overlap_csf": 0.16421147836146843,
  "tpm_overlap_gm": 0.4625603983586289,
  "tpm_overlap_wm": 0.5162576529017371,
  "wm2max": 0.5425698901229907
}