{
  "bids_meta": {
    "AcquisitionMatrixPE": 256,
    "AcquisitionNumber": 1,
    "AcquisitionTime": "14:54:0.785000",
    "BaseResolution": 256,
    "CoilString": "T:HEA;HEP",
    "ConversionSoftware": "dcm2niix",
    "ConversionSoftwareVersion": "v1.0.20190902",
    "DeviceSerialNumber": "35370",
    "DwellTime": 1.15e-05,
    "EchoTime": 0.00252,
    "FlipAngle": 9,
    "ImageOrientationPatientDICOM": [
      0,
      1,
      0,
      0.0191974,
      0,
      -0.999816
    ],
    "ImageType": [
      "ORIGINAL",
      "PRIMARY",
      "M",
      "ND",
      "NORM"
    ],
    "ImagingFrequency": 123.243,
    "InPlanePhaseEncodingDirectionDICOM": "ROW",
    "InstitutionAddress": "Habelschwerdter_Allee_45_Berlin_District_DE_14195",
    "InstitutionName": "D.I.N.E",
    "InstitutionalDepartmentName": "Department",
    "InversionTime": 0.9,
    "MRAcquisitionType": "3D",
    "MagneticFieldStrength": 3,
    "Manufacturer": "Siemens",
    "ManufacturersModelName": "TrioTim",
    "Modality": "MR",
    "ParallelReductionFactorInPlane": 2,
    "PartialFourier": 1,
    "PatientPosition": "HFS",
    "PercentPhaseFOV": 100,
    "PhaseEncodingSteps": 255,
    "PhaseResolution": 1,
    "PixelBandwidth": 170,
    "ProcedureStepDescription": "Projekte_fMRI_12ch_localizer",
    "ProtocolName": "t1_mpr_1x1x1_176",
    "PulseSequenceDetails": "%SiemensSeq%_tfl",
    "ReceiveCoilName": "HeadMatrix",
    "ReconMatrixPE": 256,
    "RefLinesPE": 24,
    "RepetitionTime": 1.9,
    "SAR": 0.125475,
    "ScanOptions": "IR",
    "ScanningSequence": "GR_IR",
    "SequenceName": "_tfl3d1_ns",
    "SequenceVariant": "SP_MP",
    "SeriesDescription": "t1_mpr_1x1x1_176",
    "SeriesNumber": 6,
    "ShimSetting": [
      -6801,
      -5697,
      -10881,
      -302,
      475,
      158,
      482,
      132
    ],
    "SliceThickness": 1,
    "SoftwareVersions": "syngo_MR_B17",
    "StationName": "MRC35370",
    "TxRefAmp": 347.38,
    "dataset": "ds002842",
    "modality": "T1w",
    "subject_id": "21"
  },
  "cjv": 0.3957106371993381,
  "cnr": 3.4800143511226205,
  "efc": 0.5969333582250811,
  "fber": 12551.467777777778,
  "fwhm_avg": 4.0584999999999996,
  "fwhm_x": 4.03872,
  "fwhm_y": 4.09795,
  "fwhm_z": 4.03883,
  "icvs_csf": 0.1671241683614021,
  "icvs_gm": 0.4409674134011313,
  "icvs_wm": 0.3919084182374666,
  "inu_med": 0.5134139657020569,
  "inu_range": 0.2159987032413483,
  "provenance": {
    "md5sum": "98b400ac8d61039718bddda352c536dc",
    "settings": {
      "testing": false
    },
    "software": "mriqc",
    "version": "23.0.1",
    "warnings": {
      "large_rot_frame": true,
      "small_air_mask": false
    },
    "webapi_port": null,
    "webapi_url": "https://mriqc.nimh.nih.gov/api/v1"
  },
  "qi_1": 0.0,
  "qi_2": 0.009816133612071032,
  "rpve_csf": 28.457290425109257,
  "rpve_gm": 11.79114040892016,
  "rpve_wm": 15.020694091622195,
  "size_x": 176,
  "size_y": 256,
  "size_z": 256,
  "snr_csf": 2.331583228458785,
  "snr_gm": 12.205422788447482,
  "snr_total": 12.081686851725095,
  "snr_wm": 21.70805453826902,
  "snrd_csf": 20.241665039204623,
  "snrd_gm": 50.12513906750224,
  "snrd_total": 46.21213994328082,
  "snrd_wm": 68.26961572313559,
  "spacing_x": 1.0,
  "spacing_y": 1.0,
  "spacing_z": 1.0,
  "summary_bg_k": 13.847248461109036,
  "summary_bg_mad": 0.0,
  "summary_bg_mean": 6.021544988306175,
  "summary_bg_median": 0.0,
  "summary_bg_n": 2828779.0,
  "summary_bg_p05": 0.0,
  "summary_bg_p95": 24.858805775642395,
  "summary_bg_stdv": 9.59672078959411,
  "summary_csf_k": 1.374129547639333,
  "summary_csf_mad": 109.90109453748076,
  "summary_csf_mean": 285.1058453165209,
  "summary_csf_median": 296.50864720344543,
  "summary_csf_n": 28336.0,
  "summary_csf_p05": 57.536797016859055,
  "summary_csf_p95": 484.06213277578354,
  "summary_csf_stdv": 127.16827412597391,
  "summary_gm_k": -0.08589068197911853,
  "summary_gm_mad": 60.770706243524714,
  "summary_gm_mean": 733.6352605146897,
  "summary_gm_median": 734.2546745538712,
  "summary_gm_n": 37692.0,
  "summary_gm_p05": 632.8940706253052,
  "summary_gm_p95": 831.2275495111941,
  "summary_gm_stdv": 60.1572716507365,
  "summary_wm_k": 0.3648858744886243,
  "summary_wm_mad": 44.40448264140637,
  "summary_wm_mean": 1001.9607754788117,
  "summary_wm_median": 1000.0428010225296,
  "summary_wm_n": 238565.0,
  "summary_wm_p05": 929.9589389562607,
  "summary_wm_p95": 1081.0371544361115,
  "summary_wm_stdv": 46.06772584354819,
  "tpm_overlap_csf": 0.15822306594395819,
  "tpm_overlap_gm": 0.46730449661189305,
  "tpm_overlap_wm": 0.5223284666366054,
  "wm2max": 0.49845742217557776
}