{
  "bids_meta": {
    "AcquisitionMatrixPE": 256,
    "AcquisitionNumber": 1,
    "AcquisitionTime": "11:19:39.265000",
    "BaseResolution": 256,
    "CoilString": "T:HEA;HEP",
    "ConversionSoftware": "dcm2niix",
    "ConversionSoftwareVersion": "v1.0.20190902",
    "DeviceSerialNumber": "35370",
    "DwellTime": 1.15e-05,
    "EchoTime": 0.00252,
    "FlipAngle": 9,
    "ImageOrientationPatientDICOM": [
      0.000158336,
      0.999994,
      0.003487,
      -0.0453627,
      0.0034906,
      -0.998964
    ],
    "ImageType": [
      "ORIGINAL",
      "PRIMARY",
      "M",
      "ND",
      "NORM"
    ],
    "ImagingFrequency": 123.243,
    "InPlanePhaseEncodingDirectionDICOM": "ROW",
    "InstitutionAddress": "Habelschwerdter_Allee_45_Berlin_District_DE_14195",
    "InstitutionName": "Freie_Universitaet",
    "InstitutionalDepartmentName": "Department",
    "InversionTime": 0.9,
    "MRAcquisitionType": "3D",
    "MagneticFieldStrength": 3,
    "Manufacturer": "Siemens",
    "ManufacturersModelName": "TrioTim",
    "Modality": "MR",
    "ParallelReductionFactorInPlane": 2,
    "PartialFourier": 1,
    "PatientPosition": "HFS",
    "PercentPhaseFOV": 100,
    "PhaseEncodingSteps": 255,
    "PhaseResolution": 1,
    "PixelBandwidth": 170,
    "ProcedureStepDescription": "Projekte_fMRI_12ch_localizer",
    "ProtocolName": "t1_mpr_1x1x1_176",
    "PulseSequenceDetails": "%SiemensSeq%_tfl",
    "ReceiveCoilName": "HeadMatrix",
    "ReconMatrixPE": 256,
    "RefLinesPE": 24,
    "RepetitionTime": 1.9,
    "SAR": 0.1199,
    "ScanOptions": "IR",
    "ScanningSequence": "GR_IR",
    "SequenceName": "_tfl3d1_ns",
    "SequenceVariant": "SP_MP",
    "SeriesDescription": "t1_mpr_1x1x1_176",
    "SeriesNumber": 6,
    "ShimSetting": [
      -6850,
      -5669,
      -10872,
      54,
      533,
      637,
      394,
      184
    ],
    "SliceThickness": 1,
    "SoftwareVersions": "syngo_MR_B17",
    "StationName": "MRC35370",
    "TxRefAmp": 303.017,
    "dataset": "ds002842",
    "modality": "T1w",
    "subject_id": "10"
  },
  "cjv": 0.3679057922790872,
  "cnr": 3.7151990676802082,
  "efc": 0.5243024104611899,
  "fber": 23040.811264,
  "fwhm_avg": 4.145443333333334,
  "fwhm_x": 4.15144,
  "fwhm_y": 4.12525,
  "fwhm_z": 4.15964,
  "icvs_csf": 0.20260171034309193,
  "icvs_gm": 0.4308409630398686,
  "icvs_wm": 0.3665573266170395,
  "inu_med": 0.4306982159614563,
  "inu_range": 0.14683388471603392,
  "provenance": {
    "md5sum": "f9f2f0502b42a2ca8664ce07fdeb052d",
    "settings": {
      "testing": false
    },
    "software": "mriqc",
    "version": "23.0.1",
    "warnings": {
      "large_rot_frame": true,
      "small_air_mask": false
    },
    "webapi_port": null,
    "webapi_url": "https://mriqc.nimh.nih.gov/api/v1"
  },
  "qi_1": 0.0,
  "qi_2": 0.00672481673125115,
  "rpve_csf": 28.60327974372792,
  "rpve_gm": 14.094649778130757,
  "rpve_wm": 19.01790454889364,
  "size_x": 176,
  "size_y": 256,
  "size_z": 256,
  "snr_csf": 3.2348572101517403,
  "snr_gm": 13.276651443680523,
  "snr_total": 13.734572440486547,
  "snr_wm": 24.692208667627376,
  "snrd_csf": 29.8271780887329,
  "snrd_gm": 68.34087978587986,
  "snrd_total": 63.41621838565993,
  "snrd_wm": 92.08059728236704,
  "spacing_x": 1.0,
  "spacing_y": 1.0,
  "spacing_z": 1.0,
  "summary_bg_k": 10.143695038748184,
  "summary_bg_mad": 0.0,
  "summary_bg_mean": 4.389134777220745,
  "summary_bg_median": 0.0,
  "summary_bg_n": 2833030.0,
  "summary_bg_p05": 0.0,
  "summary_bg_p95": 18.493561163544655,
  "summary_bg_stdv": 7.11508127607866,
  "summary_csf_k": 1.2444623852258605,
  "summary_csf_mad": 79.86914560800194,
  "summary_csf_mean": 330.7957655195629,
  "summary_csf_median": 323.9368112310767,
  "summary_csf_n": 29979.0,
  "summary_csf_p05": 184.1457044683397,
  "summary_csf_p95": 515.7232764959335,
  "summary_csf_stdv": 100.13777654255804,
  "summary_gm_k": 0.0713921592757667,
  "summary_gm_mad": 56.11376387052812,
  "summary_gm_mean": 740.4168994054015,
  "summary_gm_median": 742.2132462114096,
  "summary_gm_n": 24023.0,
  "summary_gm_p05": 645.1070755593479,
  "summary_gm_p95": 828.3917437791824,
  "summary_gm_stdv": 55.90248423914615,
  "summary_wm_k": 0.38412748189774515,
  "summary_wm_mad": 38.74125339429142,
  "summary_wm_mean": 1000.7293230680965,
  "summary_wm_median": 1000.0374481007457,
  "summary_wm_n": 193737.0,
  "summary_wm_p05": 935.1228022351861,
  "summary_wm_p95": 1068.246493525803,
  "summary_wm_stdv": 40.50001685323251,
  "tpm_overlap_csf": 0.15591439953106304,
  "tpm_overlap_gm": 0.47425756003057407,
  "tpm_overlap_wm": 0.5304509186583751,
  "wm2max": 0.5021445187639796
}