{
  "bids_meta": {
    "AcquisitionMatrixPE": 256,
    "AcquisitionNumber": 1,
    "AcquisitionTime": "09:34:41.775000",
    "BaseResolution": 256,
    "CoilString": "T:HEA;HEP",
    "ConversionSoftware": "dcm2niix",
    "ConversionSoftwareVersion": "v1.0.20190902",
    "DeviceSerialNumber": "35370",
    "DwellTime": 1.15e-05,
    "EchoTime": 0.00252,
    "FlipAngle": 9,
    "ImageOrientationPatientDICOM": [
      1e-16,
      1,
      0,
      0.0366437,
      -1e-16,
      -0.999328
    ],
    "ImageType": [
      "ORIGINAL",
      "PRIMARY",
      "M",
      "ND",
      "NORM"
    ],
    "ImagingFrequency": 123.243,
    "InPlanePhaseEncodingDirectionDICOM": "ROW",
    "InstitutionAddress": "Habelschwerdter_Allee_45_Berlin_District_DE_14195",
    "InstitutionName": "D.I.N.E",
    "InstitutionalDepartmentName": "Department",
    "InversionTime": 0.9,
    "MRAcquisitionType": "3D",
    "MagneticFieldStrength": 3,
    "Manufacturer": "Siemens",
    "ManufacturersModelName": "TrioTim",
    "Modality": "MR",
    "ParallelReductionFactorInPlane": 2,
    "PartialFourier": 1,
    "PatientPosition": "HFS",
    "PercentPhaseFOV": 100,
    "PhaseEncodingSteps": 255,
    "PhaseResolution": 1,
    "PixelBandwidth": 170,
    "ProcedureStepDescription": "Projekte_fMRI_12ch_localizer",
    "ProtocolName": "t1_mpr_1x1x1_176",
    "PulseSequenceDetails": "%SiemensSeq%_tfl",
    "ReceiveCoilName": "HeadMatrix",
    "ReconMatrixPE": 256,
    "RefLinesPE": 24,
    "RepetitionTime": 1.9,
    "SAR": 0.129659,
    "ScanOptions": "IR",
    "ScanningSequence": "GR_IR",
    "SequenceName": "_tfl3d1_ns",
    "SequenceVariant": "SP_MP",
    "SeriesDescription": "t1_mpr_1x1x1_176",
    "SeriesNumber": 6,
    "ShimSetting": [
      -6783,
      -5581,
      -10858,
      -89,
      458,
      692,
      420,
      14
    ],
    "SliceThickness": 1,
    "SoftwareVersions": "syngo_MR_B17",
    "StationName": "MRC35370",
    "TxRefAmp": 297.462,
    "dataset": "ds002842",
    "modality": "T1w",
    "subject_id": "18"
  },
  "cjv": 0.3839537405671788,
  "cnr": 3.594645327067043,
  "efc": 0.5419584338110919,
  "fber": 19762.984483131488,
  "fwhm_avg": 4.161713333333333,
  "fwhm_x": 4.21413,
  "fwhm_y": 4.1257,
  "fwhm_z": 4.14531,
  "icvs_csf": 0.19440303984833335,
  "icvs_gm": 0.4351037619745998,
  "icvs_wm": 0.3704931981770669,
  "inu_med": 0.4319172501564026,
  "inu_range": 0.1487281173467636,
  "provenance": {
    "md5sum": "87ba8d03902356290308762f9ddf121d",
    "settings": {
      "testing": false
    },
    "software": "mriqc",
    "version": "23.0.1",
    "warnings": {
      "large_rot_frame": true,
      "small_air_mask": false
    },
    "webapi_port": null,
    "webapi_url": "https://mriqc.nimh.nih.gov/api/v1"
  },
  "qi_1": 0.0,
  "qi_2": 0.005675183826766008,
  "rpve_csf": 30.26803933214545,
  "rpve_gm": 14.41906682829428,
  "rpve_wm": 19.482304111279376,
  "size_x": 176,
  "size_y": 256,
  "size_z": 256,
  "snr_csf": 2.718873984092942,
  "snr_gm": 13.061177551350886,
  "snr_total": 13.729714456757554,
  "snr_wm": 25.409091834828835,
  "snrd_csf": 28.848995815908953,
  "snrd_gm": 64.85383903543361,
  "snrd_total": 60.1118720688872,
  "snrd_wm": 86.63278135531905,
  "spacing_x": 1.0,
  "spacing_y": 1.0,
  "spacing_z": 1.0,
  "summary_bg_k": 9.513591821380755,
  "summary_bg_mad": 0.0,
  "summary_bg_mean": 4.794209078088781,
  "summary_bg_median": 0.0,
  "summary_bg_n": 2674458.0,
  "summary_bg_p05": 0.0,
  "summary_bg_p95": 20.319835603237152,
  "summary_bg_stdv": 7.5622228358783845,
  "summary_csf_k": 0.8209499025105953,
  "summary_csf_mad": 99.89510948522994,
  "summary_csf_mean": 336.8999251859726,
  "summary_csf_median": 333.003226429224,
  "summary_csf_n": 21745.0,
  "summary_csf_p05": 105.78051602840424,
  "summary_csf_p95": 544.8503500342368,
  "summary_csf_stdv": 122.4755436561605,
  "summary_gm_k": -0.12549514171412923,
  "summary_gm_mad": 58.566702730317175,
  "summary_gm_mean": 746.8580651135422,
  "summary_gm_median": 748.6062178015709,
  "summary_gm_n": 24843.0,
  "summary_gm_p05": 649.5415174752474,
  "summary_gm_p95": 837.3312761485577,
  "summary_gm_stdv": 57.31421596278798,
  "summary_wm_k": 0.3346043368832414,
  "summary_wm_mad": 37.956878835433045,
  "summary_wm_mean": 1000.6328409831111,
  "summary_wm_median": 999.9999961853027,
  "summary_wm_n": 181156.0,
  "summary_wm_p05": 937.5366748273373,
  "summary_wm_p95": 1066.2778715193272,
  "summary_wm_stdv": 39.355882635627104,
  "tpm_overlap_csf": 0.14767061795253394,
  "tpm_overlap_gm": 0.4681002683371608,
  "tpm_overlap_wm": 0.523295231630946,
  "wm2max": 0.5418770123623643
}