{
  "bids_meta": {
    "AcquisitionMatrixPE": 256,
    "AcquisitionNumber": 1,
    "AcquisitionTime": "10:24:42.255000",
    "BaseResolution": 256,
    "CoilString": "T:HEA;HEP",
    "ConversionSoftware": "dcm2niix",
    "ConversionSoftwareVersion": "v1.0.20190902",
    "DeviceSerialNumber": "35370",
    "DwellTime": 1.15e-05,
    "EchoTime": 0.00252,
    "FlipAngle": 9,
    "ImageOrientationPatientDICOM": [
      0,
      0.999994,
      0.00349062,
      -1e-16,
      0.00349062,
      -0.999994
    ],
    "ImageType": [
      "ORIGINAL",
      "PRIMARY",
      "M",
      "ND",
      "NORM"
    ],
    "ImagingFrequency": 123.243,
    "InPlanePhaseEncodingDirectionDICOM": "ROW",
    "InstitutionAddress": "Habelschwerdter_Allee_45_Berlin_District_DE_14195",
    "InstitutionName": "Freie_Universitaet",
    "InstitutionalDepartmentName": "Department",
    "InversionTime": 0.9,
    "MRAcquisitionType": "3D",
    "MagneticFieldStrength": 3,
    "Manufacturer": "Siemens",
    "ManufacturersModelName": "TrioTim",
    "Modality": "MR",
    "ParallelReductionFactorInPlane": 2,
    "PartialFourier": 1,
    "PatientPosition": "HFS",
    "PercentPhaseFOV": 100,
    "PhaseEncodingSteps": 255,
    "PhaseResolution": 1,
    "PixelBandwidth": 170,
    "ProcedureStepDescription": "Projekte_fMRI_12ch_localizer",
    "ProtocolName": "t1_mpr_1x1x1_176",
    "PulseSequenceDetails": "%SiemensSeq%_tfl",
    "ReceiveCoilName": "HeadMatrix",
    "ReconMatrixPE": 256,
    "RefLinesPE": 24,
    "RepetitionTime": 1.9,
    "SAR": 0.134733,
    "ScanOptions": "IR",
    "ScanningSequence": "GR_IR",
    "SequenceName": "_tfl3d1_ns",
    "SequenceVariant": "SP_MP",
    "SeriesDescription": "t1_mpr_1x1x1_176",
    "SeriesNumber": 6,
    "ShimSetting": [
      -6819,
      -5535,
      -11057,
      -203,
      355,
      1217,
      579,
      203
    ],
    "SliceThickness": 1,
    "SoftwareVersions": "syngo_MR_B17",
    "StationName": "MRC35370",
    "TxRefAmp": 291.356,
    "dataset": "ds002842",
    "modality": "T1w",
    "subject_id": "04"
  },
  "cjv": 0.34848878257249066,
  "cnr": 3.9160603538536827,
  "efc": 0.5528918392162725,
  "fber": 13865.062499999998,
  "fwhm_avg": 4.23323,
  "fwhm_x": 4.24386,
  "fwhm_y": 4.25639,
  "fwhm_z": 4.19944,
  "icvs_csf": 0.2098061996959515,
  "icvs_gm": 0.461876206174448,
  "icvs_wm": 0.3283175941296005,
  "inu_med": 0.5284671485424042,
  "inu_range": 0.2265601709485054,
  "provenance": {
    "md5sum": "409e9316b64ecade811a1f292ba45cd3",
    "settings": {
      "testing": false
    },
    "software": "mriqc",
    "version": "23.0.1",
    "warnings": {
      "large_rot_frame": true,
      "small_air_mask": false
    },
    "webapi_port": null,
    "webapi_url": "https://mriqc.nimh.nih.gov/api/v1"
  },
  "qi_1": 0.0,
  "qi_2": 0.0051923326385867365,
  "rpve_csf": 27.556147958693103,
  "rpve_gm": 13.4377734048728,
  "rpve_wm": 20.678562084191192,
  "size_x": 176,
  "size_y": 256,
  "size_z": 256,
  "snr_csf": 3.117826179734188,
  "snr_gm": 13.870778865978915,
  "snr_total": 13.653899316580672,
  "snr_wm": 23.973092904028913,
  "snrd_csf": 23.874593599718832,
  "snrd_gm": 58.58672816445749,
  "snrd_total": 54.08781518577947,
  "snrd_wm": 79.80212379316207,
  "spacing_x": 1.0,
  "spacing_y": 1.0,
  "spacing_z": 1.0,
  "summary_bg_k": 6.995985544223808,
  "summary_bg_mad": 0.0,
  "summary_bg_mean": 5.696333687954119,
  "summary_bg_median": 0.0,
  "summary_bg_n": 2413614.0,
  "summary_bg_p05": 0.0,
  "summary_bg_p95": 21.182732481509447,
  "summary_bg_stdv": 8.209809956399138,
  "summary_csf_k": 1.4130830180937108,
  "summary_csf_mad": 78.43283393160264,
  "summary_csf_mean": 304.8714715305569,
  "summary_csf_median": 299.1833093687892,
  "summary_csf_n": 28427.0,
  "summary_csf_p05": 153.5511120811105,
  "summary_csf_p95": 472.76504662260413,
  "summary_csf_stdv": 95.95725668039982,
  "summary_gm_k": 0.05656861479184139,
  "summary_gm_mad": 52.81108115174072,
  "summary_gm_mean": 732.4856887967371,
  "summary_gm_median": 734.1767366267741,
  "summary_gm_n": 31529.0,
  "summary_gm_p05": 642.0446110144258,
  "summary_gm_p95": 816.2826119251549,
  "summary_gm_stdv": 52.928901884161704,
  "summary_wm_k": 0.44098276057625796,
  "summary_wm_mad": 39.838041769532154,
  "summary_wm_mean": 1000.8691016808003,
  "summary_wm_median": 1000.0364358611405,
  "summary_wm_n": 149875.0,
  "summary_wm_p05": 933.9725610651076,
  "summary_wm_p95": 1070.4863394308832,
  "summary_wm_stdv": 41.7148135046241,
  "tpm_overlap_csf": 0.1520160846163351,
  "tpm_overlap_gm": 0.47295859440288907,
  "tpm_overlap_wm": 0.49209461616822286,
  "wm2max": 0.5222896868351544
}