{
  "bids_meta": {
    "AcquisitionMatrixPE": 256,
    "AcquisitionNumber": 1,
    "AcquisitionTime": "16:14:16.252500",
    "BaseResolution": 256,
    "CoilString": "T:HEA;HEP",
    "ConversionSoftware": "dcm2niix",
    "ConversionSoftwareVersion": "v1.0.20190902",
    "DeviceSerialNumber": "35370",
    "DwellTime": 1.15e-05,
    "EchoTime": 0.00252,
    "FlipAngle": 9,
    "ImageOrientationPatientDICOM": [
      8.83335e-05,
      0.999998,
      0.0017431,
      -0.0505928,
      0.00174534,
      -0.998718
    ],
    "ImageType": [
      "ORIGINAL",
      "PRIMARY",
      "M",
      "ND",
      "NORM"
    ],
    "ImagingFrequency": 123.243,
    "InPlanePhaseEncodingDirectionDICOM": "ROW",
    "InstitutionAddress": "Habelschwerdter_Allee_45_Berlin_District_DE_14195",
    "InstitutionName": "D.I.N.E",
    "InstitutionalDepartmentName": "Department",
    "InversionTime": 0.9,
    "MRAcquisitionType": "3D",
    "MagneticFieldStrength": 3,
    "Manufacturer": "Siemens",
    "ManufacturersModelName": "TrioTim",
    "Modality": "MR",
    "ParallelReductionFactorInPlane": 2,
    "PartialFourier": 1,
    "PatientPosition": "HFS",
    "PercentPhaseFOV": 100,
    "PhaseEncodingSteps": 255,
    "PhaseResolution": 1,
    "PixelBandwidth": 170,
    "ProcedureStepDescription": "Projekte_fMRI_12ch_localizer",
    "ProtocolName": "t1_mpr_1x1x1_176",
    "PulseSequenceDetails": "%SiemensSeq%_tfl",
    "ReceiveCoilName": "HeadMatrix",
    "ReconMatrixPE": 256,
    "RefLinesPE": 24,
    "RepetitionTime": 1.9,
    "SAR": 0.11134,
    "ScanOptions": "IR",
    "ScanningSequence": "GR_IR",
    "SequenceName": "_tfl3d1_ns",
    "SequenceVariant": "SP_MP",
    "SeriesDescription": "t1_mpr_1x1x1_176",
    "SeriesNumber": 6,
    "ShimSetting": [
      -6816,
      -5680,
      -10865,
      -232,
      532,
      656,
      472,
      128
    ],
    "SliceThickness": 1,
    "SoftwareVersions": "syngo_MR_B17",
    "StationName": "MRC35370",
    "TxRefAmp": 302.995,
    "dataset": "ds002842",
    "modality": "T1w",
    "subject_id": "22"
  },
  "cjv": 0.3910730052770484,
  "cnr": 3.5472149628274803,
  "efc": 0.5540522295923689,
  "fber": 14565.3700310056,
  "fwhm_avg": 4.400573333333333,
  "fwhm_x": 4.38017,
  "fwhm_y": 4.44416,
  "fwhm_z": 4.37739,
  "icvs_csf": 0.22102886863213222,
  "icvs_gm": 0.40576884657373646,
  "icvs_wm": 0.3732022847941313,
  "inu_med": 0.4942275583744049,
  "inu_range": 0.19640210270881642,
  "provenance": {
    "md5sum": "5ab6cce1c72e7ab2671b886c77345ee3",
    "settings": {
      "testing": false
    },
    "software": "mriqc",
    "version": "23.0.1",
    "warnings": {
      "large_rot_frame": true,
      "small_air_mask": false
    },
    "webapi_port": null,
    "webapi_url": "https://mriqc.nimh.nih.gov/api/v1"
  },
  "qi_1": 0.0,
  "qi_2": 0.00519391526694352,
  "rpve_csf": 24.278892641195238,
  "rpve_gm": 13.085170289963441,
  "rpve_wm": 16.483267435933616,
  "size_x": 176,
  "size_y": 256,
  "size_z": 256,
  "snr_csf": 3.101738801921692,
  "snr_gm": 12.662526617548002,
  "snr_total": 12.786785558482803,
  "snr_wm": 22.596091255978713,
  "snrd_csf": 21.007926689797213,
  "snrd_gm": 51.048380096430115,
  "snrd_total": 47.069439102192554,
  "snrd_wm": 69.15201052035033,
  "spacing_x": 1.0,
  "spacing_y": 1.0,
  "spacing_z": 1.0,
  "summary_bg_k": 12.438775663639323,
  "summary_bg_mad": 0.0,
  "summary_bg_mean": 6.114661790544425,
  "summary_bg_median": 0.0,
  "summary_bg_n": 2996498.0,
  "summary_bg_p05": 0.0,
  "summary_bg_p95": 23.988843493163586,
  "summary_bg_stdv": 9.474236991930239,
  "summary_csf_k": 1.386508328818831,
  "summary_csf_mad": 71.78170064377547,
  "summary_csf_mean": 310.9327861187398,
  "summary_csf_median": 303.8055528104305,
  "summary_csf_n": 54255.0,
  "summary_csf_p05": 146.84200709685683,
  "summary_csf_p95": 487.91793419159933,
  "summary_csf_stdv": 97.94594980601683,
  "summary_gm_k": -0.019346369941263486,
  "summary_gm_mad": 59.020509418215376,
  "summary_gm_mean": 737.5479128390417,
  "summary_gm_median": 738.2347417846322,
  "summary_gm_n": 26482.0,
  "summary_gm_p05": 641.2054486555978,
  "summary_gm_p95": 831.4365790706125,
  "summary_gm_stdv": 58.29964473322424,
  "summary_wm_k": 0.22818067700360967,
  "summary_wm_mad": 43.36441833130139,
  "summary_wm_mean": 1001.3189206035539,
  "summary_wm_median": 1000.0398941934109,
  "summary_wm_n": 211349.0,
  "summary_wm_p05": 930.8627641201019,
  "summary_wm_p95": 1075.8318880870938,
  "summary_wm_stdv": 44.257102567525344,
  "tpm_overlap_csf": 0.14446430243281072,
  "tpm_overlap_gm": 0.4377835493761501,
  "tpm_overlap_wm": 0.4908282011598243,
  "wm2max": 0.46594155409683535
}