{
  "aor": 0.00042939534883720934,
  "aqi": 0.00971136376744186,
  "bids_meta": {
    "AcquisitionMatrixPE": 64,
    "AcquisitionNumber": 1,
    "AcquisitionTime": "14:06:37.420000",
    "BandwidthPerPixelPhaseEncode": 58.962,
    "BaseResolution": 64,
    "CoilString": "T:HEA;HEP",
    "ConversionSoftware": "dcm2niix",
    "ConversionSoftwareVersion": "v1.0.20190902",
    "DerivedVendorReportedEchoSpacing": 0.000530002,
    "DeviceSerialNumber": "35370",
    "DwellTime": 3.5e-06,
    "EchoTime": 0.03,
    "EffectiveEchoSpacing": 0.000265001,
    "FlipAngle": 70,
    "ImageOrientationPatientDICOM": [
      0.999995,
      0.00322181,
      0.000542268,
      -0.00314158,
      0.993799,
      -0.111148
    ],
    "ImageType": [
      "ORIGINAL",
      "PRIMARY",
      "M",
      "ND",
      "MOSAIC"
    ],
    "ImagingFrequency": 123.243,
    "InPlanePhaseEncodingDirectionDICOM": "COL",
    "InstitutionAddress": "Habelschwerdter_Allee_45_Berlin_District_DE_14195",
    "InstitutionName": "D.I.N.E",
    "InstitutionalDepartmentName": "Department",
    "MRAcquisitionType": "2D",
    "MagneticFieldStrength": 3,
    "Manufacturer": "Siemens",
    "ManufacturersModelName": "TrioTim",
    "Modality": "MR",
    "ParallelReductionFactorInPlane": 2,
    "PartialFourier": 1,
    "PatientPosition": "HFS",
    "PercentPhaseFOV": 100,
    "PhaseEncodingDirection": "j-",
    "PhaseEncodingSteps": 63,
    "PhaseResolution": 1,
    "PixelBandwidth": 2232,
    "ProcedureStepDescription": "Projekte_fMRI_12ch_localizer",
    "ProtocolName": "NIN_EPI_3x3x3_TR2000_sentence_215",
    "PulseSequenceDetails": "%CustomerSeq%_nin_ep2d_bold_v5a",
    "ReceiveCoilName": "HeadMatrix",
    "ReconMatrixPE": 64,
    "RefLinesPE": 24,
    "RepetitionTime": 2,
    "SAR": 0.119389,
    "ScanOptions": "FS",
    "ScanningSequence": "EP",
    "SequenceName": "ninepbo2d1_64",
    "SequenceVariant": "SK",
    "SeriesDescription": "NIN_EPI_3x3x3_TR2000_sentence_215",
    "SeriesNumber": 4,
    "ShimSetting": [
      -6775,
      -5595,
      -10693,
      208,
      607,
      1012,
      29,
      48
    ],
    "SliceThickness": 3,
    "SliceTiming": [
      0,
      1.0325,
      0.055,
      1.085,
      0.11,
      1.14,
      0.1625,
      1.195,
      0.2175,
      1.2475,
      0.2725,
      1.3025,
      0.325,
      1.3575,
      0.38,
      1.4125,
      0.435,
      1.465,
      0.49,
      1.52,
      0.5425,
      1.575,
      0.5975,
      1.6275,
      0.6525,
      1.6825,
      0.705,
      1.7375,
      0.76,
      1.79,
      0.815,
      1.845,
      0.8675,
      1.9,
      0.9225,
      1.955,
      0.9775
    ],
    "SoftwareVersions": "syngo_MR_B17",
    "SpacingBetweenSlices": 3.3,
    "StationName": "MRC35370",
    "TotalReadoutTime": 0.0166951,
    "TxRefAmp": 329.26,
    "dataset": "ds002842",
    "modality": "bold",
    "run_id": 1,
    "subject_id": "11",
    "task_id": "silentreading"
  },
  "dummy_trs": 0,
  "dvars_nstd": 29.21337903981309,
  "dvars_std": 1.013775594345794,
  "dvars_vstd": 0.9961699997196265,
  "efc": 0.5860206422027817,
  "fber": 652.2064819335938,
  "fd_mean": 0.06353965135187108,
  "fd_num": 1,
  "fd_perc": 0.46511627906976744,
  "fwhm_avg": 1.7260487959516395,
  "fwhm_x": 1.6505633333333334,
  "fwhm_y": 1.8515133333333333,
  "fwhm_z": 1.6760697211882523,
  "gcor": 0.00674798,
  "gsr_x": 0.009711761958897114,
  "gsr_y": 0.03574877232313156,
  "provenance": {
    "md5sum": "0844fd8f8ba5c2bc5a3ad60c958d2557",
    "settings": {
      "fd_thres": 0.2,
      "testing": false
    },
    "software": "mriqc",
    "version": "23.0.1",
    "webapi_port": null,
    "webapi_url": "https://mriqc.nimh.nih.gov/api/v1"
  },
  "size_t": 215,
  "size_x": 64,
  "size_y": 64,
  "size_z": 37,
  "snr": 5.463749398609278,
  "spacing_tr": 2.0,
  "spacing_x": 3.0,
  "spacing_y": 3.0,
  "spacing_z": 3.299999952316284,
  "summary_bg_k": 35.176660205207504,
  "summary_bg_mad": 10.854027772592177,
  "summary_bg_mean": 64.19843292236328,
  "summary_bg_median": 33.576744079589844,
  "summary_bg_n": 82569.0,
  "summary_bg_p05": 24.720930099487305,
  "summary_bg_p95": 205.39069213867168,
  "summary_bg_stdv": 90.51943969726562,
  "summary_fg_k": 2.181156836755587,
  "summary_fg_mad": 142.0125520281686,
  "summary_fg_mean": 882.1165161132812,
  "summary_fg_median": 868.2139282226562,
  "summary_fg_n": 34933.0,
  "summary_fg_p05": 668.5479125976562,
  "summary_fg_p95": 1155.91162109375,
  "summary_fg_stdv": 158.9021453857422,
  "tsnr": 44.55583462549839
}