{
  "aor": 0.0004370560747663552,
  "aqi": 0.007905299719626169,
  "bids_meta": {
    "AcquisitionMatrixPE": 64,
    "AcquisitionNumber": 1,
    "AcquisitionTime": "14:15:14.370000",
    "BandwidthPerPixelPhaseEncode": 58.962,
    "BaseResolution": 64,
    "CoilString": "T:HEA;HEP",
    "ConversionSoftware": "dcm2niix",
    "ConversionSoftwareVersion": "v1.0.20190902",
    "DerivedVendorReportedEchoSpacing": 0.000530002,
    "DeviceSerialNumber": "35370",
    "DwellTime": 3.5e-06,
    "EchoTime": 0.03,
    "EffectiveEchoSpacing": 0.000265001,
    "FlipAngle": 70,
    "ImageOrientationPatientDICOM": [
      0.999995,
      0.00322181,
      0.000542268,
      -0.00314158,
      0.993799,
      -0.111148
    ],
    "ImageType": [
      "ORIGINAL",
      "PRIMARY",
      "M",
      "ND",
      "MOSAIC"
    ],
    "ImagingFrequency": 123.243,
    "InPlanePhaseEncodingDirectionDICOM": "COL",
    "InstitutionAddress": "Habelschwerdter_Allee_45_Berlin_District_DE_14195",
    "InstitutionName": "D.I.N.E",
    "InstitutionalDepartmentName": "Department",
    "MRAcquisitionType": "2D",
    "MagneticFieldStrength": 3,
    "Manufacturer": "Siemens",
    "ManufacturersModelName": "TrioTim",
    "Modality": "MR",
    "ParallelReductionFactorInPlane": 2,
    "PartialFourier": 1,
    "PatientPosition": "HFS",
    "PercentPhaseFOV": 100,
    "PhaseEncodingDirection": "j-",
    "PhaseEncodingSteps": 63,
    "PhaseResolution": 1,
    "PixelBandwidth": 2232,
    "ProcedureStepDescription": "Projekte_fMRI_12ch_localizer",
    "ProtocolName": "NIN_EPI_3x3x3_TR2000_sentence_215",
    "PulseSequenceDetails": "%CustomerSeq%_nin_ep2d_bold_v5a",
    "ReceiveCoilName": "HeadMatrix",
    "ReconMatrixPE": 64,
    "RefLinesPE": 24,
    "RepetitionTime": 2,
    "SAR": 0.119389,
    "ScanOptions": "FS",
    "ScanningSequence": "EP",
    "SequenceName": "ninepbo2d1_64",
    "SequenceVariant": "SK",
    "SeriesDescription": "NIN_EPI_3x3x3_TR2000_sentence_215",
    "SeriesNumber": 5,
    "ShimSetting": [
      -6775,
      -5595,
      -10693,
      208,
      607,
      1012,
      29,
      48
    ],
    "SliceThickness": 3,
    "SliceTiming": [
      0,
      1.0325,
      0.055,
      1.085,
      0.11,
      1.14,
      0.1625,
      1.195,
      0.2175,
      1.25,
      0.2725,
      1.3025,
      0.3275,
      1.3575,
      0.38,
      1.4125,
      0.435,
      1.465,
      0.49,
      1.52,
      0.5425,
      1.575,
      0.5975,
      1.63,
      0.6525,
      1.6825,
      0.7075,
      1.7375,
      0.76,
      1.7925,
      0.815,
      1.845,
      0.87,
      1.9,
      0.9225,
      1.955,
      0.9775
    ],
    "SoftwareVersions": "syngo_MR_B17",
    "SpacingBetweenSlices": 3.3,
    "StationName": "MRC35370",
    "TotalReadoutTime": 0.0166951,
    "TxRefAmp": 329.26,
    "dataset": "ds002842",
    "modality": "bold",
    "run_id": 2,
    "subject_id": "11",
    "task_id": "silentreading"
  },
  "dummy_trs": 1,
  "dvars_nstd": 29.42302413704224,
  "dvars_std": 1.038075096619718,
  "dvars_vstd": 1.0114351611737091,
  "efc": 0.5858882096207104,
  "fber": 668.165771484375,
  "fd_mean": 0.060225579655486736,
  "fd_num": 5,
  "fd_perc": 2.336448598130841,
  "fwhm_avg": 1.7354949575836083,
  "fwhm_x": 1.6599733333333333,
  "fwhm_y": 1.86716,
  "fwhm_z": 1.6793515394174914,
  "gcor": 0.00498791,
  "gsr_x": 0.009745504707098007,
  "gsr_y": 0.03604908287525177,
  "provenance": {
    "md5sum": "e875d03951a8ca8eae80149df338f36d",
    "settings": {
      "fd_thres": 0.2,
      "testing": false
    },
    "software": "mriqc",
    "version": "23.0.1",
    "webapi_port": null,
    "webapi_url": "https://mriqc.nimh.nih.gov/api/v1"
  },
  "size_t": 214,
  "size_x": 64,
  "size_y": 64,
  "size_z": 37,
  "snr": 5.438040447738172,
  "spacing_tr": 2.0,
  "spacing_x": 3.0,
  "spacing_y": 3.0,
  "spacing_z": 3.299999952316284,
  "summary_bg_k": 37.67106466784862,
  "summary_bg_mad": 10.191159614565557,
  "summary_bg_mean": 63.32133102416992,
  "summary_bg_median": 33.1682243347168,
  "summary_bg_n": 82357.0,
  "summary_bg_p05": 24.84111976623535,
  "summary_bg_p95": 203.71961669921853,
  "summary_bg_stdv": 88.96818542480469,
  "summary_fg_k": 2.276943771728532,
  "summary_fg_mad": 143.34819709317975,
  "summary_fg_mean": 882.45263671875,
  "summary_fg_median": 869.0887451171875,
  "summary_fg_n": 34913.0,
  "summary_fg_p05": 666.798095703125,
  "summary_fg_p95": 1155.2635009765627,
  "summary_fg_stdv": 159.81423950195312,
  "tsnr": 47.381207481143065
}