{
  "aor": 0.001422139534883721,
  "aqi": 0.008078553395348837,
  "bids_meta": {
    "AcquisitionMatrixPE": 64,
    "AcquisitionNumber": 1,
    "AcquisitionTime": "11:13:21.507500",
    "BandwidthPerPixelPhaseEncode": 58.962,
    "BaseResolution": 64,
    "CoilString": "T:HEA;HEP",
    "ConversionSoftware": "dcm2niix",
    "ConversionSoftwareVersion": "v1.0.20190902",
    "DerivedVendorReportedEchoSpacing": 0.000530002,
    "DeviceSerialNumber": "35370",
    "DwellTime": 3.5e-06,
    "EchoTime": 0.03,
    "EffectiveEchoSpacing": 0.000265001,
    "FlipAngle": 70,
    "ImageOrientationPatientDICOM": [
      0.999995,
      0.00325131,
      0.000321868,
      -0.00314166,
      0.983938,
      -0.178484
    ],
    "ImageType": [
      "ORIGINAL",
      "PRIMARY",
      "M",
      "ND",
      "MOSAIC"
    ],
    "ImagingFrequency": 123.243,
    "InPlanePhaseEncodingDirectionDICOM": "COL",
    "InstitutionAddress": "Habelschwerdter_Allee_45_Berlin_District_DE_14195",
    "InstitutionName": "Freie_Universitaet",
    "InstitutionalDepartmentName": "Department",
    "MRAcquisitionType": "2D",
    "MagneticFieldStrength": 3,
    "Manufacturer": "Siemens",
    "ManufacturersModelName": "TrioTim",
    "Modality": "MR",
    "ParallelReductionFactorInPlane": 2,
    "PartialFourier": 1,
    "PatientPosition": "HFS",
    "PercentPhaseFOV": 100,
    "PhaseEncodingDirection": "j-",
    "PhaseEncodingSteps": 63,
    "PhaseResolution": 1,
    "PixelBandwidth": 2232,
    "ProcedureStepDescription": "Projekte_fMRI_12ch_localizer",
    "ProtocolName": "NIN_EPI_3x3x3_TR2000_sentence_215",
    "PulseSequenceDetails": "%CustomerSeq%_nin_ep2d_bold_v5a",
    "ReceiveCoilName": "HeadMatrix",
    "ReconMatrixPE": 64,
    "RefLinesPE": 24,
    "RepetitionTime": 2,
    "SAR": 0.129978,
    "ScanOptions": "FS",
    "ScanningSequence": "EP",
    "SequenceName": "ninepbo2d1_64",
    "SequenceVariant": "SK",
    "SeriesDescription": "NIN_EPI_3x3x3_TR2000_sentence_215",
    "SeriesNumber": 5,
    "ShimSetting": [
      -6803,
      -5657,
      -10781,
      341,
      673,
      1206,
      200,
      66
    ],
    "SliceThickness": 3,
    "SliceTiming": [
      0,
      1.03,
      0.0525,
      1.085,
      0.1075,
      1.1375,
      0.1625,
      1.1925,
      0.215,
      1.2475,
      0.27,
      1.3025,
      0.325,
      1.355,
      0.38,
      1.41,
      0.4325,
      1.465,
      0.4875,
      1.5175,
      0.5425,
      1.5725,
      0.595,
      1.6275,
      0.65,
      1.6825,
      0.705,
      1.735,
      0.76,
      1.79,
      0.8125,
      1.845,
      0.8675,
      1.8975,
      0.9225,
      1.9525,
      0.975
    ],
    "SoftwareVersions": "syngo_MR_B17",
    "SpacingBetweenSlices": 3.3,
    "StationName": "MRC35370",
    "TotalReadoutTime": 0.0166951,
    "TxRefAmp": 318.704,
    "dataset": "ds002842",
    "modality": "bold",
    "run_id": 2,
    "subject_id": "07",
    "task_id": "silentreading"
  },
  "dummy_trs": 0,
  "dvars_nstd": 35.65471784635516,
  "dvars_std": 1.0690780505140192,
  "dvars_vstd": 1.0172680751869163,
  "efc": 0.5579902005651478,
  "fber": 682.4608764648438,
  "fd_mean": 0.22042223338418257,
  "fd_num": 95,
  "fd_perc": 44.18604651162791,
  "fwhm_avg": 2.0253834975117293,
  "fwhm_x": 1.97241,
  "fwhm_y": 2.13958,
  "fwhm_z": 1.964160492535187,
  "gcor": 0.0149124,
  "gsr_x": 0.004246934782713652,
  "gsr_y": 0.016740277409553528,
  "provenance": {
    "md5sum": "2f1a8425fc533b0043c7c578d0ce71d2",
    "settings": {
      "fd_thres": 0.2,
      "testing": false
    },
    "software": "mriqc",
    "version": "23.0.1",
    "webapi_port": null,
    "webapi_url": "https://mriqc.nimh.nih.gov/api/v1"
  },
  "size_t": 215,
  "size_x": 64,
  "size_y": 64,
  "size_z": 37,
  "snr": 4.78044433956188,
  "spacing_tr": 2.0,
  "spacing_x": 3.0,
  "spacing_y": 3.0,
  "spacing_z": 3.3000001907348633,
  "summary_bg_k": 32.03957620379128,
  "summary_bg_mad": 9.005947117566343,
  "summary_bg_mean": 46.28539276123047,
  "summary_bg_median": 29.455814361572266,
  "summary_bg_n": 85812.0,
  "summary_bg_p05": 21.693023681640625,
  "summary_bg_p95": 126.15302276611325,
  "summary_bg_stdv": 51.506080627441406,
  "summary_fg_k": 1.0531709286371953,
  "summary_fg_mad": 146.0260025649826,
  "summary_fg_mean": 796.67431640625,
  "summary_fg_median": 777.0372314453125,
  "summary_fg_n": 32313.0,
  "summary_fg_p05": 575.0595336914063,
  "summary_fg_p95": 1103.3172119140625,
  "summary_fg_stdv": 162.54246520996094,
  "tsnr": 43.05310960393399
}