{
  "aor": 0.0005857009345794393,
  "aqi": 0.006778362196261681,
  "bids_meta": {
    "AcquisitionMatrixPE": 64,
    "AcquisitionNumber": 1,
    "AcquisitionTime": "11:04:55.302500",
    "BandwidthPerPixelPhaseEncode": 58.962,
    "BaseResolution": 64,
    "CoilString": "T:HEA;HEP",
    "ConversionSoftware": "dcm2niix",
    "ConversionSoftwareVersion": "v1.0.20190902",
    "DerivedVendorReportedEchoSpacing": 0.000530002,
    "DeviceSerialNumber": "35370",
    "DwellTime": 3.5e-06,
    "EchoTime": 0.03,
    "EffectiveEchoSpacing": 0.000265001,
    "FlipAngle": 70,
    "ImageOrientationPatientDICOM": [
      0.999995,
      0.00325131,
      0.000321868,
      -0.00314166,
      0.983938,
      -0.178484
    ],
    "ImageType": [
      "ORIGINAL",
      "PRIMARY",
      "M",
      "ND",
      "MOSAIC"
    ],
    "ImagingFrequency": 123.243,
    "InPlanePhaseEncodingDirectionDICOM": "COL",
    "InstitutionAddress": "Habelschwerdter_Allee_45_Berlin_District_DE_14195",
    "InstitutionName": "Freie_Universitaet",
    "InstitutionalDepartmentName": "Department",
    "MRAcquisitionType": "2D",
    "MagneticFieldStrength": 3,
    "Manufacturer": "Siemens",
    "ManufacturersModelName": "TrioTim",
    "Modality": "MR",
    "ParallelReductionFactorInPlane": 2,
    "PartialFourier": 1,
    "PatientPosition": "HFS",
    "PercentPhaseFOV": 100,
    "PhaseEncodingDirection": "j-",
    "PhaseEncodingSteps": 63,
    "PhaseResolution": 1,
    "PixelBandwidth": 2232,
    "ProcedureStepDescription": "Projekte_fMRI_12ch_localizer",
    "ProtocolName": "NIN_EPI_3x3x3_TR2000_sentence_215",
    "PulseSequenceDetails": "%CustomerSeq%_nin_ep2d_bold_v5a",
    "ReceiveCoilName": "HeadMatrix",
    "ReconMatrixPE": 64,
    "RefLinesPE": 24,
    "RepetitionTime": 2,
    "SAR": 0.129978,
    "ScanOptions": "FS",
    "ScanningSequence": "EP",
    "SequenceName": "ninepbo2d1_64",
    "SequenceVariant": "SK",
    "SeriesDescription": "NIN_EPI_3x3x3_TR2000_sentence_215",
    "SeriesNumber": 4,
    "ShimSetting": [
      -6803,
      -5657,
      -10781,
      341,
      673,
      1206,
      200,
      66
    ],
    "SliceThickness": 3,
    "SliceTiming": [
      0,
      1.03,
      0.0525,
      1.085,
      0.1075,
      1.14,
      0.1625,
      1.1925,
      0.2175,
      1.2475,
      0.27,
      1.3025,
      0.325,
      1.355,
      0.38,
      1.41,
      0.4325,
      1.465,
      0.4875,
      1.52,
      0.5425,
      1.5725,
      0.5975,
      1.6275,
      0.65,
      1.6825,
      0.705,
      1.735,
      0.76,
      1.79,
      0.8125,
      1.845,
      0.8675,
      1.8975,
      0.9225,
      1.9525,
      0.975
    ],
    "SoftwareVersions": "syngo_MR_B17",
    "SpacingBetweenSlices": 3.3,
    "StationName": "MRC35370",
    "TotalReadoutTime": 0.0166951,
    "TxRefAmp": 318.704,
    "dataset": "ds002842",
    "modality": "bold",
    "run_id": 1,
    "subject_id": "07",
    "task_id": "silentreading"
  },
  "dummy_trs": 1,
  "dvars_nstd": 30.926337174882637,
  "dvars_std": 1.0333288776525817,
  "dvars_vstd": 1.0113276641314557,
  "efc": 0.5578737503193011,
  "fber": 672.1058349609375,
  "fd_mean": 0.10607682344005857,
  "fd_num": 16,
  "fd_perc": 7.4766355140186915,
  "fwhm_avg": 1.9998277401342959,
  "fwhm_x": 1.9423066666666668,
  "fwhm_y": 2.10331,
  "fwhm_z": 1.9538665537362212,
  "gcor": 0.00719675,
  "gsr_x": 0.0037679222878068686,
  "gsr_y": 0.017823943868279457,
  "provenance": {
    "md5sum": "ed71c80c8cd3c705751c5368f415949a",
    "settings": {
      "fd_thres": 0.2,
      "testing": false
    },
    "software": "mriqc",
    "version": "23.0.1",
    "webapi_port": null,
    "webapi_url": "https://mriqc.nimh.nih.gov/api/v1"
  },
  "size_t": 214,
  "size_x": 64,
  "size_y": 64,
  "size_z": 37,
  "snr": 4.838868887579244,
  "spacing_tr": 2.0,
  "spacing_x": 3.0,
  "spacing_y": 3.0,
  "spacing_z": 3.3000001907348633,
  "summary_bg_k": 30.96391936954526,
  "summary_bg_mad": 8.83326228198883,
  "summary_bg_mean": 46.31709671020508,
  "summary_bg_median": 29.504671096801758,
  "summary_bg_n": 85938.0,
  "summary_bg_p05": 21.985980987548828,
  "summary_bg_p95": 124.57149314880365,
  "summary_bg_stdv": 51.796382904052734,
  "summary_fg_k": 1.0176772525717457,
  "summary_fg_mad": 144.6506772587108,
  "summary_fg_mean": 792.6184692382812,
  "summary_fg_median": 772.9976806640625,
  "summary_fg_n": 32200.0,
  "summary_fg_p05": 571.4945983886719,
  "summary_fg_p95": 1092.6482849121094,
  "summary_fg_stdv": 159.7451171875,
  "tsnr": 45.806690636090934
}