{
  "bids_meta": {
    "AcquisitionMatrixPE": 256,
    "AcquisitionNumber": 1,
    "AcquisitionTime": "15:25:30.430000",
    "BaseResolution": 256,
    "CoilString": "T:HEA;HEP",
    "ConversionSoftware": "dcm2niix",
    "ConversionSoftwareVersion": "v1.0.20190902",
    "DeviceSerialNumber": "35370",
    "DwellTime": 1.15e-05,
    "EchoTime": 0.00252,
    "FlipAngle": 9,
    "ImageOrientationPatientDICOM": [
      -0.000136963,
      0.999998,
      0.00174,
      0.078459,
      0.00174538,
      -0.996916
    ],
    "ImageType": [
      "ORIGINAL",
      "PRIMARY",
      "M",
      "ND",
      "NORM"
    ],
    "ImagingFrequency": 123.243,
    "InPlanePhaseEncodingDirectionDICOM": "ROW",
    "InstitutionAddress": "Habelschwerdter_Allee_45_Berlin_District_DE_14195",
    "InstitutionName": "Freie_Universitaet",
    "InstitutionalDepartmentName": "Department",
    "InversionTime": 0.9,
    "MRAcquisitionType": "3D",
    "MagneticFieldStrength": 3,
    "Manufacturer": "Siemens",
    "ManufacturersModelName": "TrioTim",
    "Modality": "MR",
    "ParallelReductionFactorInPlane": 2,
    "PartialFourier": 1,
    "PatientPosition": "HFS",
    "PercentPhaseFOV": 100,
    "PhaseEncodingSteps": 255,
    "PhaseResolution": 1,
    "PixelBandwidth": 170,
    "ProcedureStepDescription": "Projekte_fMRI_12ch_localizer",
    "ProtocolName": "t1_mpr_1x1x1_176",
    "PulseSequenceDetails": "%SiemensSeq%_tfl",
    "ReceiveCoilName": "HeadMatrix",
    "ReconMatrixPE": 256,
    "RefLinesPE": 24,
    "RepetitionTime": 1.9,
    "SAR": 0.139448,
    "ScanOptions": "IR",
    "ScanningSequence": "GR_IR",
    "SequenceName": "_tfl3d1_ns",
    "SequenceVariant": "SP_MP",
    "SeriesDescription": "t1_mpr_1x1x1_176",
    "SeriesNumber": 6,
    "ShimSetting": [
      -6767,
      -5632,
      -10874,
      -510,
      294,
      1154,
      210,
      53
    ],
    "SliceThickness": 1,
    "SoftwareVersions": "syngo_MR_B17",
    "StationName": "MRC35370",
    "TxRefAmp": 338.329,
    "dataset": "ds002842",
    "modality": "T1w",
    "subject_id": "01"
  },
  "cjv": 0.42821008376609604,
  "cnr": 3.246782285774365,
  "efc": 0.5682631114682981,
  "fber": 10778.889030612245,
  "fwhm_avg": 4.437353333333333,
  "fwhm_x": 4.38828,
  "fwhm_y": 4.58263,
  "fwhm_z": 4.34115,
  "icvs_csf": 0.22517838944593987,
  "icvs_gm": 0.3905800182122466,
  "icvs_wm": 0.38424159234181354,
  "inu_med": 0.5219002068042755,
  "inu_range": 0.23320648074150085,
  "provenance": {
    "md5sum": "832fe1f581775daa5b85fd554652b0bb",
    "settings": {
      "testing": false
    },
    "software": "mriqc",
    "version": "23.0.1",
    "warnings": {
      "large_rot_frame": true,
      "small_air_mask": false
    },
    "webapi_port": null,
    "webapi_url": "https://mriqc.nimh.nih.gov/api/v1"
  },
  "qi_1": 0.0,
  "qi_2": 0.010643175432559625,
  "rpve_csf": 23.76876382209793,
  "rpve_gm": 13.15561355586935,
  "rpve_wm": 15.846073311480314,
  "size_x": 176,
  "size_y": 256,
  "size_z": 256,
  "snr_csf": 3.304246587673987,
  "snr_gm": 13.090790653980317,
  "snr_total": 12.501082505245355,
  "snr_wm": 21.108210274081763,
  "snrd_csf": 18.800573039021184,
  "snrd_gm": 46.92149580333961,
  "snrd_total": 42.61706304827205,
  "snrd_wm": 62.12912030245536,
  "spacing_x": 1.0,
  "spacing_y": 1.0,
  "spacing_z": 1.0,
  "summary_bg_k": 8.530048913678678,
  "summary_bg_mad": 0.0,
  "summary_bg_mean": 6.55140168312794,
  "summary_bg_median": 0.0,
  "summary_bg_n": 2650854.0,
  "summary_bg_p05": 0.0,
  "summary_bg_p95": 29.3905186727643,
  "summary_bg_stdv": 10.54523164988389,
  "summary_csf_k": 1.2390942231354112,
  "summary_csf_mad": 79.51834784405155,
  "summary_csf_mean": 309.48156178685997,
  "summary_csf_median": 302.6185048595071,
  "summary_csf_n": 60011.0,
  "summary_csf_p05": 175.21444388478994,
  "summary_csf_p95": 473.6343032196164,
  "summary_csf_stdv": 91.58395884231027,
  "summary_gm_k": -0.06685023316780692,
  "summary_gm_mad": 58.5678067033208,
  "summary_gm_mean": 755.1532838533321,
  "summary_gm_median": 755.2595804557204,
  "summary_gm_n": 14777.0,
  "summary_gm_p05": 659.7291080877185,
  "summary_gm_p95": 850.2121747300029,
  "summary_gm_stdv": 57.69200995916415,
  "summary_wm_k": 0.29672898573337525,
  "summary_wm_mad": 46.25183363656534,
  "summary_wm_mean": 1002.1593982280932,
  "summary_wm_median": 1000.0451292172074,
  "summary_wm_n": 209843.0,
  "summary_wm_p05": 927.7652207762003,
  "summary_wm_p95": 1083.0248117372394,
  "summary_wm_stdv": 47.37695585688792,
  "tpm_overlap_csf": 0.15065277747366487,
  "tpm_overlap_gm": 0.42233594642105754,
  "tpm_overlap_wm": 0.48085919714138264,
  "wm2max": 0.41447252122121697
}