{
  "bids_meta": {
    "AcquisitionMatrixPE": 256,
    "AcquisitionNumber": 1,
    "AcquisitionTime": "14:25:53.805000",
    "BaseResolution": 256,
    "CoilString": "T:HEA;HEP",
    "ConversionSoftware": "dcm2niix",
    "ConversionSoftwareVersion": "v1.0.20190902",
    "DeviceSerialNumber": "35370",
    "DwellTime": 1.15e-05,
    "EchoTime": 0.00252,
    "FlipAngle": 9,
    "ImageOrientationPatientDICOM": [
      2.13303e-05,
      0.999998,
      -0.00174519,
      0.012217,
      -0.00174532,
      -0.999924
    ],
    "ImageType": [
      "ORIGINAL",
      "PRIMARY",
      "M",
      "ND",
      "NORM"
    ],
    "ImagingFrequency": 123.243,
    "InPlanePhaseEncodingDirectionDICOM": "ROW",
    "InstitutionAddress": "Habelschwerdter_Allee_45_Berlin_District_DE_14195",
    "InstitutionName": "D.I.N.E",
    "InstitutionalDepartmentName": "Department",
    "InversionTime": 0.9,
    "MRAcquisitionType": "3D",
    "MagneticFieldStrength": 3,
    "Manufacturer": "Siemens",
    "ManufacturersModelName": "TrioTim",
    "Modality": "MR",
    "ParallelReductionFactorInPlane": 2,
    "PartialFourier": 1,
    "PatientPosition": "HFS",
    "PercentPhaseFOV": 100,
    "PhaseEncodingSteps": 255,
    "PhaseResolution": 1,
    "PixelBandwidth": 170,
    "ProcedureStepDescription": "Projekte_fMRI_12ch_localizer",
    "ProtocolName": "t1_mpr_1x1x1_176",
    "PulseSequenceDetails": "%SiemensSeq%_tfl",
    "ReceiveCoilName": "HeadMatrix",
    "ReconMatrixPE": 256,
    "RefLinesPE": 24,
    "RepetitionTime": 1.9,
    "SAR": 0.102352,
    "ScanOptions": "IR",
    "ScanningSequence": "GR_IR",
    "SequenceName": "_tfl3d1_ns",
    "SequenceVariant": "SP_MP",
    "SeriesDescription": "t1_mpr_1x1x1_176",
    "SeriesNumber": 6,
    "ShimSetting": [
      -6813,
      -5644,
      -10896,
      -341,
      614,
      541,
      395,
      92
    ],
    "SliceThickness": 1,
    "SoftwareVersions": "syngo_MR_B17",
    "StationName": "MRC35370",
    "TxRefAmp": 287.58,
    "dataset": "ds002842",
    "modality": "T1w",
    "subject_id": "20"
  },
  "cjv": 0.36580051829078314,
  "cnr": 3.8299736850792354,
  "efc": 0.5337674587853791,
  "fber": 28373.53086419753,
  "fwhm_avg": 4.346433333333334,
  "fwhm_x": 4.38852,
  "fwhm_y": 4.40689,
  "fwhm_z": 4.24389,
  "icvs_csf": 0.19166533031153127,
  "icvs_gm": 0.4387228821897527,
  "icvs_wm": 0.3696117874987161,
  "inu_med": 0.4295509159564972,
  "inu_range": 0.16364948153495784,
  "provenance": {
    "md5sum": "ac5b0664fd31d33d8bfc58a0684685fe",
    "settings": {
      "testing": false
    },
    "software": "mriqc",
    "version": "23.0.1",
    "warnings": {
      "large_rot_frame": true,
      "small_air_mask": false
    },
    "webapi_port": null,
    "webapi_url": "https://mriqc.nimh.nih.gov/api/v1"
  },
  "qi_1": 0.0,
  "qi_2": 0.004782737067103441,
  "rpve_csf": 30.52666813899096,
  "rpve_gm": 14.168697850570327,
  "rpve_wm": 18.790929065687205,
  "size_x": 176,
  "size_y": 256,
  "size_z": 256,
  "snr_csf": 2.5862861114748874,
  "snr_gm": 14.465002351784657,
  "snr_total": 13.920330435939576,
  "snr_wm": 24.70970284455918,
  "snrd_csf": 29.4663954005045,
  "snrd_gm": 67.15773844616496,
  "snrd_total": 62.17011785727167,
  "snrd_wm": 89.88621972514555,
  "spacing_x": 1.0,
  "spacing_y": 1.0,
  "spacing_z": 1.0,
  "summary_bg_k": 15.138485088705504,
  "summary_bg_mad": 0.0,
  "summary_bg_mean": 4.309627305500431,
  "summary_bg_median": 0.0,
  "summary_bg_n": 2931427.0,
  "summary_bg_p05": 0.0,
  "summary_bg_p95": 17.058824241161346,
  "summary_bg_stdv": 7.288775912880048,
  "summary_csf_k": 0.6803053069057423,
  "summary_csf_mad": 113.21194618813408,
  "summary_csf_mean": 334.86696146754866,
  "summary_csf_median": 327.8308960311115,
  "summary_csf_n": 26855.0,
  "summary_csf_p05": 114.66912243142724,
  "summary_csf_p95": 550.7095818009227,
  "summary_csf_stdv": 126.75503719330355,
  "summary_gm_k": -0.08619536781966719,
  "summary_gm_mad": 52.43615418054164,
  "summary_gm_mean": 747.497909072025,
  "summary_gm_median": 747.1691488213837,
  "summary_gm_n": 41423.0,
  "summary_gm_p05": 662.7573805935681,
  "summary_gm_p95": 832.7573876865208,
  "summary_gm_stdv": 51.65295599853168,
  "summary_wm_k": 0.14974909109554568,
  "summary_wm_mad": 40.06296603191071,
  "summary_wm_mean": 1000.2722786357393,
  "summary_wm_median": 1000.0368064306676,
  "summary_wm_n": 190928.0,
  "summary_wm_p05": 934.4853331074119,
  "summary_wm_p95": 1067.279456295073,
  "summary_wm_stdv": 40.471315816038356,
  "tpm_overlap_csf": 0.14251585196239314,
  "tpm_overlap_gm": 0.46477399721354534,
  "tpm_overlap_wm": 0.5051734126587818,
  "wm2max": 0.5053411856503242
}