{
  "bids_meta": {
    "AcquisitionMatrixPE": 256,
    "AcquisitionNumber": 1,
    "AcquisitionTime": "09:28:9.945000",
    "BaseResolution": 256,
    "CoilString": "T:HEA;HEP",
    "ConversionSoftware": "dcm2niix",
    "ConversionSoftwareVersion": "v1.0.20190902",
    "DeviceSerialNumber": "35370",
    "DwellTime": 1.15e-05,
    "EchoTime": 0.00252,
    "FlipAngle": 9,
    "ImageOrientationPatientDICOM": [
      0,
      0.999998,
      0.00174528,
      0,
      0.00174528,
      -0.999998
    ],
    "ImageType": [
      "ORIGINAL",
      "PRIMARY",
      "M",
      "ND",
      "NORM"
    ],
    "ImagingFrequency": 123.243,
    "InPlanePhaseEncodingDirectionDICOM": "ROW",
    "InstitutionAddress": "Habelschwerdter_Allee_45_Berlin_District_DE_14195",
    "InstitutionName": "D.I.N.E",
    "InstitutionalDepartmentName": "Department",
    "InversionTime": 0.9,
    "MRAcquisitionType": "3D",
    "MagneticFieldStrength": 3,
    "Manufacturer": "Siemens",
    "ManufacturersModelName": "TrioTim",
    "Modality": "MR",
    "ParallelReductionFactorInPlane": 2,
    "PartialFourier": 1,
    "PatientPosition": "HFS",
    "PercentPhaseFOV": 100,
    "PhaseEncodingSteps": 255,
    "PhaseResolution": 1,
    "PixelBandwidth": 170,
    "ProcedureStepDescription": "Projekte_fMRI_12ch_localizer",
    "ProtocolName": "t1_mpr_1x1x1_176",
    "PulseSequenceDetails": "%SiemensSeq%_tfl",
    "ReceiveCoilName": "HeadMatrix",
    "ReconMatrixPE": 256,
    "RefLinesPE": 24,
    "RepetitionTime": 1.9,
    "SAR": 0.115621,
    "ScanOptions": "IR",
    "ScanningSequence": "GR_IR",
    "SequenceName": "_tfl3d1_ns",
    "SequenceVariant": "SP_MP",
    "SeriesDescription": "t1_mpr_1x1x1_176",
    "SeriesNumber": 6,
    "ShimSetting": [
      -6804,
      -5673,
      -10882,
      -154,
      454,
      715,
      586,
      3
    ],
    "SliceThickness": 1,
    "SoftwareVersions": "syngo_MR_B17",
    "StationName": "MRC35370",
    "TxRefAmp": 289.626,
    "dataset": "ds002842",
    "modality": "T1w",
    "subject_id": "14"
  },
  "cjv": 0.3796426853531342,
  "cnr": 3.6277995718191858,
  "efc": 0.5494574778866057,
  "fber": 13387.236462018729,
  "fwhm_avg": 4.300249999999999,
  "fwhm_x": 4.27434,
  "fwhm_y": 4.36466,
  "fwhm_z": 4.26175,
  "icvs_csf": 0.2042294838870007,
  "icvs_gm": 0.43125063565911054,
  "icvs_wm": 0.3645198804538888,
  "inu_med": 0.4767804890871048,
  "inu_range": 0.1782556220889091,
  "provenance": {
    "md5sum": "ddaaf2acd52979d15acfba8dfccf7609",
    "settings": {
      "testing": false
    },
    "software": "mriqc",
    "version": "23.0.1",
    "warnings": {
      "large_rot_frame": true,
      "small_air_mask": false
    },
    "webapi_port": null,
    "webapi_url": "https://mriqc.nimh.nih.gov/api/v1"
  },
  "qi_1": 0.0,
  "qi_2": 0.010598849961551913,
  "rpve_csf": 25.214462731702593,
  "rpve_gm": 12.622092758787876,
  "rpve_wm": 17.093252046473797,
  "size_x": 176,
  "size_y": 256,
  "size_z": 256,
  "snr_csf": 2.872602728211632,
  "snr_gm": 13.243279656694755,
  "snr_total": 13.323272035227767,
  "snr_wm": 23.85393372077691,
  "snrd_csf": 24.26318973647039,
  "snrd_gm": 60.4586548792647,
  "snrd_total": 55.32696968529482,
  "snrd_wm": 81.25906444014937,
  "spacing_x": 1.0,
  "spacing_y": 1.0,
  "spacing_z": 1.0,
  "summary_bg_k": 9.362814758929101,
  "summary_bg_mad": 0.0,
  "summary_bg_mean": 5.4249131008548455,
  "summary_bg_median": 0.0,
  "summary_bg_n": 2471360.0,
  "summary_bg_p05": 0.0,
  "summary_bg_p95": 21.92111499235034,
  "summary_bg_stdv": 8.062631643949505,
  "summary_csf_k": 1.0783256542234936,
  "summary_csf_mad": 81.10641683176539,
  "summary_csf_mean": 307.0733787987287,
  "summary_csf_median": 298.602186281234,
  "summary_csf_n": 37036.0,
  "summary_csf_p05": 135.61499736830592,
  "summary_csf_p95": 497.371799133718,
  "summary_csf_stdv": 103.94690225666108,
  "summary_gm_k": -0.08478263603859926,
  "summary_gm_mad": 57.120853704649,
  "summary_gm_mean": 742.9736589825826,
  "summary_gm_median": 744.0524812545627,
  "summary_gm_n": 36496.0,
  "summary_gm_p05": 648.7462481772527,
  "summary_gm_p95": 833.3917323201895,
  "summary_gm_stdv": 56.182630500576494,
  "summary_wm_k": 0.43804950606303183,
  "summary_wm_mad": 40.062529025797275,
  "summary_wm_mean": 1001.7938632203515,
  "summary_wm_median": 1000.0389297753572,
  "summary_wm_n": 207085.0,
  "summary_wm_p05": 935.9498440250754,
  "summary_wm_p95": 1073.6284632310271,
  "summary_wm_stdv": 41.92333754746375,
  "tpm_overlap_csf": 0.15559995134328256,
  "tpm_overlap_gm": 0.45380846417465787,
  "tpm_overlap_wm": 0.5049004661487534,
  "wm2max": 0.48634728271160765
}