{
  "bids_meta": {
    "AcquisitionMatrixPE": 256,
    "AcquisitionNumber": 1,
    "AcquisitionTime": "15:19:49.252500",
    "BaseResolution": 256,
    "CoilString": "T:HEA;HEP",
    "ConversionSoftware": "dcm2niix",
    "ConversionSoftwareVersion": "v1.0.20190902",
    "DeviceSerialNumber": "35370",
    "DwellTime": 1.15e-05,
    "EchoTime": 0.00252,
    "FlipAngle": 9,
    "ImageOrientationPatientDICOM": [
      0,
      0.999998,
      0.00174528,
      0,
      0.00174528,
      -0.999998
    ],
    "ImageType": [
      "ORIGINAL",
      "PRIMARY",
      "M",
      "ND",
      "NORM"
    ],
    "ImagingFrequency": 123.243,
    "InPlanePhaseEncodingDirectionDICOM": "ROW",
    "InstitutionAddress": "Habelschwerdter_Allee_45_Berlin_District_DE_14195",
    "InstitutionName": "Freie_Universitaet",
    "InstitutionalDepartmentName": "Department",
    "InversionTime": 0.9,
    "MRAcquisitionType": "3D",
    "MagneticFieldStrength": 3,
    "Manufacturer": "Siemens",
    "ManufacturersModelName": "TrioTim",
    "Modality": "MR",
    "ParallelReductionFactorInPlane": 2,
    "PartialFourier": 1,
    "PatientPosition": "HFS",
    "PercentPhaseFOV": 100,
    "PhaseEncodingSteps": 255,
    "PhaseResolution": 1,
    "PixelBandwidth": 170,
    "ProcedureStepDescription": "Projekte_fMRI_12ch_localizer",
    "ProtocolName": "t1_mpr_1x1x1_176",
    "PulseSequenceDetails": "%SiemensSeq%_tfl",
    "ReceiveCoilName": "HeadMatrix",
    "ReconMatrixPE": 256,
    "RefLinesPE": 24,
    "RepetitionTime": 1.9,
    "SAR": 0.129665,
    "ScanOptions": "IR",
    "ScanningSequence": "GR_IR",
    "SequenceName": "_tfl3d1_ns",
    "SequenceVariant": "SP_MP",
    "SeriesDescription": "t1_mpr_1x1x1_176",
    "SeriesNumber": 6,
    "ShimSetting": [
      -6839,
      -5777,
      -10912,
      -143,
      520,
      590,
      485,
      73
    ],
    "SliceThickness": 1,
    "SoftwareVersions": "syngo_MR_B17",
    "StationName": "MRC35370",
    "TxRefAmp": 304.112,
    "dataset": "ds002842",
    "modality": "T1w",
    "subject_id": "08"
  },
  "cjv": 0.4004799960821557,
  "cnr": 3.4528148443245974,
  "efc": 0.5472848457742376,
  "fber": 16492.89266278852,
  "fwhm_avg": 4.1971799999999995,
  "fwhm_x": 4.19132,
  "fwhm_y": 4.15743,
  "fwhm_z": 4.24279,
  "icvs_csf": 0.19990229085782768,
  "icvs_gm": 0.4520700025554087,
  "icvs_wm": 0.34802770658676363,
  "inu_med": 0.5261768698692322,
  "inu_range": 0.22255008220672606,
  "provenance": {
    "md5sum": "32f3bd885b71fcabf4b82866b477e96b",
    "settings": {
      "testing": false
    },
    "software": "mriqc",
    "version": "23.0.1",
    "warnings": {
      "large_rot_frame": true,
      "small_air_mask": false
    },
    "webapi_port": null,
    "webapi_url": "https://mriqc.nimh.nih.gov/api/v1"
  },
  "qi_1": 0.0,
  "qi_2": 0.015395413782077896,
  "rpve_csf": 28.06548076499469,
  "rpve_gm": 13.14694411176031,
  "rpve_wm": 18.498929547242916,
  "size_x": 176,
  "size_y": 256,
  "size_z": 256,
  "snr_csf": 2.5651541090261865,
  "snr_gm": 15.244449831235977,
  "snr_total": 13.035441749330746,
  "snr_wm": 21.296721307730078,
  "snrd_csf": 23.104937443870963,
  "snrd_gm": 56.60636970987391,
  "snrd_total": 51.35335288552582,
  "snrd_wm": 74.3487515028326,
  "spacing_x": 1.0,
  "spacing_y": 1.0,
  "spacing_z": 1.0,
  "summary_bg_k": 108.46578895964217,
  "summary_bg_mad": 0.0,
  "summary_bg_mean": 5.316310193138598,
  "summary_bg_median": 0.0,
  "summary_bg_n": 2735028.0,
  "summary_bg_p05": 0.0,
  "summary_bg_p95": 22.335224732756615,
  "summary_bg_stdv": 8.812011450664414,
  "summary_csf_k": 1.6316045151873926,
  "summary_csf_mad": 95.51519423665731,
  "summary_csf_mean": 307.2802824468274,
  "summary_csf_median": 310.7764632254839,
  "summary_csf_n": 31080.0,
  "summary_csf_p05": 75.92411769926548,
  "summary_csf_p95": 507.5709157504141,
  "summary_csf_stdv": 121.15118638306467,
  "summary_gm_k": 0.17583996273740432,
  "summary_gm_mad": 49.23642981598182,
  "summary_gm_mean": 759.3470092090255,
  "summary_gm_median": 761.3925559073687,
  "summary_gm_n": 24837.0,
  "summary_gm_p05": 673.4441858738661,
  "summary_gm_p95": 837.4027287632226,
  "summary_gm_stdv": 49.94455269908901,
  "summary_wm_k": 0.1490414193882601,
  "summary_wm_mad": 46.33675785979914,
  "summary_wm_mean": 1001.7660633188875,
  "summary_wm_median": 1000.039151519537,
  "summary_wm_n": 155786.0,
  "summary_wm_p05": 927.9483998864889,
  "summary_wm_p95": 1081.752434298396,
  "summary_wm_stdv": 46.95727231471643,
  "tpm_overlap_csf": 0.1502945672998725,
  "tpm_overlap_gm": 0.4782338570140821,
  "tpm_overlap_wm": 0.5010296374245227,
  "wm2max": 0.48351926221230707
}