{
  "bids_meta": {
    "AcquisitionMatrixPE": 256,
    "AcquisitionNumber": 1,
    "AcquisitionTime": "12:28:3.792500",
    "BaseResolution": 256,
    "CoilString": "T:HEA;HEP",
    "ConversionSoftware": "dcm2niix",
    "ConversionSoftwareVersion": "v1.0.20190902",
    "DeviceSerialNumber": "35370",
    "DwellTime": 1.15e-05,
    "EchoTime": 0.00252,
    "FlipAngle": 9,
    "ImageOrientationPatientDICOM": [
      -0.000274126,
      0.999962,
      0.00872221,
      0.0314096,
      0.00872652,
      -0.999469
    ],
    "ImageType": [
      "ORIGINAL",
      "PRIMARY",
      "M",
      "ND",
      "NORM"
    ],
    "ImagingFrequency": 123.243,
    "InPlanePhaseEncodingDirectionDICOM": "ROW",
    "InstitutionAddress": "Habelschwerdter_Allee_45_Berlin_District_DE_14195",
    "InstitutionName": "Freie_Universitaet",
    "InstitutionalDepartmentName": "Department",
    "InversionTime": 0.9,
    "MRAcquisitionType": "3D",
    "MagneticFieldStrength": 3,
    "Manufacturer": "Siemens",
    "ManufacturersModelName": "TrioTim",
    "Modality": "MR",
    "ParallelReductionFactorInPlane": 2,
    "PartialFourier": 1,
    "PatientPosition": "HFS",
    "PercentPhaseFOV": 100,
    "PhaseEncodingSteps": 255,
    "PhaseResolution": 1,
    "PixelBandwidth": 170,
    "ProcedureStepDescription": "Projekte_fMRI_12ch_localizer",
    "ProtocolName": "t1_mpr_1x1x1_176",
    "PulseSequenceDetails": "%SiemensSeq%_tfl",
    "ReceiveCoilName": "HeadMatrix",
    "ReconMatrixPE": 256,
    "RefLinesPE": 24,
    "RepetitionTime": 1.9,
    "SAR": 0.107301,
    "ScanOptions": "IR",
    "ScanningSequence": "GR_IR",
    "SequenceName": "_tfl3d1_ns",
    "SequenceVariant": "SP_MP",
    "SeriesDescription": "t1_mpr_1x1x1_176",
    "SeriesNumber": 6,
    "ShimSetting": [
      -6825,
      -5643,
      -10915,
      -386,
      487,
      737,
      253,
      144
    ],
    "SliceThickness": 1,
    "SoftwareVersions": "syngo_MR_B17",
    "StationName": "MRC35370",
    "TxRefAmp": 285.561,
    "dataset": "ds002842",
    "modality": "T1w",
    "subject_id": "02"
  },
  "cjv": 0.37833212758258755,
  "cnr": 3.6393940169114916,
  "efc": 0.5580122862104546,
  "fber": 17485.44943212547,
  "fwhm_avg": 4.362410000000001,
  "fwhm_x": 4.38777,
  "fwhm_y": 4.34184,
  "fwhm_z": 4.35762,
  "icvs_csf": 0.19791071624351775,
  "icvs_gm": 0.44144317602918354,
  "icvs_wm": 0.3606461077272987,
  "inu_med": 0.4576456993818283,
  "inu_range": 0.1876081362366676,
  "provenance": {
    "md5sum": "bc9c85a94572ce39b7a534b168247738",
    "settings": {
      "testing": false
    },
    "software": "mriqc",
    "version": "23.0.1",
    "warnings": {
      "large_rot_frame": true,
      "small_air_mask": false
    },
    "webapi_port": null,
    "webapi_url": "https://mriqc.nimh.nih.gov/api/v1"
  },
  "qi_1": 0.0,
  "qi_2": 0.005924571995163252,
  "rpve_csf": 28.349330887007437,
  "rpve_gm": 13.637468549582138,
  "rpve_wm": 18.892698613631605,
  "size_x": 176,
  "size_y": 256,
  "size_z": 256,
  "snr_csf": 3.211426615839699,
  "snr_gm": 12.82360668523723,
  "snr_total": 13.76307604083911,
  "snr_wm": 25.2541948214404,
  "snrd_csf": 26.217746810604655,
  "snrd_gm": 63.161014029791446,
  "snrd_total": 58.1270914625977,
  "snrd_wm": 85.00251354739699,
  "spacing_x": 1.0,
  "spacing_y": 1.0,
  "spacing_z": 1.0,
  "summary_bg_k": 8.589302241961319,
  "summary_bg_mad": 0.0,
  "summary_bg_mean": 4.966263563380728,
  "summary_bg_median": 0.0,
  "summary_bg_n": 2410957.0,
  "summary_bg_p05": 0.0,
  "summary_bg_p95": 20.366681568324566,
  "summary_bg_stdv": 7.707572460742486,
  "summary_csf_k": 1.675558176297705,
  "summary_csf_mad": 81.57657231365717,
  "summary_csf_mean": 317.5030910401154,
  "summary_csf_median": 308.44749780371785,
  "summary_csf_n": 29632.0,
  "summary_csf_p05": 184.29814216382803,
  "summary_csf_p95": 493.7192567810416,
  "summary_csf_stdv": 96.045256523479,
  "summary_gm_k": -0.11317845953395933,
  "summary_gm_mad": 59.06541623005838,
  "summary_gm_mean": 742.0884676626519,
  "summary_gm_median": 743.0789868012071,
  "summary_gm_n": 39562.0,
  "summary_gm_p05": 644.7030365791172,
  "summary_gm_p95": 835.5583558626471,
  "summary_gm_stdv": 57.9454449640117,
  "summary_wm_k": 0.35509243327248274,
  "summary_wm_mad": 38.15143721798669,
  "summary_wm_mean": 1001.2170981060559,
  "summary_wm_median": 1000.0406518578529,
  "summary_wm_n": 194410.0,
  "summary_wm_p05": 938.3308262676001,
  "summary_wm_p95": 1068.3767630681396,
  "summary_wm_stdv": 39.59888988489212,
  "tpm_overlap_csf": 0.1475365879920947,
  "tpm_overlap_gm": 0.4753117093444968,
  "tpm_overlap_wm": 0.5226337089799401,
  "wm2max": 0.5401488702983993
}