{
  "bids_meta": {
    "AcquisitionMatrixPE": 256,
    "AcquisitionNumber": 1,
    "AcquisitionTime": "11:28:48.840000",
    "BaseResolution": 256,
    "CoilString": "T:HEA;HEP",
    "ConversionSoftware": "dcm2niix",
    "ConversionSoftwareVersion": "v1.0.20190902",
    "DeviceSerialNumber": "35370",
    "DwellTime": 1.15e-05,
    "EchoTime": 0.00252,
    "FlipAngle": 9,
    "ImageOrientationPatientDICOM": [
      0,
      0.999998,
      -0.00174528,
      0,
      -0.00174528,
      -0.999998
    ],
    "ImageType": [
      "ORIGINAL",
      "PRIMARY",
      "M",
      "ND",
      "NORM"
    ],
    "ImagingFrequency": 123.243,
    "InPlanePhaseEncodingDirectionDICOM": "ROW",
    "InstitutionAddress": "Habelschwerdter_Allee_45_Berlin_District_DE_14195",
    "InstitutionName": "Freie_Universitaet",
    "InstitutionalDepartmentName": "Department",
    "InversionTime": 0.9,
    "MRAcquisitionType": "3D",
    "MagneticFieldStrength": 3,
    "Manufacturer": "Siemens",
    "ManufacturersModelName": "TrioTim",
    "Modality": "MR",
    "ParallelReductionFactorInPlane": 2,
    "PartialFourier": 1,
    "PatientPosition": "HFS",
    "PercentPhaseFOV": 100,
    "PhaseEncodingSteps": 255,
    "PhaseResolution": 1,
    "PixelBandwidth": 170,
    "ProcedureStepDescription": "Projekte_fMRI_12ch_localizer",
    "ProtocolName": "t1_mpr_1x1x1_176",
    "PulseSequenceDetails": "%SiemensSeq%_tfl",
    "ReceiveCoilName": "HeadMatrix",
    "ReconMatrixPE": 256,
    "RefLinesPE": 24,
    "RepetitionTime": 1.9,
    "SAR": 0.120189,
    "ScanOptions": "IR",
    "ScanningSequence": "GR_IR",
    "SequenceName": "_tfl3d1_ns",
    "SequenceVariant": "SP_MP",
    "SeriesDescription": "t1_mpr_1x1x1_176",
    "SeriesNumber": 7,
    "ShimSetting": [
      -6814,
      -5707,
      -10910,
      -108,
      513,
      458,
      308,
      38
    ],
    "SliceThickness": 1,
    "SoftwareVersions": "syngo_MR_B17",
    "StationName": "MRC35370",
    "TxRefAmp": 318.704,
    "dataset": "ds002842",
    "modality": "T1w",
    "subject_id": "07"
  },
  "cjv": 0.4012514064739147,
  "cnr": 3.4198828294496906,
  "efc": 0.55876287624713,
  "fber": 16966.488624860143,
  "fwhm_avg": 3.9958066666666667,
  "fwhm_x": 4.02571,
  "fwhm_y": 3.87843,
  "fwhm_z": 4.08328,
  "icvs_csf": 0.20300433873839283,
  "icvs_gm": 0.4201005462832304,
  "icvs_wm": 0.3768951149783768,
  "inu_med": 0.4496556520462036,
  "inu_range": 0.14596409797668453,
  "provenance": {
    "md5sum": "32dd1baa03433c2ff3d227d3da5ebe5c",
    "settings": {
      "testing": false
    },
    "software": "mriqc",
    "version": "23.0.1",
    "warnings": {
      "large_rot_frame": true,
      "small_air_mask": false
    },
    "webapi_port": null,
    "webapi_url": "https://mriqc.nimh.nih.gov/api/v1"
  },
  "qi_1": 0.0,
  "qi_2": 0.005537122276696842,
  "rpve_csf": 26.058986764200792,
  "rpve_gm": 13.231594649775136,
  "rpve_wm": 17.18312527279354,
  "size_x": 176,
  "size_y": 256,
  "size_z": 256,
  "snr_csf": 2.540429957331343,
  "snr_gm": 12.539062250787639,
  "snr_total": 12.92210784934536,
  "snr_wm": 23.686831339917102,
  "snrd_csf": 22.7398252831259,
  "snrd_gm": 57.26358485434891,
  "snrd_total": 52.17613704617923,
  "snrd_wm": 76.52500100106286,
  "spacing_x": 1.0,
  "spacing_y": 1.0,
  "spacing_z": 1.0,
  "summary_bg_k": 9.254170774819665,
  "summary_bg_mad": 0.0,
  "summary_bg_mean": 5.201709264585566,
  "summary_bg_median": 0.0,
  "summary_bg_n": 2813791.0,
  "summary_bg_p05": 0.0,
  "summary_bg_p95": 23.076607950031757,
  "summary_bg_stdv": 8.561427630460157,
  "summary_csf_k": 0.6324816560479607,
  "summary_csf_mad": 87.81244503663424,
  "summary_csf_mean": 299.1750768069477,
  "summary_csf_median": 297.1676867455244,
  "summary_csf_n": 29644.0,
  "summary_csf_p05": 76.2860193360597,
  "summary_csf_p95": 500.4242361824959,
  "summary_csf_stdv": 116.97337829445765,
  "summary_gm_k": 0.02303427594647456,
  "summary_gm_mad": 59.49369113554666,
  "summary_gm_mean": 746.6590833277221,
  "summary_gm_median": 748.329718194902,
  "summary_gm_n": 24503.0,
  "summary_gm_p05": 645.3293485365808,
  "summary_gm_p95": 841.8658093884587,
  "summary_gm_stdv": 59.67866120346006,
  "summary_wm_k": 0.16443848510826786,
  "summary_wm_mad": 41.50581312112193,
  "summary_wm_mean": 1000.4579155775212,
  "summary_wm_median": 1000.040996029973,
  "summary_wm_n": 215979.0,
  "summary_wm_p05": 931.9588542804122,
  "summary_wm_p95": 1070.5824565663934,
  "summary_wm_stdv": 42.219183585236664,
  "tpm_overlap_csf": 0.16614280176549773,
  "tpm_overlap_gm": 0.46314124082107255,
  "tpm_overlap_wm": 0.5199229721352032,
  "wm2max": 0.45822287073584744
}