{
  "aor": 0.0008564953271028038,
  "aqi": 0.008963234112149533,
  "bids_meta": {
    "AcquisitionMatrixPE": 64,
    "AcquisitionNumber": 1,
    "AcquisitionTime": "15:56:27.375000",
    "BandwidthPerPixelPhaseEncode": 58.962,
    "BaseResolution": 64,
    "CoilString": "T:HEA;HEP",
    "ConversionSoftware": "dcm2niix",
    "ConversionSoftwareVersion": "v1.0.20190902",
    "DerivedVendorReportedEchoSpacing": 0.000530002,
    "DeviceSerialNumber": "35370",
    "DwellTime": 3.5e-06,
    "EchoTime": 0.03,
    "EffectiveEchoSpacing": 0.000265001,
    "FlipAngle": 70,
    "ImageOrientationPatientDICOM": [
      0.999995,
      0.00319986,
      0.000659961,
      -0.00314166,
      0.997204,
      -0.0746568
    ],
    "ImageType": [
      "ORIGINAL",
      "PRIMARY",
      "M",
      "ND",
      "MOSAIC"
    ],
    "ImagingFrequency": 123.243,
    "InPlanePhaseEncodingDirectionDICOM": "COL",
    "InstitutionAddress": "Habelschwerdter_Allee_45_Berlin_District_DE_14195",
    "InstitutionName": "D.I.N.E",
    "InstitutionalDepartmentName": "Department",
    "MRAcquisitionType": "2D",
    "MagneticFieldStrength": 3,
    "Manufacturer": "Siemens",
    "ManufacturersModelName": "TrioTim",
    "Modality": "MR",
    "ParallelReductionFactorInPlane": 2,
    "PartialFourier": 1,
    "PatientPosition": "HFS",
    "PercentPhaseFOV": 100,
    "PhaseEncodingDirection": "j-",
    "PhaseEncodingSteps": 63,
    "PhaseResolution": 1,
    "PixelBandwidth": 2232,
    "ProcedureStepDescription": "Projekte_fMRI_12ch_localizer",
    "ProtocolName": "NIN_EPI_3x3x3_TR2000_sentence_215",
    "PulseSequenceDetails": "%CustomerSeq%_nin_ep2d_bold_v5a",
    "ReceiveCoilName": "HeadMatrix",
    "ReconMatrixPE": 64,
    "RefLinesPE": 24,
    "RepetitionTime": 2,
    "SAR": 0.120409,
    "ScanOptions": "FS",
    "ScanningSequence": "EP",
    "SequenceName": "ninepbo2d1_64",
    "SequenceVariant": "SK",
    "SeriesDescription": "NIN_EPI_3x3x3_TR2000_sentence_215",
    "SeriesNumber": 4,
    "ShimSetting": [
      -6809,
      -5603,
      -10711,
      523,
      513,
      1343,
      464,
      96
    ],
    "SliceThickness": 3,
    "SliceTiming": [
      0,
      1.0325,
      0.055,
      1.085,
      0.11,
      1.14,
      0.1625,
      1.195,
      0.2175,
      1.25,
      0.2725,
      1.3025,
      0.325,
      1.3575,
      0.38,
      1.4125,
      0.435,
      1.465,
      0.49,
      1.52,
      0.5425,
      1.575,
      0.5975,
      1.6275,
      0.6525,
      1.6825,
      0.705,
      1.7375,
      0.76,
      1.7925,
      0.815,
      1.845,
      0.87,
      1.9,
      0.9225,
      1.955,
      0.9775
    ],
    "SoftwareVersions": "syngo_MR_B17",
    "SpacingBetweenSlices": 3.3,
    "StationName": "MRC35370",
    "TotalReadoutTime": 0.0166951,
    "TxRefAmp": 302.995,
    "dataset": "ds002842",
    "modality": "bold",
    "run_id": 1,
    "subject_id": "22",
    "task_id": "silentreading"
  },
  "dummy_trs": 1,
  "dvars_nstd": 33.42927349812207,
  "dvars_std": 1.0540057919718306,
  "dvars_vstd": 1.0133077922535205,
  "efc": 0.5824257731686927,
  "fber": 671.1478881835938,
  "fd_mean": 0.1599681575800298,
  "fd_num": 44,
  "fd_perc": 20.560747663551403,
  "fwhm_avg": 1.9731675853299906,
  "fwhm_x": 1.8661433333333333,
  "fwhm_y": 2.0659533333333333,
  "fwhm_z": 1.9874060893233052,
  "gcor": 0.0107374,
  "gsr_x": 0.0013497988693416119,
  "gsr_y": 0.04178670048713684,
  "provenance": {
    "md5sum": "6e59db0be8431d013563200c0d1aa6f8",
    "settings": {
      "fd_thres": 0.2,
      "testing": false
    },
    "software": "mriqc",
    "version": "23.0.1",
    "webapi_port": null,
    "webapi_url": "https://mriqc.nimh.nih.gov/api/v1"
  },
  "size_t": 214,
  "size_x": 64,
  "size_y": 64,
  "size_z": 37,
  "snr": 4.800820933667161,
  "spacing_tr": 2.0,
  "spacing_x": 3.0,
  "spacing_y": 3.0,
  "spacing_z": 3.299999952316284,
  "summary_bg_k": 30.890311375830642,
  "summary_bg_mad": 10.925529689658589,
  "summary_bg_mean": 58.027122497558594,
  "summary_bg_median": 32.21962356567383,
  "summary_bg_n": 81709.0,
  "summary_bg_p05": 22.796260833740234,
  "summary_bg_p95": 188.97475585937497,
  "summary_bg_stdv": 74.13182830810547,
  "summary_fg_k": 1.717084094261728,
  "summary_fg_mad": 149.94371377396584,
  "summary_fg_mean": 874.055419921875,
  "summary_fg_median": 847.2102661132812,
  "summary_fg_n": 35655.0,
  "summary_fg_p05": 643.9910888671875,
  "summary_fg_p95": 1218.049499511718,
  "summary_fg_stdv": 176.469482421875,
  "tsnr": 42.85854467772879
}