{
  "bids_meta": {
    "AcquisitionMatrixPE": 256,
    "AcquisitionNumber": 1,
    "AcquisitionTime": "16:07:15.272500",
    "BaseResolution": 256,
    "CoilString": "T:HEA;HEP",
    "ConversionSoftware": "dcm2niix",
    "ConversionSoftwareVersion": "v1.0.20190902",
    "DeviceSerialNumber": "35370",
    "DwellTime": 1.15e-05,
    "EchoTime": 0.00252,
    "FlipAngle": 9,
    "ImageOrientationPatientDICOM": [
      0,
      1,
      0,
      0,
      0,
      -1
    ],
    "ImageType": [
      "ORIGINAL",
      "PRIMARY",
      "M",
      "ND",
      "NORM"
    ],
    "ImagingFrequency": 123.243,
    "InPlanePhaseEncodingDirectionDICOM": "ROW",
    "InstitutionAddress": "Habelschwerdter_Allee_45_Berlin_District_DE_14195",
    "InstitutionName": "Freie_Universitaet",
    "InstitutionalDepartmentName": "Department",
    "InversionTime": 0.9,
    "MRAcquisitionType": "3D",
    "MagneticFieldStrength": 3,
    "Manufacturer": "Siemens",
    "ManufacturersModelName": "TrioTim",
    "Modality": "MR",
    "ParallelReductionFactorInPlane": 2,
    "PartialFourier": 1,
    "PatientPosition": "HFS",
    "PercentPhaseFOV": 100,
    "PhaseEncodingSteps": 255,
    "PhaseResolution": 1,
    "PixelBandwidth": 170,
    "ProcedureStepDescription": "Projekte_fMRI_12ch_localizer",
    "ProtocolName": "t1_mpr_1x1x1_176",
    "PulseSequenceDetails": "%SiemensSeq%_tfl",
    "ReceiveCoilName": "HeadMatrix",
    "ReconMatrixPE": 256,
    "RefLinesPE": 24,
    "RepetitionTime": 1.9,
    "SAR": 0.114364,
    "ScanOptions": "IR",
    "ScanningSequence": "GR_IR",
    "SequenceName": "_tfl3d1_ns",
    "SequenceVariant": "SP_MP",
    "SeriesDescription": "t1_mpr_1x1x1_176",
    "SeriesNumber": 6,
    "ShimSetting": [
      -6808,
      -5706,
      -10866,
      -105,
      535,
      547,
      725,
      112
    ],
    "SliceThickness": 1,
    "SoftwareVersions": "syngo_MR_B17",
    "StationName": "MRC35370",
    "TxRefAmp": 299.758,
    "dataset": "ds002842",
    "modality": "T1w",
    "subject_id": "09"
  },
  "cjv": 0.40014869565203093,
  "cnr": 3.4674997505285994,
  "efc": 0.5418422376785156,
  "fber": 28761.33340277778,
  "fwhm_avg": 4.362536666666666,
  "fwhm_x": 4.32732,
  "fwhm_y": 4.37455,
  "fwhm_z": 4.38574,
  "icvs_csf": 0.20900851681096203,
  "icvs_gm": 0.4344535697105242,
  "icvs_wm": 0.3565379134785138,
  "inu_med": 0.48386986553668976,
  "inu_range": 0.20363122373819348,
  "provenance": {
    "md5sum": "9fab1e509a87de78910c1d4115750cb0",
    "settings": {
      "testing": false
    },
    "software": "mriqc",
    "version": "23.0.1",
    "warnings": {
      "large_rot_frame": true,
      "small_air_mask": false
    },
    "webapi_port": null,
    "webapi_url": "https://mriqc.nimh.nih.gov/api/v1"
  },
  "qi_1": 0.0,
  "qi_2": 0.004608321579319701,
  "rpve_csf": 27.940765412907297,
  "rpve_gm": 13.786840827672375,
  "rpve_wm": 18.748196975698868,
  "size_x": 176,
  "size_y": 256,
  "size_z": 256,
  "snr_csf": 2.6568150314270778,
  "snr_gm": 14.238570018245232,
  "snr_total": 13.171271172174606,
  "snr_wm": 22.61842846685151,
  "snrd_csf": 25.672446396214035,
  "snrd_gm": 65.17588215144187,
  "snrd_total": 58.925060801503264,
  "snrd_wm": 85.92685385685388,
  "spacing_x": 1.0,
  "spacing_y": 1.0,
  "spacing_z": 1.0,
  "summary_bg_k": 9.682816653996714,
  "summary_bg_mad": 0.0,
  "summary_bg_mean": 4.551318484783789,
  "summary_bg_median": 0.0,
  "summary_bg_n": 2778332.0,
  "summary_bg_p05": 0.0,
  "summary_bg_p95": 19.603405009955168,
  "summary_bg_stdv": 7.6247479862051275,
  "summary_csf_k": 4.729844976206719,
  "summary_csf_mad": 92.04476782336707,
  "summary_csf_mean": 301.24329653673703,
  "summary_csf_median": 298.7865335531533,
  "summary_csf_n": 36777.0,
  "summary_csf_p05": 95.68411539494991,
  "summary_csf_p95": 495.1687791235745,
  "summary_csf_stdv": 112.45889075935212,
  "summary_gm_k": 0.0028359767438921324,
  "summary_gm_mad": 53.481985117783665,
  "summary_gm_mean": 756.2720810094163,
  "summary_gm_median": 758.5438332892954,
  "summary_gm_n": 25744.0,
  "summary_gm_p05": 665.1978504812345,
  "summary_gm_p95": 839.946711446531,
  "summary_gm_stdv": 53.27284268960841,
  "summary_wm_k": 0.2332926380296274,
  "summary_wm_mad": 43.15727756608798,
  "summary_wm_mean": 1001.2283225001449,
  "summary_wm_median": 1000.0522118844092,
  "summary_wm_n": 170097.0,
  "summary_wm_p05": 930.6916740871966,
  "summary_wm_p95": 1075.8891854397953,
  "summary_wm_stdv": 44.21391493635421,
  "tpm_overlap_csf": 0.1506701925724037,
  "tpm_overlap_gm": 0.4830451166425339,
  "tpm_overlap_wm": 0.5197421818642199,
  "wm2max": 0.5252848546921008
}