{
  "aor": 0.0005514883720930233,
  "aqi": 0.006940177069767443,
  "bids_meta": {
    "AcquisitionMatrixPE": 64,
    "AcquisitionNumber": 1,
    "AcquisitionTime": "15:22:30.085000",
    "BandwidthPerPixelPhaseEncode": 58.962,
    "BaseResolution": 64,
    "CoilString": "T:HEA;HEP",
    "ConversionSoftware": "dcm2niix",
    "ConversionSoftwareVersion": "v1.0.20190902",
    "DerivedVendorReportedEchoSpacing": 0.000530002,
    "DeviceSerialNumber": "35370",
    "DwellTime": 3.5e-06,
    "EchoTime": 0.03,
    "EffectiveEchoSpacing": 0.000265001,
    "FlipAngle": 70,
    "ImageOrientationPatientDICOM": [
      0.999617,
      -0.00493693,
      -0.0272412,
      -0.00314036,
      0.957401,
      -0.288745
    ],
    "ImageType": [
      "ORIGINAL",
      "PRIMARY",
      "M",
      "ND",
      "MOSAIC"
    ],
    "ImagingFrequency": 123.243,
    "InPlanePhaseEncodingDirectionDICOM": "COL",
    "InstitutionAddress": "Habelschwerdter_Allee_45_Berlin_District_DE_14195",
    "InstitutionName": "D.I.N.E",
    "InstitutionalDepartmentName": "Department",
    "MRAcquisitionType": "2D",
    "MagneticFieldStrength": 3,
    "Manufacturer": "Siemens",
    "ManufacturersModelName": "TrioTim",
    "Modality": "MR",
    "ParallelReductionFactorInPlane": 2,
    "PartialFourier": 1,
    "PatientPosition": "HFS",
    "PercentPhaseFOV": 100,
    "PhaseEncodingDirection": "j-",
    "PhaseEncodingSteps": 63,
    "PhaseResolution": 1,
    "PixelBandwidth": 2232,
    "ProcedureStepDescription": "Projekte_fMRI_12ch_localizer",
    "ProtocolName": "NIN_EPI_3x3x3_TR2000_sentence_215",
    "PulseSequenceDetails": "%CustomerSeq%_nin_ep2d_bold_v5a",
    "ReceiveCoilName": "HeadMatrix",
    "ReconMatrixPE": 64,
    "RefLinesPE": 24,
    "RepetitionTime": 2,
    "SAR": 0.102394,
    "ScanOptions": "FS",
    "ScanningSequence": "EP",
    "SequenceName": "ninepbo2d1_64",
    "SequenceVariant": "SK",
    "SeriesDescription": "NIN_EPI_3x3x3_TR2000_sentence_215",
    "SeriesNumber": 5,
    "ShimSetting": [
      -6812,
      -5467,
      -10832,
      152,
      556,
      1576,
      -165,
      114
    ],
    "SliceThickness": 3,
    "SliceTiming": [
      0,
      1.0325,
      0.055,
      1.0875,
      0.11,
      1.14,
      0.165,
      1.195,
      0.2175,
      1.25,
      0.2725,
      1.3025,
      0.3275,
      1.3575,
      0.38,
      1.4125,
      0.435,
      1.4675,
      0.49,
      1.52,
      0.5425,
      1.575,
      0.5975,
      1.63,
      0.6525,
      1.6825,
      0.7075,
      1.7375,
      0.76,
      1.7925,
      0.815,
      1.845,
      0.87,
      1.9,
      0.9225,
      1.955,
      0.9775
    ],
    "SoftwareVersions": "syngo_MR_B17",
    "SpacingBetweenSlices": 3.3,
    "StationName": "MRC35370",
    "TotalReadoutTime": 0.0166951,
    "TxRefAmp": 309.691,
    "dataset": "ds002842",
    "modality": "bold",
    "run_id": 2,
    "subject_id": "12",
    "task_id": "silentreading"
  },
  "dummy_trs": 0,
  "dvars_nstd": 29.954521482243,
  "dvars_std": 1.0314629656074767,
  "dvars_vstd": 1.007749125514019,
  "efc": 0.6161919282923906,
  "fber": 575.8291015625,
  "fd_mean": 0.0677559250579754,
  "fd_num": 5,
  "fd_perc": 2.3255813953488373,
  "fwhm_avg": 1.9226880899432415,
  "fwhm_x": 1.8388799999999998,
  "fwhm_y": 2.03256,
  "fwhm_z": 1.896624269829725,
  "gcor": 0.00852943,
  "gsr_x": 0.007428960409015417,
  "gsr_y": 0.050861015915870667,
  "provenance": {
    "md5sum": "63605e1cfeff89bd8536e1c51e7ac2a6",
    "settings": {
      "fd_thres": 0.2,
      "testing": false
    },
    "software": "mriqc",
    "version": "23.0.1",
    "webapi_port": null,
    "webapi_url": "https://mriqc.nimh.nih.gov/api/v1"
  },
  "size_t": 215,
  "size_x": 64,
  "size_y": 64,
  "size_z": 37,
  "snr": 5.125361477966537,
  "spacing_tr": 2.0,
  "spacing_x": 3.0,
  "spacing_y": 3.0,
  "spacing_z": 3.299999952316284,
  "summary_bg_k": 27.772859429861334,
  "summary_bg_mad": 12.019422771675575,
  "summary_bg_mean": 67.6250228881836,
  "summary_bg_median": 33.372093200683594,
  "summary_bg_n": 77136.0,
  "summary_bg_p05": 23.688371658325195,
  "summary_bg_p95": 239.44767379760742,
  "summary_bg_stdv": 84.69039154052734,
  "summary_fg_k": 1.318129769455771,
  "summary_fg_mad": 148.61883712106422,
  "summary_fg_mean": 839.3251342773438,
  "summary_fg_median": 822.269775390625,
  "summary_fg_n": 39173.0,
  "summary_fg_p05": 618.8074462890625,
  "summary_fg_p95": 1127.3841796875001,
  "summary_fg_stdv": 160.4295196533203,
  "tsnr": 46.49893201421946
}