{
  "aor": 0.00041167441860465127,
  "aqi": 0.014022314232558139,
  "bids_meta": {
    "AcquisitionMatrixPE": 64,
    "AcquisitionNumber": 1,
    "AcquisitionTime": "15:13:40.937500",
    "BandwidthPerPixelPhaseEncode": 58.962,
    "BaseResolution": 64,
    "CoilString": "T:HEA;HEP",
    "ConversionSoftware": "dcm2niix",
    "ConversionSoftwareVersion": "v1.0.20190902",
    "DerivedVendorReportedEchoSpacing": 0.000530002,
    "DeviceSerialNumber": "35370",
    "DwellTime": 3.5e-06,
    "EchoTime": 0.03,
    "EffectiveEchoSpacing": 0.000265001,
    "FlipAngle": 70,
    "ImageOrientationPatientDICOM": [
      0.999617,
      -0.00493693,
      -0.0272412,
      -0.00314036,
      0.957401,
      -0.288745
    ],
    "ImageType": [
      "ORIGINAL",
      "PRIMARY",
      "M",
      "ND",
      "MOSAIC"
    ],
    "ImagingFrequency": 123.243,
    "InPlanePhaseEncodingDirectionDICOM": "COL",
    "InstitutionAddress": "Habelschwerdter_Allee_45_Berlin_District_DE_14195",
    "InstitutionName": "D.I.N.E",
    "InstitutionalDepartmentName": "Department",
    "MRAcquisitionType": "2D",
    "MagneticFieldStrength": 3,
    "Manufacturer": "Siemens",
    "ManufacturersModelName": "TrioTim",
    "Modality": "MR",
    "ParallelReductionFactorInPlane": 2,
    "PartialFourier": 1,
    "PatientPosition": "HFS",
    "PercentPhaseFOV": 100,
    "PhaseEncodingDirection": "j-",
    "PhaseEncodingSteps": 63,
    "PhaseResolution": 1,
    "PixelBandwidth": 2232,
    "ProcedureStepDescription": "Projekte_fMRI_12ch_localizer",
    "ProtocolName": "NIN_EPI_3x3x3_TR2000_sentence_215",
    "PulseSequenceDetails": "%CustomerSeq%_nin_ep2d_bold_v5a",
    "ReceiveCoilName": "HeadMatrix",
    "ReconMatrixPE": 64,
    "RefLinesPE": 24,
    "RepetitionTime": 2,
    "SAR": 0.102394,
    "ScanOptions": "FS",
    "ScanningSequence": "EP",
    "SequenceName": "ninepbo2d1_64",
    "SequenceVariant": "SK",
    "SeriesDescription": "NIN_EPI_3x3x3_TR2000_sentence_215",
    "SeriesNumber": 4,
    "ShimSetting": [
      -6812,
      -5467,
      -10832,
      152,
      556,
      1576,
      -165,
      114
    ],
    "SliceThickness": 3,
    "SliceTiming": [
      0,
      1.03,
      0.0525,
      1.085,
      0.1075,
      1.14,
      0.1625,
      1.1925,
      0.2175,
      1.2475,
      0.27,
      1.3025,
      0.325,
      1.355,
      0.38,
      1.41,
      0.4325,
      1.465,
      0.4875,
      1.52,
      0.5425,
      1.5725,
      0.5975,
      1.6275,
      0.65,
      1.6825,
      0.705,
      1.735,
      0.76,
      1.79,
      0.8125,
      1.845,
      0.8675,
      1.8975,
      0.9225,
      1.9525,
      0.975
    ],
    "SoftwareVersions": "syngo_MR_B17",
    "SpacingBetweenSlices": 3.3,
    "StationName": "MRC35370",
    "TotalReadoutTime": 0.0166951,
    "TxRefAmp": 309.691,
    "dataset": "ds002842",
    "modality": "bold",
    "run_id": 1,
    "subject_id": "12",
    "task_id": "silentreading"
  },
  "dummy_trs": 0,
  "dvars_nstd": 30.26520028518693,
  "dvars_std": 0.9751071284579442,
  "dvars_vstd": 0.9660927836448591,
  "efc": 0.6132327251375488,
  "fber": 574.8980712890625,
  "fd_mean": 0.08346441707313468,
  "fd_num": 2,
  "fd_perc": 0.9302325581395349,
  "fwhm_avg": 1.9292519283648975,
  "fwhm_x": 1.83774,
  "fwhm_y": 2.04554,
  "fwhm_z": 1.9044757850946916,
  "gcor": 0.0047566,
  "gsr_x": 0.00845156516879797,
  "gsr_y": 0.05152621865272522,
  "provenance": {
    "md5sum": "c0084dd4a5f46771429b62cc220b1ad5",
    "settings": {
      "fd_thres": 0.2,
      "testing": false
    },
    "software": "mriqc",
    "version": "23.0.1",
    "webapi_port": null,
    "webapi_url": "https://mriqc.nimh.nih.gov/api/v1"
  },
  "size_t": 215,
  "size_x": 64,
  "size_y": 64,
  "size_z": 37,
  "snr": 5.1373983961922605,
  "spacing_tr": 2.0,
  "spacing_x": 3.0,
  "spacing_y": 3.0,
  "spacing_z": 3.299999952316284,
  "summary_bg_k": 20.98953645164975,
  "summary_bg_mad": 13.426171028409795,
  "summary_bg_mean": 64.7544937133789,
  "summary_bg_median": 33.283721923828125,
  "summary_bg_n": 77452.0,
  "summary_bg_p05": 21.93488311767578,
  "summary_bg_p95": 222.886513519287,
  "summary_bg_stdv": 77.46144104003906,
  "summary_fg_k": 1.3381591409036133,
  "summary_fg_mad": 146.96728847055482,
  "summary_fg_mean": 836.6768188476562,
  "summary_fg_median": 818.2953491210938,
  "summary_fg_n": 39114.0,
  "summary_fg_p05": 617.2272277832031,
  "summary_fg_p95": 1124.17861328125,
  "summary_fg_stdv": 159.28001403808594,
  "tsnr": 39.03885713510681
}