{
  "aor": 0.000802046511627907,
  "aqi": 0.007810009069767442,
  "bids_meta": {
    "AcquisitionMatrixPE": 64,
    "AcquisitionNumber": 1,
    "AcquisitionTime": "15:04:26.160000",
    "BandwidthPerPixelPhaseEncode": 58.962,
    "BaseResolution": 64,
    "CoilString": "T:HEA;HEP",
    "ConversionSoftware": "dcm2niix",
    "ConversionSoftwareVersion": "v1.0.20190902",
    "DerivedVendorReportedEchoSpacing": 0.000530002,
    "DeviceSerialNumber": "35370",
    "DwellTime": 3.5e-06,
    "EchoTime": 0.03,
    "EffectiveEchoSpacing": 0.000265001,
    "FlipAngle": 70,
    "ImageOrientationPatientDICOM": [
      0.999995,
      0.00325131,
      0.000321868,
      -0.00314166,
      0.983938,
      -0.178484
    ],
    "ImageType": [
      "ORIGINAL",
      "PRIMARY",
      "M",
      "ND",
      "MOSAIC"
    ],
    "ImagingFrequency": 123.243,
    "InPlanePhaseEncodingDirectionDICOM": "COL",
    "InstitutionAddress": "Habelschwerdter_Allee_45_Berlin_District_DE_14195",
    "InstitutionName": "D.I.N.E",
    "InstitutionalDepartmentName": "Department",
    "MRAcquisitionType": "2D",
    "MagneticFieldStrength": 3,
    "Manufacturer": "Siemens",
    "ManufacturersModelName": "TrioTim",
    "Modality": "MR",
    "ParallelReductionFactorInPlane": 2,
    "PartialFourier": 1,
    "PatientPosition": "HFS",
    "PercentPhaseFOV": 100,
    "PhaseEncodingDirection": "j-",
    "PhaseEncodingSteps": 63,
    "PhaseResolution": 1,
    "PixelBandwidth": 2232,
    "ProcedureStepDescription": "Projekte_fMRI_12ch_localizer",
    "ProtocolName": "NIN_EPI_3x3x3_TR2000_sentence_215",
    "PulseSequenceDetails": "%CustomerSeq%_nin_ep2d_bold_v5a",
    "ReceiveCoilName": "HeadMatrix",
    "ReconMatrixPE": 64,
    "RefLinesPE": 24,
    "RepetitionTime": 2,
    "SAR": 0.124083,
    "ScanOptions": "FS",
    "ScanningSequence": "EP",
    "SequenceName": "ninepbo2d1_64",
    "SequenceVariant": "SK",
    "SeriesDescription": "NIN_EPI_3x3x3_TR2000_sentence_215",
    "SeriesNumber": 4,
    "ShimSetting": [
      -6775,
      -5548,
      -10637,
      547,
      803,
      1565,
      159,
      36
    ],
    "SliceThickness": 3,
    "SliceTiming": [
      0,
      1.03,
      0.0525,
      1.085,
      0.1075,
      1.1375,
      0.1625,
      1.1925,
      0.215,
      1.2475,
      0.27,
      1.3025,
      0.325,
      1.355,
      0.38,
      1.41,
      0.4325,
      1.465,
      0.4875,
      1.5175,
      0.5425,
      1.5725,
      0.595,
      1.6275,
      0.65,
      1.68,
      0.705,
      1.735,
      0.7575,
      1.79,
      0.8125,
      1.845,
      0.8675,
      1.8975,
      0.9225,
      1.9525,
      0.975
    ],
    "SoftwareVersions": "syngo_MR_B17",
    "SpacingBetweenSlices": 3.3,
    "StationName": "MRC35370",
    "TotalReadoutTime": 0.0166951,
    "TxRefAmp": 293.468,
    "dataset": "ds002842",
    "modality": "bold",
    "run_id": 1,
    "subject_id": "05",
    "task_id": "silentreading"
  },
  "dummy_trs": 0,
  "dvars_nstd": 28.724949275233666,
  "dvars_std": 1.049448784158878,
  "dvars_vstd": 1.011045298551402,
  "efc": 0.5634678834387441,
  "fber": 844.83203125,
  "fd_mean": 0.14175100094695942,
  "fd_num": 19,
  "fd_perc": 8.837209302325581,
  "fwhm_avg": 1.9740874840765084,
  "fwhm_x": 1.8555933333333332,
  "fwhm_y": 2.129793333333333,
  "fwhm_z": 1.9368757855628589,
  "gcor": 0.0066003,
  "gsr_x": 0.00891996268182993,
  "gsr_y": 0.026725346222519875,
  "provenance": {
    "md5sum": "695e3f919b6d684b1116996e50f74ec5",
    "settings": {
      "fd_thres": 0.2,
      "testing": false
    },
    "software": "mriqc",
    "version": "23.0.1",
    "webapi_port": null,
    "webapi_url": "https://mriqc.nimh.nih.gov/api/v1"
  },
  "size_t": 215,
  "size_x": 64,
  "size_y": 64,
  "size_z": 37,
  "snr": 5.78628985805221,
  "spacing_tr": 2.0,
  "spacing_x": 3.0,
  "spacing_y": 3.0,
  "spacing_z": 3.299999952316284,
  "summary_bg_k": 26.50077153749706,
  "summary_bg_mad": 8.78527950450088,
  "summary_bg_mean": 54.78234100341797,
  "summary_bg_median": 28.809301376342773,
  "summary_bg_n": 85715.0,
  "summary_bg_p05": 21.14883804321289,
  "summary_bg_p95": 192.80510864257835,
  "summary_bg_stdv": 78.10095977783203,
  "summary_fg_k": 1.2113888074426962,
  "summary_fg_mad": 132.2550132940841,
  "summary_fg_mean": 854.9522094726562,
  "summary_fg_median": 842.6139526367188,
  "summary_fg_n": 32094.0,
  "summary_fg_p05": 648.9667297363281,
  "summary_fg_p95": 1116.4362487792969,
  "summary_fg_stdv": 145.62022399902344,
  "tsnr": 49.374561346834525
}