{
  "aor": 0.001070747663551402,
  "aqi": 0.008381572196261683,
  "bids_meta": {
    "AcquisitionMatrixPE": 64,
    "AcquisitionNumber": 1,
    "AcquisitionTime": "15:12:38.745000",
    "BandwidthPerPixelPhaseEncode": 58.962,
    "BaseResolution": 64,
    "CoilString": "T:HEA;HEP",
    "ConversionSoftware": "dcm2niix",
    "ConversionSoftwareVersion": "v1.0.20190902",
    "DerivedVendorReportedEchoSpacing": 0.000530002,
    "DeviceSerialNumber": "35370",
    "DwellTime": 3.5e-06,
    "EchoTime": 0.03,
    "EffectiveEchoSpacing": 0.000265001,
    "FlipAngle": 70,
    "ImageOrientationPatientDICOM": [
      0.999995,
      0.00325131,
      0.000321868,
      -0.00314166,
      0.983938,
      -0.178484
    ],
    "ImageType": [
      "ORIGINAL",
      "PRIMARY",
      "M",
      "ND",
      "MOSAIC"
    ],
    "ImagingFrequency": 123.243,
    "InPlanePhaseEncodingDirectionDICOM": "COL",
    "InstitutionAddress": "Habelschwerdter_Allee_45_Berlin_District_DE_14195",
    "InstitutionName": "D.I.N.E",
    "InstitutionalDepartmentName": "Department",
    "MRAcquisitionType": "2D",
    "MagneticFieldStrength": 3,
    "Manufacturer": "Siemens",
    "ManufacturersModelName": "TrioTim",
    "Modality": "MR",
    "ParallelReductionFactorInPlane": 2,
    "PartialFourier": 1,
    "PatientPosition": "HFS",
    "PercentPhaseFOV": 100,
    "PhaseEncodingDirection": "j-",
    "PhaseEncodingSteps": 63,
    "PhaseResolution": 1,
    "PixelBandwidth": 2232,
    "ProcedureStepDescription": "Projekte_fMRI_12ch_localizer",
    "ProtocolName": "NIN_EPI_3x3x3_TR2000_sentence_215",
    "PulseSequenceDetails": "%CustomerSeq%_nin_ep2d_bold_v5a",
    "ReceiveCoilName": "HeadMatrix",
    "ReconMatrixPE": 64,
    "RefLinesPE": 24,
    "RepetitionTime": 2,
    "SAR": 0.124083,
    "ScanOptions": "FS",
    "ScanningSequence": "EP",
    "SequenceName": "ninepbo2d1_64",
    "SequenceVariant": "SK",
    "SeriesDescription": "NIN_EPI_3x3x3_TR2000_sentence_215",
    "SeriesNumber": 5,
    "ShimSetting": [
      -6775,
      -5548,
      -10637,
      547,
      803,
      1565,
      159,
      36
    ],
    "SliceThickness": 3,
    "SliceTiming": [
      0,
      1.0325,
      0.055,
      1.085,
      0.11,
      1.14,
      0.1625,
      1.195,
      0.2175,
      1.25,
      0.2725,
      1.3025,
      0.3275,
      1.3575,
      0.38,
      1.4125,
      0.435,
      1.465,
      0.49,
      1.52,
      0.5425,
      1.575,
      0.5975,
      1.6275,
      0.6525,
      1.6825,
      0.705,
      1.7375,
      0.76,
      1.7925,
      0.815,
      1.845,
      0.87,
      1.9,
      0.9225,
      1.955,
      0.9775
    ],
    "SoftwareVersions": "syngo_MR_B17",
    "SpacingBetweenSlices": 3.3,
    "StationName": "MRC35370",
    "TotalReadoutTime": 0.0166951,
    "TxRefAmp": 293.468,
    "dataset": "ds002842",
    "modality": "bold",
    "run_id": 2,
    "subject_id": "05",
    "task_id": "silentreading"
  },
  "dummy_trs": 1,
  "dvars_nstd": 29.390345040422535,
  "dvars_std": 1.0694317153990607,
  "dvars_vstd": 1.0204091193896712,
  "efc": 0.5635100473652314,
  "fber": 856.9298095703125,
  "fd_mean": 0.1553457649405284,
  "fd_num": 26,
  "fd_perc": 12.149532710280374,
  "fwhm_avg": 1.978712635607292,
  "fwhm_x": 1.85659,
  "fwhm_y": 2.1394266666666666,
  "fwhm_z": 1.940121240155209,
  "gcor": 0.00768238,
  "gsr_x": 0.008521968498826027,
  "gsr_y": 0.02653472125530243,
  "provenance": {
    "md5sum": "89792f37be71fd6660c58687b751491a",
    "settings": {
      "fd_thres": 0.2,
      "testing": false
    },
    "software": "mriqc",
    "version": "23.0.1",
    "webapi_port": null,
    "webapi_url": "https://mriqc.nimh.nih.gov/api/v1"
  },
  "size_t": 214,
  "size_x": 64,
  "size_y": 64,
  "size_z": 37,
  "snr": 5.758422093519671,
  "spacing_tr": 2.0,
  "spacing_x": 3.0,
  "spacing_y": 3.0,
  "spacing_z": 3.299999952316284,
  "summary_bg_k": 27.134653855765727,
  "summary_bg_mad": 7.918758842563968,
  "summary_bg_mean": 54.837852478027344,
  "summary_bg_median": 28.457942962646484,
  "summary_bg_n": 85668.0,
  "summary_bg_p05": 21.546728134155273,
  "summary_bg_p95": 194.03480987548792,
  "summary_bg_stdv": 78.58663177490234,
  "summary_fg_k": 1.2760930272038298,
  "summary_fg_mad": 132.27030624909676,
  "summary_fg_mean": 855.0775146484375,
  "summary_fg_median": 843.0980834960938,
  "summary_fg_n": 32162.0,
  "summary_fg_p05": 649.8270874023438,
  "summary_fg_p95": 1116.9721252441404,
  "summary_fg_stdv": 146.40902709960938,
  "tsnr": 48.97743706929032
}