{
  "aor": 0.0003419626168224299,
  "aqi": 0.008077389205607476,
  "bids_meta": {
    "AcquisitionMatrixPE": 64,
    "AcquisitionNumber": 1,
    "AcquisitionTime": "16:12:0.075000",
    "BandwidthPerPixelPhaseEncode": 58.962,
    "BaseResolution": 64,
    "CoilString": "T:HEA;HEP",
    "ConversionSoftware": "dcm2niix",
    "ConversionSoftwareVersion": "v1.0.20190902",
    "DerivedVendorReportedEchoSpacing": 0.000530002,
    "DeviceSerialNumber": "35370",
    "DwellTime": 3.5e-06,
    "EchoTime": 0.03,
    "EffectiveEchoSpacing": 0.000265001,
    "FlipAngle": 70,
    "ImageOrientationPatientDICOM": [
      0.999995,
      0.00319631,
      0.000676707,
      -0.00314161,
      0.997582,
      -0.0694344
    ],
    "ImageType": [
      "ORIGINAL",
      "PRIMARY",
      "M",
      "ND",
      "MOSAIC"
    ],
    "ImagingFrequency": 123.243,
    "InPlanePhaseEncodingDirectionDICOM": "COL",
    "InstitutionAddress": "Habelschwerdter_Allee_45_Berlin_District_DE_14195",
    "InstitutionName": "Freie_Universitaet",
    "InstitutionalDepartmentName": "Department",
    "MRAcquisitionType": "2D",
    "MagneticFieldStrength": 3,
    "Manufacturer": "Siemens",
    "ManufacturersModelName": "TrioTim",
    "Modality": "MR",
    "ParallelReductionFactorInPlane": 2,
    "PartialFourier": 1,
    "PatientPosition": "HFS",
    "PercentPhaseFOV": 100,
    "PhaseEncodingDirection": "j-",
    "PhaseEncodingSteps": 63,
    "PhaseResolution": 1,
    "PixelBandwidth": 2232,
    "ProcedureStepDescription": "Projekte_fMRI_12ch_localizer",
    "ProtocolName": "NIN_EPI_3x3x3_TR2000_sentence_215",
    "PulseSequenceDetails": "%CustomerSeq%_nin_ep2d_bold_v5a",
    "ReceiveCoilName": "HeadMatrix",
    "ReconMatrixPE": 64,
    "RefLinesPE": 24,
    "RepetitionTime": 2,
    "SAR": 0.130008,
    "ScanOptions": "FS",
    "ScanningSequence": "EP",
    "SequenceName": "ninepbo2d1_64",
    "SequenceVariant": "SK",
    "SeriesDescription": "NIN_EPI_3x3x3_TR2000_sentence_215",
    "SeriesNumber": 5,
    "ShimSetting": [
      -6815,
      -5561,
      -10681,
      543,
      569,
      1582,
      146,
      80
    ],
    "SliceThickness": 3,
    "SliceTiming": [
      0,
      1.0325,
      0.055,
      1.085,
      0.11,
      1.14,
      0.1625,
      1.195,
      0.2175,
      1.25,
      0.2725,
      1.3025,
      0.3275,
      1.3575,
      0.38,
      1.4125,
      0.435,
      1.465,
      0.49,
      1.52,
      0.5425,
      1.575,
      0.5975,
      1.63,
      0.6525,
      1.6825,
      0.7075,
      1.7375,
      0.76,
      1.7925,
      0.815,
      1.845,
      0.87,
      1.9,
      0.9225,
      1.955,
      0.9775
    ],
    "SoftwareVersions": "syngo_MR_B17",
    "SpacingBetweenSlices": 3.3,
    "StationName": "MRC35370",
    "TotalReadoutTime": 0.0166951,
    "TxRefAmp": 301.1,
    "dataset": "ds002842",
    "modality": "bold",
    "run_id": 2,
    "subject_id": "03",
    "task_id": "silentreading"
  },
  "dummy_trs": 1,
  "dvars_nstd": 29.923278915492972,
  "dvars_std": 1.0813514869953054,
  "dvars_vstd": 0.9959668643661975,
  "efc": 0.5422818772892787,
  "fber": 952.0413208007812,
  "fd_mean": 0.04512899678614193,
  "fd_num": 0,
  "fd_perc": 0.0,
  "fwhm_avg": 1.9362440040935425,
  "fwhm_x": 1.8644366666666665,
  "fwhm_y": 2.0596166666666664,
  "fwhm_z": 1.8846786789472938,
  "gcor": 0.00578173,
  "gsr_x": -0.003346342360600829,
  "gsr_y": 0.026511216536164284,
  "provenance": {
    "md5sum": "1568435afb1957761d7118a724bf0f39",
    "settings": {
      "fd_thres": 0.2,
      "testing": false
    },
    "software": "mriqc",
    "version": "23.0.1",
    "webapi_port": null,
    "webapi_url": "https://mriqc.nimh.nih.gov/api/v1"
  },
  "size_t": 214,
  "size_x": 64,
  "size_y": 64,
  "size_z": 37,
  "snr": 5.415997241164567,
  "spacing_tr": 2.0,
  "spacing_x": 3.0,
  "spacing_y": 3.0,
  "spacing_z": 3.3000001907348633,
  "summary_bg_k": 25.02065608551318,
  "summary_bg_mad": 6.928047961453416,
  "summary_bg_mean": 44.21985626220703,
  "summary_bg_median": 27.51869010925293,
  "summary_bg_n": 87711.0,
  "summary_bg_p05": 21.364484786987305,
  "summary_bg_p95": 129.69391632080078,
  "summary_bg_stdv": 49.78477096557617,
  "summary_fg_k": 1.369012817145725,
  "summary_fg_mad": 140.54922436243044,
  "summary_fg_mean": 873.4383544921875,
  "summary_fg_median": 860.0747680664062,
  "summary_fg_n": 30769.0,
  "summary_fg_p05": 643.9298706054688,
  "summary_fg_p95": 1155.5196289062499,
  "summary_fg_stdv": 158.80007934570312,
  "tsnr": 50.265923123806715
}