{
  "aor": 0.00037925233644859816,
  "aqi": 0.007326623411214954,
  "bids_meta": {
    "AcquisitionMatrixPE": 64,
    "AcquisitionNumber": 1,
    "AcquisitionTime": "16:01:22.840000",
    "BandwidthPerPixelPhaseEncode": 58.962,
    "BaseResolution": 64,
    "CoilString": "T:HEA;HEP",
    "ConversionSoftware": "dcm2niix",
    "ConversionSoftwareVersion": "v1.0.20190902",
    "DerivedVendorReportedEchoSpacing": 0.000530002,
    "DeviceSerialNumber": "35370",
    "DwellTime": 3.5e-06,
    "EchoTime": 0.03,
    "EffectiveEchoSpacing": 0.000265001,
    "FlipAngle": 70,
    "ImageOrientationPatientDICOM": [
      0.999995,
      0.00319631,
      0.000676707,
      -0.00314161,
      0.997582,
      -0.0694344
    ],
    "ImageType": [
      "ORIGINAL",
      "PRIMARY",
      "M",
      "ND",
      "MOSAIC"
    ],
    "ImagingFrequency": 123.243,
    "InPlanePhaseEncodingDirectionDICOM": "COL",
    "InstitutionAddress": "Habelschwerdter_Allee_45_Berlin_District_DE_14195",
    "InstitutionName": "Freie_Universitaet",
    "InstitutionalDepartmentName": "Department",
    "MRAcquisitionType": "2D",
    "MagneticFieldStrength": 3,
    "Manufacturer": "Siemens",
    "ManufacturersModelName": "TrioTim",
    "Modality": "MR",
    "ParallelReductionFactorInPlane": 2,
    "PartialFourier": 1,
    "PatientPosition": "HFS",
    "PercentPhaseFOV": 100,
    "PhaseEncodingDirection": "j-",
    "PhaseEncodingSteps": 63,
    "PhaseResolution": 1,
    "PixelBandwidth": 2232,
    "ProcedureStepDescription": "Projekte_fMRI_12ch_localizer",
    "ProtocolName": "NIN_EPI_3x3x3_TR2000_sentence_215",
    "PulseSequenceDetails": "%CustomerSeq%_nin_ep2d_bold_v5a",
    "ReceiveCoilName": "HeadMatrix",
    "ReconMatrixPE": 64,
    "RefLinesPE": 24,
    "RepetitionTime": 2,
    "SAR": 0.130008,
    "ScanOptions": "FS",
    "ScanningSequence": "EP",
    "SequenceName": "ninepbo2d1_64",
    "SequenceVariant": "SK",
    "SeriesDescription": "NIN_EPI_3x3x3_TR2000_sentence_215",
    "SeriesNumber": 4,
    "ShimSetting": [
      -6815,
      -5561,
      -10681,
      543,
      569,
      1582,
      146,
      80
    ],
    "SliceThickness": 3,
    "SliceTiming": [
      0,
      1.03,
      0.055,
      1.085,
      0.1075,
      1.14,
      0.1625,
      1.195,
      0.2175,
      1.2475,
      0.2725,
      1.3025,
      0.325,
      1.3575,
      0.38,
      1.41,
      0.435,
      1.465,
      0.4875,
      1.52,
      0.5425,
      1.575,
      0.5975,
      1.6275,
      0.65,
      1.6825,
      0.705,
      1.7375,
      0.76,
      1.79,
      0.815,
      1.845,
      0.8675,
      1.9,
      0.9225,
      1.9525,
      0.9775
    ],
    "SoftwareVersions": "syngo_MR_B17",
    "SpacingBetweenSlices": 3.3,
    "StationName": "MRC35370",
    "TotalReadoutTime": 0.0166951,
    "TxRefAmp": 301.1,
    "dataset": "ds002842",
    "modality": "bold",
    "run_id": 1,
    "subject_id": "03",
    "task_id": "silentreading"
  },
  "dummy_trs": 1,
  "dvars_nstd": 29.768092159859137,
  "dvars_std": 1.086992494694836,
  "dvars_vstd": 1.0012963086384976,
  "efc": 0.542488280749863,
  "fber": 944.7513427734375,
  "fd_mean": 0.05020956462505024,
  "fd_num": 2,
  "fd_perc": 0.9345794392523364,
  "fwhm_avg": 1.9166448123372952,
  "fwhm_x": 1.8282066666666665,
  "fwhm_y": 2.045506666666667,
  "fwhm_z": 1.8762211036785528,
  "gcor": 0.00856764,
  "gsr_x": -0.002419037278741598,
  "gsr_y": 0.025054674595594406,
  "provenance": {
    "md5sum": "0ee25265880ce13e40ad8f850b3cb27d",
    "settings": {
      "fd_thres": 0.2,
      "testing": false
    },
    "software": "mriqc",
    "version": "23.0.1",
    "webapi_port": null,
    "webapi_url": "https://mriqc.nimh.nih.gov/api/v1"
  },
  "size_t": 214,
  "size_x": 64,
  "size_y": 64,
  "size_z": 37,
  "snr": 5.435596214454604,
  "spacing_tr": 2.0,
  "spacing_x": 3.0,
  "spacing_y": 3.0,
  "spacing_z": 3.3000001907348633,
  "summary_bg_k": 27.36536350048171,
  "summary_bg_mad": 7.205167730753673,
  "summary_bg_mean": 44.562374114990234,
  "summary_bg_median": 27.761680603027344,
  "summary_bg_n": 87692.0,
  "summary_bg_p05": 21.443923950195312,
  "summary_bg_p95": 129.01051254272454,
  "summary_bg_stdv": 51.25340270996094,
  "summary_fg_k": 1.348622393811187,
  "summary_fg_mad": 140.72251435562126,
  "summary_fg_mean": 874.340087890625,
  "summary_fg_median": 861.516357421875,
  "summary_fg_n": 30762.0,
  "summary_fg_p05": 642.7623596191406,
  "summary_fg_p95": 1152.5083435058593,
  "summary_fg_stdv": 158.49270629882812,
  "tsnr": 50.968219104688615
}